STORAGE: NONE
STRATEGY: MIN
RESTRICTION: || (== net472) (== net8.0) (== netstandard2.0)
NUGET
  remote: https://baget.stdunit.com/v3/index.json
    AsZero.Core (0.2.0)
      MediatR (>= 9.0)
      Microsoft.Extensions.Hosting (>= 3.1)
      Newtonsoft.Json (>= 12.0.3)
      NPOI (>= 2.5.1)
    AsZero.Traces.Core (0.8.0)
      Itminus.FSharpExtensions (>= 0.1.7) - restriction: || (&& (== net472) (>= net6.0)) (== net8.0) (&& (== netstandard2.0) (>= net6.0))
      Microsoft.EntityFrameworkCore.Relational (>= 6.0.7) - restriction: || (&& (== net472) (>= net6.0)) (== net8.0) (&& (== netstandard2.0) (>= net6.0))
      Newtonsoft.Json (>= 13.0.3) - restriction: || (&& (== net472) (>= net6.0)) (== net8.0) (&& (== netstandard2.0) (>= net6.0))
      StdUnit.One (>= 0.5.3) - restriction: || (&& (== net472) (>= net6.0)) (== net8.0) (&& (== netstandard2.0) (>= net6.0))
      StdUnit.One.Shared (>= 0.5.3) - restriction: || (&& (== net472) (>= net6.0)) (== net8.0) (&& (== netstandard2.0) (>= net6.0))
      StdUnit.Outbox.Core (>= 0.3) - restriction: || (&& (== net472) (>= net6.0)) (== net8.0) (&& (== netstandard2.0) (>= net6.0))
    AsZero.Traces.DAL (0.8.0)
      AsZero.Traces.Shared (>= 0.8) - restriction: || (&& (== net472) (>= net6.0)) (== net8.0) (&& (== netstandard2.0) (>= net6.0))
      Itminus.FSharpExtensions (>= 0.1.7) - restriction: || (&& (== net472) (>= net6.0)) (== net8.0) (&& (== netstandard2.0) (>= net6.0))
      Microsoft.EntityFrameworkCore.Relational (>= 6.0.7) - restriction: || (&& (== net472) (>= net6.0)) (== net8.0) (&& (== netstandard2.0) (>= net6.0))
      Newtonsoft.Json (>= 13.0.3) - restriction: || (&& (== net472) (>= net6.0)) (== net8.0) (&& (== netstandard2.0) (>= net6.0))
      StdUnit.One (>= 0.5.3) - restriction: || (&& (== net472) (>= net6.0)) (== net8.0) (&& (== netstandard2.0) (>= net6.0))
      StdUnit.One.DAL (>= 0.5.3) - restriction: || (&& (== net472) (>= net6.0)) (== net8.0) (&& (== netstandard2.0) (>= net6.0))
      StdUnit.One.Shared (>= 0.5.3) - restriction: || (&& (== net472) (>= net6.0)) (== net8.0) (&& (== netstandard2.0) (>= net6.0))
    AsZero.Traces.Shared (0.8.0)
      AsZero.Traces.Core (>= 0.8) - restriction: || (&& (== net472) (>= net6.0)) (== net8.0) (&& (== netstandard2.0) (>= net6.0))
      StdUnit.One.Shared (>= 0.5.3) - restriction: || (&& (== net472) (>= net6.0)) (== net8.0) (&& (== netstandard2.0) (>= net6.0))
    AsZero.Traces.WebApi (0.8.0)
      AsZero.Traces.Core (>= 0.8) - restriction: || (&& (== net472) (>= net6.0)) (== net8.0) (&& (== netstandard2.0) (>= net6.0))
      AsZero.Traces.DAL (>= 0.8) - restriction: || (&& (== net472) (>= net6.0)) (== net8.0) (&& (== netstandard2.0) (>= net6.0))
      AsZero.Traces.Shared (>= 0.8) - restriction: || (&& (== net472) (>= net6.0)) (== net8.0) (&& (== netstandard2.0) (>= net6.0))
      Microsoft.AspNetCore.Mvc.NewtonsoftJson (>= 6.0) - restriction: || (&& (== net472) (>= net6.0)) (== net8.0) (&& (== netstandard2.0) (>= net6.0))
      Microsoft.AspNetCore.SignalR.Protocols.NewtonsoftJson (>= 6.0) - restriction: || (&& (== net472) (>= net6.0)) (== net8.0) (&& (== netstandard2.0) (>= net6.0))
      StdUnit.One (>= 0.5.3) - restriction: || (&& (== net472) (>= net6.0)) (== net8.0) (&& (== netstandard2.0) (>= net6.0))
      StdUnit.One.DAL (>= 0.5.3) - restriction: || (&& (== net472) (>= net6.0)) (== net8.0) (&& (== netstandard2.0) (>= net6.0))
      StdUnit.One.Shared (>= 0.5.3) - restriction: || (&& (== net472) (>= net6.0)) (== net8.0) (&& (== netstandard2.0) (>= net6.0))
      StdUnit.One.WebApi (>= 0.5.3) - restriction: || (&& (== net472) (>= net6.0)) (== net8.0) (&& (== netstandard2.0) (>= net6.0))
      System.ServiceModel.Http (>= 6.0) - restriction: || (&& (== net472) (>= net6.0)) (== net8.0) (&& (== netstandard2.0) (>= net6.0))
    AsZero.Wpf.Common (0.2.0)
    Catl.HostComputer.Commons.Wpf (0.2.0)
    Catl.HostComputer.CommonServices (0.2.0)
      AsZero.Core (>= 0.2)
      MediatR.Extensions.Microsoft.DependencyInjection (>= 9.0)
      Microsoft.AspNetCore.DataProtection.Abstractions (>= 3.1)
      Open-XML-SDK (>= 2.9.1)
    FutureTech.Protocols (0.5.2)
    Itminus.FSharpExtensions (0.1.7)
      FSharp.Core (>= 4.7)
    Itminus.FunFlows (0.12.4)
      FSharp.Core (>= 4.7)
      Itminus.FSharpExtensions (>= 0.1.7)
      Itminus.FunFlows.Abstractions (>= 0.12.4)
      MediatR (>= 9.0)
      Microsoft.CodeAnalysis.CSharp.Scripting (>= 4.5)
      Microsoft.CSharp (>= 4.7)
      Microsoft.Extensions.DependencyInjection (>= 6.0)
      Microsoft.Extensions.Logging (>= 6.0)
      Newtonsoft.Json (>= 12.0.1)
      System.ComponentModel.Annotations (>= 5.0)
      System.Linq.Expressions (>= 4.3)
    Itminus.FunFlows.Abstractions (0.12.4)
      FSharp.Core (>= 4.7)
      Newtonsoft.Json (>= 12.0.1)
    Itminus.FunFlows.Storages.EFCoreStore (0.12.4)
      Itminus.FunFlows (>= 0.12.4) - restriction: || (&& (== net472) (>= net6.0)) (== net8.0) (&& (== netstandard2.0) (>= net6.0))
      Microsoft.EntityFrameworkCore (>= 6.0) - restriction: || (&& (== net472) (>= net6.0)) (== net8.0) (&& (== netstandard2.0) (>= net6.0))
      Microsoft.EntityFrameworkCore.Relational (>= 6.0) - restriction: || (&& (== net472) (>= net6.0)) (== net8.0) (&& (== netstandard2.0) (>= net6.0))
      StdUnit.Zero.DAL (>= 0.4.1) - restriction: || (&& (== net472) (>= net6.0)) (== net8.0) (&& (== netstandard2.0) (>= net6.0))
      System.Collections.Immutable (>= 6.0) - restriction: || (&& (== net472) (>= net6.0)) (== net8.0) (&& (== netstandard2.0) (>= net6.0))
    Itminus.IOBox.Hjzk (1.0.5)
      FSharp.Core (>= 6.0.6) - restriction: || (&& (== net472) (>= net6.0)) (== net8.0) (&& (== netstandard2.0) (>= net6.0))
      MediatR.Extensions.Microsoft.DependencyInjection (>= 9.0) - restriction: || (&& (== net472) (>= net6.0)) (== net8.0) (&& (== netstandard2.0) (>= net6.0))
      Microsoft.Extensions.DependencyInjection (>= 6.0.1) - restriction: || (&& (== net472) (>= net6.0)) (== net8.0) (&& (== netstandard2.0) (>= net6.0))
      Microsoft.Extensions.Logging (>= 6.0) - restriction: || (&& (== net472) (>= net6.0)) (== net8.0) (&& (== netstandard2.0) (>= net6.0))
      Microsoft.Extensions.Options (>= 6.0) - restriction: || (&& (== net472) (>= net6.0)) (== net8.0) (&& (== netstandard2.0) (>= net6.0))
      NModbus (>= 3.0.72) - restriction: || (&& (== net472) (>= net6.0)) (== net8.0) (&& (== netstandard2.0) (>= net6.0))
      StdUnit.One.Shared (>= 0.2.22) - restriction: || (&& (== net472) (>= net6.0)) (== net8.0) (&& (== netstandard2.0) (>= net6.0))
    Itminus.ZLanLibs (0.1.0)
      FSharp.Core (>= 6.0.6) - restriction: || (&& (== net472) (>= net6.0)) (== net8.0) (&& (== netstandard2.0) (>= net6.0))
      MediatR.Extensions.Microsoft.DependencyInjection (>= 9.0) - restriction: || (&& (== net472) (>= net6.0)) (== net8.0) (&& (== netstandard2.0) (>= net6.0))
      Microsoft.Extensions.DependencyInjection (>= 6.0.1) - restriction: || (&& (== net472) (>= net6.0)) (== net8.0) (&& (== netstandard2.0) (>= net6.0))
      Microsoft.Extensions.Logging (>= 6.0) - restriction: || (&& (== net472) (>= net6.0)) (== net8.0) (&& (== netstandard2.0) (>= net6.0))
      Microsoft.Extensions.Options (>= 6.0) - restriction: || (&& (== net472) (>= net6.0)) (== net8.0) (&& (== netstandard2.0) (>= net6.0))
      NModbus (>= 3.0.72) - restriction: || (&& (== net472) (>= net6.0)) (== net8.0) (&& (== netstandard2.0) (>= net6.0))
    StdUnit.One (0.5.3) - restriction: || (&& (== net472) (>= net6.0)) (== net8.0) (&& (== netstandard2.0) (>= net6.0))
      MediatR (>= 9.0)
      Microsoft.AspNetCore.DataProtection.Extensions (>= 6.0)
      Microsoft.Extensions.Hosting (>= 6.0)
      Newtonsoft.Json (>= 13.0.3)
      StdUnit.One.Shared (>= 0.5.3)
      StdUnit.Zero (>= 0.4.2)
    StdUnit.One.DAL (0.5.3) - restriction: || (&& (== net472) (>= net6.0)) (== net8.0) (&& (== netstandard2.0) (>= net6.0))
      Microsoft.EntityFrameworkCore.Relational (>= 6.0) - restriction: || (&& (== net472) (>= net6.0)) (== net8.0) (&& (== netstandard2.0) (>= net6.0))
      Newtonsoft.Json (>= 13.0.3) - restriction: || (&& (== net472) (>= net6.0)) (== net8.0) (&& (== netstandard2.0) (>= net6.0))
      StdUnit.One (>= 0.5.3) - restriction: || (&& (== net472) (>= net6.0)) (== net8.0) (&& (== netstandard2.0) (>= net6.0))
      StdUnit.One.Shared (>= 0.5.3) - restriction: || (&& (== net472) (>= net6.0)) (== net8.0) (&& (== netstandard2.0) (>= net6.0))
      StdUnit.Zero.DAL (>= 0.4.2) - restriction: || (&& (== net472) (>= net6.0)) (== net8.0) (&& (== netstandard2.0) (>= net6.0))
    StdUnit.One.Shared (0.5.3) - restriction: || (&& (== net472) (>= net6.0)) (== net8.0) (&& (== netstandard2.0) (>= net6.0))
      MediatR (>= 9.0)
      Microsoft.Extensions.Logging (>= 6.0)
      StdUnit.Zero.Shared (>= 0.4.2)
      System.ComponentModel (>= 4.3)
      System.ComponentModel.Annotations (>= 5.0)
    StdUnit.One.WebApi (0.5.3) - restriction: || (&& (== net472) (>= net6.0)) (== net8.0) (&& (== netstandard2.0) (>= net6.0))
      StdUnit.One (>= 0.5.3) - restriction: || (&& (== net472) (>= net6.0)) (== net8.0) (&& (== netstandard2.0) (>= net6.0))
      StdUnit.One.DAL (>= 0.5.3) - restriction: || (&& (== net472) (>= net6.0)) (== net8.0) (&& (== netstandard2.0) (>= net6.0))
      StdUnit.One.Shared (>= 0.5.3) - restriction: || (&& (== net472) (>= net6.0)) (== net8.0) (&& (== netstandard2.0) (>= net6.0))
    StdUnit.Outbox.Core (0.3.0)
      MediatR (>= 9.0) - restriction: || (&& (== net472) (>= net6.0)) (== net8.0) (&& (== netstandard2.0) (>= net6.0))
      Microsoft.AspNetCore.DataProtection.Extensions (>= 6.0) - restriction: || (&& (== net472) (>= net6.0)) (== net8.0) (&& (== netstandard2.0) (>= net6.0))
      Microsoft.Extensions.Hosting (>= 6.0) - restriction: || (&& (== net472) (>= net6.0)) (== net8.0) (&& (== netstandard2.0) (>= net6.0))
      Newtonsoft.Json (>= 13.0.3) - restriction: || (&& (== net472) (>= net6.0)) (== net8.0) (&& (== netstandard2.0) (>= net6.0))
      StdUnit.Zero (>= 0.4.2) - restriction: || (&& (== net472) (>= net6.0)) (== net8.0) (&& (== netstandard2.0) (>= net6.0))
    StdUnit.Outbox.DAL (0.3.0)
      Microsoft.EntityFrameworkCore.Relational (>= 6.0) - restriction: || (&& (== net472) (>= net6.0)) (== net8.0) (&& (== netstandard2.0) (>= net6.0))
      Newtonsoft.Json (>= 13.0.3) - restriction: || (&& (== net472) (>= net6.0)) (== net8.0) (&& (== netstandard2.0) (>= net6.0))
      StdUnit.Outbox.Core (>= 0.3) - restriction: || (&& (== net472) (>= net6.0)) (== net8.0) (&& (== netstandard2.0) (>= net6.0))
      StdUnit.Zero.DAL (>= 0.4.2) - restriction: || (&& (== net472) (>= net6.0)) (== net8.0) (&& (== netstandard2.0) (>= net6.0))
    StdUnit.Outbox.WebApi (0.3.0)
      StdUnit.One.WebApi (>= 0.5.3) - restriction: || (&& (== net472) (>= net6.0)) (== net8.0) (&& (== netstandard2.0) (>= net6.0))
      StdUnit.Outbox.Core (>= 0.3) - restriction: || (&& (== net472) (>= net6.0)) (== net8.0) (&& (== netstandard2.0) (>= net6.0))
      StdUnit.Outbox.DAL (>= 0.3) - restriction: || (&& (== net472) (>= net6.0)) (== net8.0) (&& (== netstandard2.0) (>= net6.0))
    StdUnit.Sharp7 (0.6.4)
    StdUnit.Sharp7.Options (0.6.4)
      FSharp.Core (>= 4.7.2)
      FutureTech.Protocols (>= 0.5)
      Itminus.Middleware (>= 0.5)
      Microsoft.Extensions.Logging (>= 2.1)
      Microsoft.Extensions.Options.ConfigurationExtensions (>= 2.1)
      StdUnit.Sharp7 (>= 0.6.4)
    StdUnit.Zero (0.4.2) - restriction: || (&& (== net472) (>= net6.0)) (== net8.0) (&& (== netstandard2.0) (>= net6.0))
      FSharp.Core (>= 4.7)
      Itminus.FSharpExtensions (>= 0.1.7)
      Microsoft.Extensions.DependencyInjection (>= 6.0)
      Microsoft.Extensions.DependencyInjection.Abstractions (>= 6.0)
      Microsoft.Extensions.Localization (>= 6.0)
      StdUnit.Zero.Shared (>= 0.4.2)
    StdUnit.Zero.DAL (0.4.2) - restriction: || (&& (== net472) (>= net6.0)) (== net8.0) (&& (== netstandard2.0) (>= net6.0))
      Itminus.FSharpExtensions (>= 0.1.7) - restriction: || (&& (== net472) (>= net6.0)) (== net8.0) (&& (== netstandard2.0) (>= net6.0))
      Microsoft.EntityFrameworkCore.Relational (>= 6.0) - restriction: || (&& (== net472) (>= net6.0)) (== net8.0) (&& (== netstandard2.0) (>= net6.0))
      Microsoft.Extensions.Localization (>= 6.0) - restriction: || (&& (== net472) (>= net6.0)) (== net8.0) (&& (== netstandard2.0) (>= net6.0))
      StdUnit.Zero (>= 0.4.2) - restriction: || (&& (== net472) (>= net6.0)) (== net8.0) (&& (== netstandard2.0) (>= net6.0))
      StdUnit.Zero.Shared (>= 0.4.2) - restriction: || (&& (== net472) (>= net6.0)) (== net8.0) (&& (== netstandard2.0) (>= net6.0))
    StdUnit.Zero.Shared (0.4.2) - restriction: || (&& (== net472) (>= net6.0)) (== net8.0) (&& (== netstandard2.0) (>= net6.0))
      FSharp.Core (>= 4.7)
      Itminus.FSharpExtensions (>= 0.1.7)
  remote: https://api.nuget.org/v3/index.json
    Azure.Core (1.25) - restriction: || (&& (== net472) (>= net8.0)) (== net8.0) (&& (== netstandard2.0) (>= net8.0))
      Microsoft.Bcl.AsyncInterfaces (>= 1.1.1)
      System.Diagnostics.DiagnosticSource (>= 4.6)
      System.Memory.Data (>= 1.0.2)
      System.Numerics.Vectors (>= 4.5)
      System.Text.Encodings.Web (>= 4.7.2)
      System.Text.Json (>= 4.7.2)
      System.Threading.Tasks.Extensions (>= 4.5.4)
    Azure.Identity (1.7) - restriction: || (&& (== net472) (>= net8.0)) (== net8.0) (&& (== netstandard2.0) (>= net8.0))
      Azure.Core (>= 1.25)
      Microsoft.Identity.Client (>= 4.39)
      Microsoft.Identity.Client.Extensions.Msal (>= 2.19.3)
      System.Memory (>= 4.5.4)
      System.Security.Cryptography.ProtectedData (>= 4.7)
      System.Text.Json (>= 4.7.2)
      System.Threading.Tasks.Extensions (>= 4.5.4)
    ControlzEx (4.3) - restriction: || (== net472) (== net8.0) (&& (== netstandard2.0) (>= net452)) (&& (== netstandard2.0) (>= netcoreapp3.0))
      Microsoft.Xaml.Behaviors.Wpf (>= 1.1.19) - restriction: || (== net472) (== net8.0) (&& (== netstandard2.0) (>= net45)) (&& (== netstandard2.0) (>= netcoreapp3.0))
      System.Text.Json (>= 4.7.2) - restriction: || (&& (== net472) (>= netcoreapp3.0)) (== net8.0) (&& (== netstandard2.0) (>= netcoreapp3.0))
    DynamicData (9.0.4)
      System.Reactive (>= 6.0.1)
    Fody (6.8)
    FSharp.Core (9.0.101)
    Itminus.Middleware (0.5)
      Microsoft.Extensions.DependencyInjection (>= 2.1)
    MahApps.Metro (2.0)
      ControlzEx (>= 4.3) - restriction: || (== net472) (== net8.0) (&& (== netstandard2.0) (>= net452)) (&& (== netstandard2.0) (>= netcoreapp3.0))
    MaterialDesignColors (2.1.4)
    MaterialDesignThemes (4.9)
      MaterialDesignColors (>= 2.1.4) - restriction: || (== net472) (== net8.0) (&& (== netstandard2.0) (>= net462)) (&& (== netstandard2.0) (>= netcoreapp3.1))
      Microsoft.Xaml.Behaviors.Wpf (>= 1.1.39) - restriction: || (== net472) (== net8.0) (&& (== netstandard2.0) (>= net462)) (&& (== netstandard2.0) (>= netcoreapp3.1))
    MaterialDesignThemes.MahApps (0.3)
      MahApps.Metro (>= 2.0) - restriction: || (== net472) (== net8.0) (&& (== netstandard2.0) (>= net462)) (&& (== netstandard2.0) (>= netcoreapp3.1))
      MaterialDesignColors (>= 2.1.4) - restriction: || (== net472) (== net8.0) (&& (== netstandard2.0) (>= net462)) (&& (== netstandard2.0) (>= netcoreapp3.1))
      MaterialDesignThemes (>= 4.9) - restriction: || (== net472) (== net8.0) (&& (== netstandard2.0) (>= net462)) (&& (== netstandard2.0) (>= netcoreapp3.1))
    MediatR (9.0)
    MediatR.Extensions.Microsoft.DependencyInjection (9.0)
      MediatR (>= 9.0)
      Microsoft.Extensions.DependencyInjection.Abstractions (>= 2.0)
    Microsoft.AspNetCore.Authentication.Abstractions (2.1) - restriction: || (== net472) (&& (== net8.0) (< netcoreapp3.0)) (== netstandard2.0)
      Microsoft.AspNetCore.Http.Abstractions (>= 2.1)
      Microsoft.Extensions.Logging.Abstractions (>= 2.1)
      Microsoft.Extensions.Options (>= 2.1)
    Microsoft.AspNetCore.Authentication.Core (2.1) - restriction: || (== net472) (&& (== net8.0) (< netcoreapp3.0)) (== netstandard2.0)
      Microsoft.AspNetCore.Authentication.Abstractions (>= 2.1)
      Microsoft.AspNetCore.Http (>= 2.1)
      Microsoft.AspNetCore.Http.Extensions (>= 2.1)
    Microsoft.AspNetCore.Authorization (2.1) - restriction: || (== net472) (&& (== net8.0) (< netcoreapp3.0)) (== netstandard2.0)
      Microsoft.Extensions.Logging.Abstractions (>= 2.1)
      Microsoft.Extensions.Options (>= 2.1)
    Microsoft.AspNetCore.Authorization.Policy (2.1) - restriction: || (== net472) (&& (== net8.0) (< netcoreapp3.0)) (== netstandard2.0)
      Microsoft.AspNetCore.Authentication.Abstractions (>= 2.1)
      Microsoft.AspNetCore.Authorization (>= 2.1)
    Microsoft.AspNetCore.Connections.Abstractions (6.0) - restriction: || (&& (== net472) (>= net6.0)) (== net8.0) (&& (== netstandard2.0) (>= net6.0))
      Microsoft.Extensions.Features (>= 6.0)
      System.IO.Pipelines (>= 6.0)
    Microsoft.AspNetCore.Cryptography.Internal (8.0)
    Microsoft.AspNetCore.DataProtection (8.0)
      Microsoft.AspNetCore.Cryptography.Internal (>= 8.0)
      Microsoft.AspNetCore.DataProtection.Abstractions (>= 8.0)
      Microsoft.Extensions.DependencyInjection.Abstractions (>= 8.0)
      Microsoft.Extensions.Hosting.Abstractions (>= 8.0)
      Microsoft.Extensions.Logging.Abstractions (>= 8.0)
      Microsoft.Extensions.Options (>= 8.0)
      Microsoft.Win32.Registry (>= 5.0) - restriction: || (== net472) (&& (== net8.0) (>= net462)) (== netstandard2.0)
      System.Runtime.InteropServices.RuntimeInformation (>= 4.3) - restriction: || (== net472) (&& (== net8.0) (>= net462)) (&& (== netstandard2.0) (>= net462))
      System.Security.Cryptography.Xml (>= 8.0)
      System.Security.Principal.Windows (>= 5.0) - restriction: || (&& (== net472) (< net462)) (== netstandard2.0)
    Microsoft.AspNetCore.DataProtection.Abstractions (8.0)
    Microsoft.AspNetCore.DataProtection.Extensions (6.0) - restriction: || (&& (== net472) (>= net6.0)) (== net8.0) (&& (== netstandard2.0) (>= net6.0))
      Microsoft.AspNetCore.DataProtection (>= 6.0)
      Microsoft.Extensions.DependencyInjection (>= 6.0)
    Microsoft.AspNetCore.Hosting.Abstractions (2.2) - restriction: || (== net472) (&& (== net8.0) (>= net462)) (&& (== net8.0) (< net6.0)) (== netstandard2.0)
      Microsoft.AspNetCore.Hosting.Server.Abstractions (>= 2.2)
      Microsoft.AspNetCore.Http.Abstractions (>= 2.2)
      Microsoft.Extensions.Hosting.Abstractions (>= 2.2)
    Microsoft.AspNetCore.Hosting.Server.Abstractions (2.2) - restriction: || (== net472) (&& (== net8.0) (>= net462)) (&& (== net8.0) (< net6.0)) (== netstandard2.0)
      Microsoft.AspNetCore.Http.Features (>= 2.2)
      Microsoft.Extensions.Configuration.Abstractions (>= 2.2)
    Microsoft.AspNetCore.Http (2.1) - restriction: || (== net472) (&& (== net8.0) (< netcoreapp3.0)) (== netstandard2.0)
      Microsoft.AspNetCore.Http.Abstractions (>= 2.1)
      Microsoft.AspNetCore.WebUtilities (>= 2.1)
      Microsoft.Extensions.ObjectPool (>= 2.1)
      Microsoft.Extensions.Options (>= 2.1)
      Microsoft.Net.Http.Headers (>= 2.1)
    Microsoft.AspNetCore.Http.Abstractions (2.2) - restriction: || (== net472) (&& (== net8.0) (>= net462)) (&& (== net8.0) (< net6.0)) (== netstandard2.0)
      Microsoft.AspNetCore.Http.Features (>= 2.2)
      System.Text.Encodings.Web (>= 4.5)
    Microsoft.AspNetCore.Http.Extensions (2.1) - restriction: || (== net472) (&& (== net8.0) (< netcoreapp3.0)) (== netstandard2.0)
      Microsoft.AspNetCore.Http.Abstractions (>= 2.1)
      Microsoft.Extensions.FileProviders.Abstractions (>= 2.1)
      Microsoft.Net.Http.Headers (>= 2.1)
      System.Buffers (>= 4.5)
    Microsoft.AspNetCore.Http.Features (2.2) - restriction: || (== net472) (&& (== net8.0) (>= net462)) (&& (== net8.0) (< net6.0)) (== netstandard2.0)
      Microsoft.Extensions.Primitives (>= 2.2)
    Microsoft.AspNetCore.JsonPatch (8.0)
      Microsoft.CSharp (>= 4.7)
      Newtonsoft.Json (>= 13.0.3)
    Microsoft.AspNetCore.Mvc.Abstractions (2.1) - restriction: || (== net472) (&& (== net8.0) (< netcoreapp3.0)) (== netstandard2.0)
      Microsoft.AspNetCore.Routing.Abstractions (>= 2.1)
      Microsoft.Net.Http.Headers (>= 2.1)
    Microsoft.AspNetCore.Mvc.ApiExplorer (2.1) - restriction: || (== net472) (&& (== net8.0) (< netcoreapp3.0)) (== netstandard2.0)
      Microsoft.AspNetCore.Mvc.Core (>= 2.1)
    Microsoft.AspNetCore.Mvc.Core (2.1) - restriction: || (== net472) (&& (== net8.0) (< netcoreapp3.0)) (== netstandard2.0)
      Microsoft.AspNetCore.Authentication.Core (>= 2.1)
      Microsoft.AspNetCore.Authorization.Policy (>= 2.1)
      Microsoft.AspNetCore.Hosting.Abstractions (>= 2.1)
      Microsoft.AspNetCore.Http (>= 2.1)
      Microsoft.AspNetCore.Http.Extensions (>= 2.1)
      Microsoft.AspNetCore.Mvc.Abstractions (>= 2.1)
      Microsoft.AspNetCore.ResponseCaching.Abstractions (>= 2.1)
      Microsoft.AspNetCore.Routing (>= 2.1)
      Microsoft.Extensions.DependencyInjection (>= 2.1)
      Microsoft.Extensions.DependencyModel (>= 2.1)
      Microsoft.Extensions.FileProviders.Abstractions (>= 2.1)
      Microsoft.Extensions.Logging.Abstractions (>= 2.1)
      System.Diagnostics.DiagnosticSource (>= 4.5)
      System.Threading.Tasks.Extensions (>= 4.5)
    Microsoft.AspNetCore.Mvc.DataAnnotations (2.1) - restriction: || (== net472) (&& (== net8.0) (< netcoreapp3.0)) (== netstandard2.0)
      Microsoft.AspNetCore.Mvc.Core (>= 2.1)
      Microsoft.Extensions.Localization (>= 2.1)
      System.ComponentModel.Annotations (>= 4.5)
    Microsoft.AspNetCore.Mvc.Formatters.Json (2.1) - restriction: || (== net472) (&& (== net8.0) (< netcoreapp3.0)) (== netstandard2.0)
      Microsoft.AspNetCore.JsonPatch (>= 2.1)
      Microsoft.AspNetCore.Mvc.Core (>= 2.1)
    Microsoft.AspNetCore.Mvc.NewtonsoftJson (8.0) - restriction: || (&& (== net472) (>= net6.0)) (&& (== net472) (>= net8.0)) (== net8.0) (&& (== netstandard2.0) (>= net6.0)) (&& (== netstandard2.0) (>= net8.0))
      Microsoft.AspNetCore.JsonPatch (>= 8.0) - restriction: || (&& (== net472) (>= net8.0)) (== net8.0) (&& (== netstandard2.0) (>= net8.0))
      Newtonsoft.Json (>= 13.0.3) - restriction: || (&& (== net472) (>= net8.0)) (== net8.0) (&& (== netstandard2.0) (>= net8.0))
      Newtonsoft.Json.Bson (>= 1.0.2) - restriction: || (&& (== net472) (>= net8.0)) (== net8.0) (&& (== netstandard2.0) (>= net8.0))
    Microsoft.AspNetCore.ResponseCaching.Abstractions (2.1) - restriction: || (== net472) (&& (== net8.0) (< netcoreapp3.0)) (== netstandard2.0)
      Microsoft.Extensions.Primitives (>= 2.1)
    Microsoft.AspNetCore.Routing (2.1) - restriction: || (== net472) (&& (== net8.0) (< netcoreapp3.0)) (== netstandard2.0)
      Microsoft.AspNetCore.Http.Extensions (>= 2.1)
      Microsoft.AspNetCore.Routing.Abstractions (>= 2.1)
      Microsoft.Extensions.Logging.Abstractions (>= 2.1)
      Microsoft.Extensions.ObjectPool (>= 2.1)
      Microsoft.Extensions.Options (>= 2.1)
    Microsoft.AspNetCore.Routing.Abstractions (2.1) - restriction: || (== net472) (&& (== net8.0) (< netcoreapp3.0)) (== netstandard2.0)
      Microsoft.AspNetCore.Http.Abstractions (>= 2.1)
    Microsoft.AspNetCore.SignalR.Common (6.0) - restriction: || (&& (== net472) (>= net6.0)) (== net8.0) (&& (== netstandard2.0) (>= net6.0))
      Microsoft.AspNetCore.Connections.Abstractions (>= 6.0)
      Microsoft.Extensions.Options (>= 6.0)
    Microsoft.AspNetCore.SignalR.Protocols.NewtonsoftJson (6.0) - restriction: || (&& (== net472) (>= net6.0)) (== net8.0) (&& (== netstandard2.0) (>= net6.0))
      Microsoft.AspNetCore.SignalR.Common (>= 6.0)
      Newtonsoft.Json (>= 13.0.1)
    Microsoft.AspNetCore.StaticFiles (2.1) - restriction: || (== net472) (&& (== net8.0) (< netcoreapp3.0)) (== netstandard2.0)
      Microsoft.AspNetCore.Hosting.Abstractions (>= 2.1)
      Microsoft.AspNetCore.Http.Extensions (>= 2.1)
      Microsoft.Extensions.FileProviders.Abstractions (>= 2.1)
      Microsoft.Extensions.Logging.Abstractions (>= 2.1)
      Microsoft.Extensions.WebEncoders (>= 2.1)
    Microsoft.AspNetCore.WebUtilities (2.1) - restriction: || (== net472) (&& (== net8.0) (< netcoreapp3.0)) (== netstandard2.0)
      Microsoft.Net.Http.Headers (>= 2.1)
      System.Text.Encodings.Web (>= 4.5)
    Microsoft.Bcl.AsyncInterfaces (9.0.5)
      System.Threading.Tasks.Extensions (>= 4.5.4) - restriction: || (== net472) (&& (== net8.0) (>= net462)) (&& (== net8.0) (< netstandard2.1)) (== netstandard2.0)
    Microsoft.Bcl.Cryptography (9.0.5)
      System.Formats.Asn1 (>= 9.0.5)
      System.Memory (>= 4.5.5) - restriction: || (== net472) (&& (== net8.0) (>= net462)) (== netstandard2.0)
      System.Runtime.CompilerServices.Unsafe (>= 6.0) - restriction: || (== net472) (&& (== net8.0) (>= net462)) (== netstandard2.0)
    Microsoft.CodeAnalysis.Analyzers (3.3.4)
    Microsoft.CodeAnalysis.Common (4.10)
      Microsoft.CodeAnalysis.Analyzers (>= 3.3.4)
      System.Buffers (>= 4.5.1) - restriction: || (== net472) (&& (== net8.0) (< net7.0)) (== netstandard2.0)
      System.Collections.Immutable (>= 8.0)
      System.Memory (>= 4.5.5) - restriction: || (== net472) (&& (== net8.0) (< net7.0)) (== netstandard2.0)
      System.Numerics.Vectors (>= 4.5) - restriction: || (== net472) (&& (== net8.0) (< net7.0)) (== netstandard2.0)
      System.Reflection.Metadata (>= 8.0)
      System.Runtime.CompilerServices.Unsafe (>= 6.0) - restriction: || (== net472) (&& (== net8.0) (< net7.0)) (== netstandard2.0)
      System.Text.Encoding.CodePages (>= 7.0) - restriction: || (== net472) (&& (== net8.0) (< net7.0)) (== netstandard2.0)
      System.Threading.Tasks.Extensions (>= 4.5.4) - restriction: || (== net472) (&& (== net8.0) (< net7.0)) (== netstandard2.0)
    Microsoft.CodeAnalysis.CSharp (4.10)
      Microsoft.CodeAnalysis.Analyzers (>= 3.3.4)
      Microsoft.CodeAnalysis.Common (4.10)
      System.Buffers (>= 4.5.1) - restriction: || (== net472) (&& (== net8.0) (< net7.0)) (== netstandard2.0)
      System.Collections.Immutable (>= 8.0)
      System.Memory (>= 4.5.5) - restriction: || (== net472) (&& (== net8.0) (< net7.0)) (== netstandard2.0)
      System.Numerics.Vectors (>= 4.5) - restriction: || (== net472) (&& (== net8.0) (< net7.0)) (== netstandard2.0)
      System.Reflection.Metadata (>= 8.0)
      System.Runtime.CompilerServices.Unsafe (>= 6.0) - restriction: || (== net472) (&& (== net8.0) (< net7.0)) (== netstandard2.0)
      System.Text.Encoding.CodePages (>= 7.0) - restriction: || (== net472) (&& (== net8.0) (< net7.0)) (== netstandard2.0)
      System.Threading.Tasks.Extensions (>= 4.5.4) - restriction: || (== net472) (&& (== net8.0) (< net7.0)) (== netstandard2.0)
    Microsoft.CodeAnalysis.CSharp.Scripting (4.10)
      Microsoft.CodeAnalysis.Analyzers (>= 3.3.4)
      Microsoft.CodeAnalysis.Common (4.10)
      Microsoft.CodeAnalysis.CSharp (4.10)
      Microsoft.CodeAnalysis.Scripting.Common (4.10)
      Microsoft.CSharp (>= 4.7)
      System.Buffers (>= 4.5.1) - restriction: || (== net472) (&& (== net8.0) (< net7.0)) (== netstandard2.0)
      System.Collections.Immutable (>= 8.0)
      System.Memory (>= 4.5.5) - restriction: || (== net472) (&& (== net8.0) (< net7.0)) (== netstandard2.0)
      System.Numerics.Vectors (>= 4.5) - restriction: || (== net472) (&& (== net8.0) (< net7.0)) (== netstandard2.0)
      System.Reflection.Metadata (>= 8.0)
      System.Runtime.CompilerServices.Unsafe (>= 6.0) - restriction: || (== net472) (&& (== net8.0) (< net7.0)) (== netstandard2.0)
      System.Text.Encoding.CodePages (>= 7.0) - restriction: || (== net472) (&& (== net8.0) (< net7.0)) (== netstandard2.0)
      System.Threading.Tasks.Extensions (>= 4.5.4) - restriction: || (== net472) (&& (== net8.0) (< net7.0)) (== netstandard2.0)
    Microsoft.CodeAnalysis.Scripting.Common (4.10)
      Microsoft.CodeAnalysis.Analyzers (>= 3.3.4)
      Microsoft.CodeAnalysis.Common (4.10)
      System.Buffers (>= 4.5.1) - restriction: || (== net472) (&& (== net8.0) (< net7.0)) (== netstandard2.0)
      System.Collections.Immutable (>= 8.0)
      System.Memory (>= 4.5.5) - restriction: || (== net472) (&& (== net8.0) (< net7.0)) (== netstandard2.0)
      System.Numerics.Vectors (>= 4.5) - restriction: || (== net472) (&& (== net8.0) (< net7.0)) (== netstandard2.0)
      System.Reflection.Metadata (>= 8.0)
      System.Runtime.CompilerServices.Unsafe (>= 6.0) - restriction: || (== net472) (&& (== net8.0) (< net7.0)) (== netstandard2.0)
      System.Text.Encoding.CodePages (>= 7.0) - restriction: || (== net472) (&& (== net8.0) (< net7.0)) (== netstandard2.0)
      System.Threading.Tasks.Extensions (>= 4.5.4) - restriction: || (== net472) (&& (== net8.0) (< net7.0)) (== netstandard2.0)
    Microsoft.CSharp (4.7)
    Microsoft.Data.SqlClient (5.1.1) - restriction: || (&& (== net472) (>= net8.0)) (== net8.0) (&& (== netstandard2.0) (>= net8.0))
      Azure.Identity (>= 1.7)
      Microsoft.Data.SqlClient.SNI.runtime (>= 5.1) - restriction: || (&& (== net472) (< net462)) (&& (== net472) (>= netstandard2.1)) (== net8.0) (== netstandard2.0)
      Microsoft.Identity.Client (>= 4.47.2)
      Microsoft.IdentityModel.JsonWebTokens (>= 6.24)
      Microsoft.IdentityModel.Protocols.OpenIdConnect (>= 6.24)
      Microsoft.SqlServer.Server (>= 1.0) - restriction: || (&& (== net472) (< net462)) (&& (== net472) (>= netstandard2.1)) (== net8.0) (== netstandard2.0)
      System.Configuration.ConfigurationManager (>= 6.0.1)
      System.Diagnostics.DiagnosticSource (>= 6.0) - restriction: || (&& (== net472) (>= net6.0)) (== net8.0) (&& (== netstandard2.0) (>= net6.0))
      System.Runtime.Caching (>= 6.0) - restriction: || (&& (== net472) (< net462)) (&& (== net472) (>= netstandard2.1)) (== net8.0) (== netstandard2.0)
      System.Security.Cryptography.Cng (>= 5.0) - restriction: || (&& (== net472) (< net462)) (&& (== net472) (>= netstandard2.1)) (== net8.0) (== netstandard2.0)
      System.Security.Principal.Windows (>= 5.0) - restriction: || (&& (== net472) (< net462)) (&& (== net472) (>= netstandard2.1)) (== net8.0) (== netstandard2.0)
      System.Text.Encoding.CodePages (>= 6.0) - restriction: || (&& (== net472) (< net462)) (&& (== net472) (>= netstandard2.1)) (== net8.0) (== netstandard2.0)
      System.Text.Encodings.Web (>= 6.0)
    Microsoft.Data.SqlClient.SNI.runtime (5.1) - restriction: || (&& (== net472) (>= net8.0)) (== net8.0) (&& (== netstandard2.0) (>= net8.0))
    Microsoft.Data.Sqlite.Core (8.0) - restriction: || (&& (== net472) (>= net8.0)) (== net8.0) (&& (== netstandard2.0) (>= net8.0))
      SQLitePCLRaw.core (>= 2.1.6)
    Microsoft.EntityFrameworkCore (8.0.10)
      Microsoft.EntityFrameworkCore.Abstractions (>= 8.0.10) - restriction: || (&& (== net472) (>= net8.0)) (== net8.0) (&& (== netstandard2.0) (>= net8.0))
      Microsoft.EntityFrameworkCore.Analyzers (>= 8.0.10) - restriction: || (&& (== net472) (>= net8.0)) (== net8.0) (&& (== netstandard2.0) (>= net8.0))
      Microsoft.Extensions.Caching.Memory (>= 8.0.1) - restriction: || (&& (== net472) (>= net8.0)) (== net8.0) (&& (== netstandard2.0) (>= net8.0))
      Microsoft.Extensions.Logging (>= 8.0.1) - restriction: || (&& (== net472) (>= net8.0)) (== net8.0) (&& (== netstandard2.0) (>= net8.0))
    Microsoft.EntityFrameworkCore.Abstractions (8.0.10)
    Microsoft.EntityFrameworkCore.Analyzers (8.0.10) - restriction: || (&& (== net472) (>= net8.0)) (== net8.0) (&& (== netstandard2.0) (>= net8.0))
    Microsoft.EntityFrameworkCore.Relational (8.0.10)
      Microsoft.EntityFrameworkCore (>= 8.0.10) - restriction: || (&& (== net472) (>= net8.0)) (== net8.0) (&& (== netstandard2.0) (>= net8.0))
      Microsoft.Extensions.Configuration.Abstractions (>= 8.0) - restriction: || (&& (== net472) (>= net8.0)) (== net8.0) (&& (== netstandard2.0) (>= net8.0))
    Microsoft.EntityFrameworkCore.Sqlite (8.0)
      Microsoft.EntityFrameworkCore.Sqlite.Core (>= 8.0) - restriction: || (&& (== net472) (>= net8.0)) (== net8.0) (&& (== netstandard2.0) (>= net8.0))
      SQLitePCLRaw.bundle_e_sqlite3 (>= 2.1.6) - restriction: || (&& (== net472) (>= net8.0)) (== net8.0) (&& (== netstandard2.0) (>= net8.0))
    Microsoft.EntityFrameworkCore.Sqlite.Core (8.0) - restriction: || (&& (== net472) (>= net8.0)) (== net8.0) (&& (== netstandard2.0) (>= net8.0))
      Microsoft.Data.Sqlite.Core (>= 8.0) - restriction: || (&& (== net472) (>= net8.0)) (== net8.0) (&& (== netstandard2.0) (>= net8.0))
      Microsoft.EntityFrameworkCore.Relational (>= 8.0) - restriction: || (&& (== net472) (>= net8.0)) (== net8.0) (&& (== netstandard2.0) (>= net8.0))
      Microsoft.Extensions.DependencyModel (>= 8.0) - restriction: || (&& (== net472) (>= net8.0)) (== net8.0) (&& (== netstandard2.0) (>= net8.0))
    Microsoft.EntityFrameworkCore.SqlServer (8.0)
      Microsoft.Data.SqlClient (>= 5.1.1) - restriction: || (&& (== net472) (>= net8.0)) (== net8.0) (&& (== netstandard2.0) (>= net8.0))
      Microsoft.EntityFrameworkCore.Relational (>= 8.0) - restriction: || (&& (== net472) (>= net8.0)) (== net8.0) (&& (== netstandard2.0) (>= net8.0))
    Microsoft.Extensions.ApiDescription.Server (6.0.5)
    Microsoft.Extensions.Caching.Abstractions (8.0) - restriction: || (&& (== net472) (>= net8.0)) (== net8.0) (&& (== netstandard2.0) (>= net8.0))
      Microsoft.Extensions.Primitives (>= 8.0)
    Microsoft.Extensions.Caching.Memory (8.0.1) - restriction: || (&& (== net472) (>= net8.0)) (== net8.0) (&& (== netstandard2.0) (>= net8.0))
      Microsoft.Extensions.Caching.Abstractions (>= 8.0)
      Microsoft.Extensions.DependencyInjection.Abstractions (>= 8.0.2)
      Microsoft.Extensions.Logging.Abstractions (>= 8.0.2)
      Microsoft.Extensions.Options (>= 8.0.2)
      Microsoft.Extensions.Primitives (>= 8.0)
    Microsoft.Extensions.Configuration (8.0)
      Microsoft.Extensions.Configuration.Abstractions (>= 8.0)
      Microsoft.Extensions.Primitives (>= 8.0)
    Microsoft.Extensions.Configuration.Abstractions (8.0)
      Microsoft.Extensions.Primitives (>= 8.0)
    Microsoft.Extensions.Configuration.Binder (8.0)
      Microsoft.Extensions.Configuration.Abstractions (>= 8.0)
    Microsoft.Extensions.Configuration.CommandLine (8.0)
      Microsoft.Extensions.Configuration (>= 8.0)
      Microsoft.Extensions.Configuration.Abstractions (>= 8.0)
    Microsoft.Extensions.Configuration.EnvironmentVariables (8.0)
      Microsoft.Extensions.Configuration (>= 8.0)
      Microsoft.Extensions.Configuration.Abstractions (>= 8.0)
    Microsoft.Extensions.Configuration.FileExtensions (8.0)
      Microsoft.Extensions.Configuration (>= 8.0)
      Microsoft.Extensions.Configuration.Abstractions (>= 8.0)
      Microsoft.Extensions.FileProviders.Abstractions (>= 8.0)
      Microsoft.Extensions.FileProviders.Physical (>= 8.0)
      Microsoft.Extensions.Primitives (>= 8.0)
    Microsoft.Extensions.Configuration.Json (8.0)
      Microsoft.Extensions.Configuration (>= 8.0)
      Microsoft.Extensions.Configuration.Abstractions (>= 8.0)
      Microsoft.Extensions.Configuration.FileExtensions (>= 8.0)
      Microsoft.Extensions.FileProviders.Abstractions (>= 8.0)
      System.Text.Json (>= 8.0)
    Microsoft.Extensions.Configuration.UserSecrets (8.0)
      Microsoft.Extensions.Configuration.Abstractions (>= 8.0)
      Microsoft.Extensions.Configuration.Json (>= 8.0)
      Microsoft.Extensions.FileProviders.Abstractions (>= 8.0)
      Microsoft.Extensions.FileProviders.Physical (>= 8.0)
    Microsoft.Extensions.DependencyInjection (8.0.1)
      Microsoft.Bcl.AsyncInterfaces (>= 8.0) - restriction: || (== net472) (&& (== net8.0) (>= net462)) (&& (== net8.0) (< netstandard2.1)) (== netstandard2.0)
      Microsoft.Extensions.DependencyInjection.Abstractions (>= 8.0.2)
      System.Threading.Tasks.Extensions (>= 4.5.4) - restriction: || (== net472) (&& (== net8.0) (>= net462)) (&& (== net8.0) (< netstandard2.1)) (== netstandard2.0)
    Microsoft.Extensions.DependencyInjection.Abstractions (8.0.2)
    Microsoft.Extensions.DependencyModel (8.0.1)
      System.Text.Encodings.Web (>= 8.0)
      System.Text.Json (>= 8.0.4)
    Microsoft.Extensions.Diagnostics (8.0)
      Microsoft.Extensions.Configuration (>= 8.0)
      Microsoft.Extensions.Diagnostics.Abstractions (>= 8.0)
      Microsoft.Extensions.Options.ConfigurationExtensions (>= 8.0)
    Microsoft.Extensions.Diagnostics.Abstractions (8.0)
      Microsoft.Extensions.DependencyInjection.Abstractions (>= 8.0)
      Microsoft.Extensions.Options (>= 8.0)
      System.Buffers (>= 4.5.1) - restriction: || (== net472) (&& (== net8.0) (>= net462)) (&& (== net8.0) (< net6.0)) (== netstandard2.0)
      System.Diagnostics.DiagnosticSource (>= 8.0)
      System.Memory (>= 4.5.5) - restriction: || (== net472) (&& (== net8.0) (>= net462)) (&& (== net8.0) (< net6.0)) (== netstandard2.0)
    Microsoft.Extensions.Features (6.0) - restriction: || (&& (== net472) (>= net6.0)) (== net8.0) (&& (== netstandard2.0) (>= net6.0))
    Microsoft.Extensions.FileProviders.Abstractions (8.0)
      Microsoft.Extensions.Primitives (>= 8.0)
    Microsoft.Extensions.FileProviders.Embedded (2.1) - restriction: || (== net472) (&& (== net8.0) (< netcoreapp3.0)) (== netstandard2.0)
      Microsoft.Extensions.FileProviders.Abstractions (>= 2.1)
    Microsoft.Extensions.FileProviders.Physical (8.0)
      Microsoft.Extensions.FileProviders.Abstractions (>= 8.0)
      Microsoft.Extensions.FileSystemGlobbing (>= 8.0)
      Microsoft.Extensions.Primitives (>= 8.0)
    Microsoft.Extensions.FileSystemGlobbing (8.0)
    Microsoft.Extensions.Hosting (8.0)
      Microsoft.Bcl.AsyncInterfaces (>= 8.0) - restriction: || (== net472) (&& (== net8.0) (>= net462)) (&& (== net8.0) (< netstandard2.1)) (== netstandard2.0)
      Microsoft.Extensions.Configuration (>= 8.0)
      Microsoft.Extensions.Configuration.Abstractions (>= 8.0)
      Microsoft.Extensions.Configuration.Binder (>= 8.0)
      Microsoft.Extensions.Configuration.CommandLine (>= 8.0)
      Microsoft.Extensions.Configuration.EnvironmentVariables (>= 8.0)
      Microsoft.Extensions.Configuration.FileExtensions (>= 8.0)
      Microsoft.Extensions.Configuration.Json (>= 8.0)
      Microsoft.Extensions.Configuration.UserSecrets (>= 8.0)
      Microsoft.Extensions.DependencyInjection (>= 8.0)
      Microsoft.Extensions.DependencyInjection.Abstractions (>= 8.0)
      Microsoft.Extensions.Diagnostics (>= 8.0)
      Microsoft.Extensions.FileProviders.Abstractions (>= 8.0)
      Microsoft.Extensions.FileProviders.Physical (>= 8.0)
      Microsoft.Extensions.Hosting.Abstractions (>= 8.0)
      Microsoft.Extensions.Logging (>= 8.0)
      Microsoft.Extensions.Logging.Abstractions (>= 8.0)
      Microsoft.Extensions.Logging.Configuration (>= 8.0)
      Microsoft.Extensions.Logging.Console (>= 8.0)
      Microsoft.Extensions.Logging.Debug (>= 8.0)
      Microsoft.Extensions.Logging.EventLog (>= 8.0)
      Microsoft.Extensions.Logging.EventSource (>= 8.0)
      Microsoft.Extensions.Options (>= 8.0)
      System.Threading.Tasks.Extensions (>= 4.5.4) - restriction: || (== net472) (&& (== net8.0) (>= net462)) (&& (== net8.0) (< netstandard2.1)) (== netstandard2.0)
    Microsoft.Extensions.Hosting.Abstractions (8.0)
      Microsoft.Bcl.AsyncInterfaces (>= 8.0) - restriction: || (== net472) (&& (== net8.0) (>= net462)) (&& (== net8.0) (< netstandard2.1)) (== netstandard2.0)
      Microsoft.Extensions.Configuration.Abstractions (>= 8.0)
      Microsoft.Extensions.DependencyInjection.Abstractions (>= 8.0)
      Microsoft.Extensions.Diagnostics.Abstractions (>= 8.0)
      Microsoft.Extensions.FileProviders.Abstractions (>= 8.0)
      Microsoft.Extensions.Logging.Abstractions (>= 8.0)
      System.Threading.Tasks.Extensions (>= 4.5.4) - restriction: || (== net472) (&& (== net8.0) (>= net462)) (&& (== net8.0) (< netstandard2.1)) (== netstandard2.0)
    Microsoft.Extensions.Http (8.0)
      Microsoft.Extensions.Configuration.Abstractions (>= 8.0)
      Microsoft.Extensions.DependencyInjection.Abstractions (>= 8.0)
      Microsoft.Extensions.Diagnostics (>= 8.0) - restriction: || (&& (== net472) (>= net8.0)) (== net8.0) (&& (== netstandard2.0) (>= net8.0))
      Microsoft.Extensions.Logging (>= 8.0)
      Microsoft.Extensions.Logging.Abstractions (>= 8.0)
      Microsoft.Extensions.Options (>= 8.0)
    Microsoft.Extensions.Localization (6.0)
      Microsoft.Extensions.DependencyInjection.Abstractions (>= 6.0)
      Microsoft.Extensions.Localization.Abstractions (>= 6.0)
      Microsoft.Extensions.Logging.Abstractions (>= 6.0)
      Microsoft.Extensions.Options (>= 6.0)
    Microsoft.Extensions.Localization.Abstractions (6.0) - restriction: || (&& (== net472) (>= net6.0)) (== net8.0) (&& (== netstandard2.0) (>= net6.0))
    Microsoft.Extensions.Logging (8.0.1)
      Microsoft.Extensions.DependencyInjection (>= 8.0.1)
      Microsoft.Extensions.Logging.Abstractions (>= 8.0.2)
      Microsoft.Extensions.Options (>= 8.0.2)
    Microsoft.Extensions.Logging.Abstractions (8.0.2)
      Microsoft.Extensions.DependencyInjection.Abstractions (>= 8.0.2)
      System.Buffers (>= 4.5.1) - restriction: || (== net472) (&& (== net8.0) (>= net462)) (&& (== net8.0) (< net6.0)) (== netstandard2.0)
      System.Diagnostics.DiagnosticSource (>= 8.0.1) - restriction: || (== net472) (&& (== net8.0) (>= net462)) (&& (== net8.0) (< net6.0)) (&& (== net8.0) (< net7.0)) (== netstandard2.0)
      System.Memory (>= 4.5.5) - restriction: || (== net472) (&& (== net8.0) (>= net462)) (&& (== net8.0) (< net6.0)) (== netstandard2.0)
    Microsoft.Extensions.Logging.Configuration (8.0)
      Microsoft.Extensions.Configuration (>= 8.0)
      Microsoft.Extensions.Configuration.Abstractions (>= 8.0)
      Microsoft.Extensions.Configuration.Binder (>= 8.0)
      Microsoft.Extensions.DependencyInjection.Abstractions (>= 8.0)
      Microsoft.Extensions.Logging (>= 8.0)
      Microsoft.Extensions.Logging.Abstractions (>= 8.0)
      Microsoft.Extensions.Options (>= 8.0)
      Microsoft.Extensions.Options.ConfigurationExtensions (>= 8.0)
    Microsoft.Extensions.Logging.Console (8.0)
      Microsoft.Bcl.AsyncInterfaces (>= 8.0) - restriction: || (== net472) (&& (== net8.0) (>= net462)) (&& (== net8.0) (< net6.0)) (== netstandard2.0)
      Microsoft.Extensions.DependencyInjection.Abstractions (>= 8.0)
      Microsoft.Extensions.Logging (>= 8.0)
      Microsoft.Extensions.Logging.Abstractions (>= 8.0)
      Microsoft.Extensions.Logging.Configuration (>= 8.0)
      Microsoft.Extensions.Options (>= 8.0)
      System.Buffers (>= 4.5.1) - restriction: || (== net472) (&& (== net8.0) (>= net462)) (&& (== net8.0) (< net6.0)) (== netstandard2.0)
      System.Text.Json (>= 8.0)
    Microsoft.Extensions.Logging.Debug (8.0)
      Microsoft.Extensions.DependencyInjection.Abstractions (>= 8.0)
      Microsoft.Extensions.Logging (>= 8.0)
      Microsoft.Extensions.Logging.Abstractions (>= 8.0)
    Microsoft.Extensions.Logging.EventLog (8.0)
      Microsoft.Extensions.DependencyInjection.Abstractions (>= 8.0)
      Microsoft.Extensions.Logging (>= 8.0)
      Microsoft.Extensions.Logging.Abstractions (>= 8.0)
      Microsoft.Extensions.Options (>= 8.0)
      System.Diagnostics.EventLog (>= 8.0) - restriction: || (&& (== net472) (< net462)) (&& (== net472) (>= net6.0)) (== net8.0) (== netstandard2.0)
    Microsoft.Extensions.Logging.EventSource (8.0)
      Microsoft.Bcl.AsyncInterfaces (>= 8.0) - restriction: || (== net472) (&& (== net8.0) (>= net462)) (&& (== net8.0) (< net6.0)) (== netstandard2.0)
      Microsoft.Extensions.DependencyInjection.Abstractions (>= 8.0)
      Microsoft.Extensions.Logging (>= 8.0)
      Microsoft.Extensions.Logging.Abstractions (>= 8.0)
      Microsoft.Extensions.Options (>= 8.0)
      Microsoft.Extensions.Primitives (>= 8.0)
      System.Memory (>= 4.5.5) - restriction: || (== net472) (&& (== net8.0) (>= net462)) (&& (== net8.0) (< net6.0)) (== netstandard2.0)
      System.Runtime.CompilerServices.Unsafe (>= 6.0) - restriction: || (== net472) (&& (== net8.0) (>= net462)) (&& (== net8.0) (< net6.0)) (&& (== net8.0) (< net7.0)) (== netstandard2.0)
      System.Text.Json (>= 8.0)
    Microsoft.Extensions.ObjectPool (8.0.10)
    Microsoft.Extensions.Options (8.0.2)
      Microsoft.Extensions.DependencyInjection.Abstractions (>= 8.0)
      Microsoft.Extensions.Primitives (>= 8.0)
      System.ComponentModel.Annotations (>= 5.0) - restriction: || (&& (== net472) (< net462)) (&& (== net472) (>= netstandard2.1)) (&& (== net8.0) (< net6.0)) (&& (== net8.0) (< netstandard2.1)) (== netstandard2.0)
      System.ValueTuple (>= 4.5) - restriction: || (== net472) (&& (== net8.0) (>= net462)) (&& (== netstandard2.0) (>= net462))
    Microsoft.Extensions.Options.ConfigurationExtensions (8.0)
      Microsoft.Extensions.Configuration.Abstractions (>= 8.0)
      Microsoft.Extensions.Configuration.Binder (>= 8.0)
      Microsoft.Extensions.DependencyInjection.Abstractions (>= 8.0)
      Microsoft.Extensions.Options (>= 8.0)
      Microsoft.Extensions.Primitives (>= 8.0)
    Microsoft.Extensions.Primitives (8.0)
      System.Memory (>= 4.5.5) - restriction: || (== net472) (&& (== net8.0) (>= net462)) (&& (== net8.0) (< net6.0)) (== netstandard2.0)
      System.Runtime.CompilerServices.Unsafe (>= 6.0) - restriction: || (== net472) (&& (== net8.0) (>= net462)) (&& (== net8.0) (< net6.0)) (&& (== net8.0) (< net7.0)) (== netstandard2.0)
    Microsoft.Extensions.WebEncoders (2.1) - restriction: || (== net472) (&& (== net8.0) (< netcoreapp3.0)) (== netstandard2.0)
      Microsoft.Extensions.DependencyInjection.Abstractions (>= 2.1)
      Microsoft.Extensions.Options (>= 2.1)
      System.Text.Encodings.Web (>= 4.5)
    Microsoft.Identity.Client (4.47.2) - restriction: || (&& (== net472) (>= net8.0)) (== net8.0) (&& (== netstandard2.0) (>= net8.0))
      Microsoft.IdentityModel.Abstractions (>= 6.22)
    Microsoft.Identity.Client.Extensions.Msal (2.19.3) - restriction: || (&& (== net472) (>= net8.0)) (== net8.0) (&& (== netstandard2.0) (>= net8.0))
      Microsoft.Identity.Client (>= 4.38)
      System.Security.Cryptography.ProtectedData (>= 4.5) - restriction: || (&& (== net472) (< net45)) (&& (== net472) (>= netcoreapp2.1)) (== net8.0) (== netstandard2.0)
    Microsoft.IdentityModel.Abstractions (8.0)
    Microsoft.IdentityModel.JsonWebTokens (6.24) - restriction: || (&& (== net472) (>= net8.0)) (== net8.0) (&& (== netstandard2.0) (>= net8.0))
      Microsoft.IdentityModel.Tokens (>= 6.24)
      System.Text.Encoding (>= 4.3)
      System.Text.Json (>= 4.7.2)
    Microsoft.IdentityModel.Logging (6.24) - restriction: || (&& (== net472) (>= net8.0)) (== net8.0) (&& (== netstandard2.0) (>= net8.0))
      Microsoft.IdentityModel.Abstractions (>= 6.24)
    Microsoft.IdentityModel.Protocols (6.24) - restriction: || (&& (== net472) (>= net8.0)) (== net8.0) (&& (== netstandard2.0) (>= net8.0))
      Microsoft.IdentityModel.Logging (>= 6.24)
      Microsoft.IdentityModel.Tokens (>= 6.24)
    Microsoft.IdentityModel.Protocols.OpenIdConnect (6.24) - restriction: || (&& (== net472) (>= net8.0)) (== net8.0) (&& (== netstandard2.0) (>= net8.0))
      Microsoft.IdentityModel.Protocols (>= 6.24)
      System.IdentityModel.Tokens.Jwt (>= 6.24)
    Microsoft.IdentityModel.Tokens (6.24) - restriction: || (&& (== net472) (>= net8.0)) (== net8.0) (&& (== netstandard2.0) (>= net8.0))
      Microsoft.CSharp (>= 4.5) - restriction: || (&& (== net472) (< net45)) (&& (== net472) (>= net6.0)) (== net8.0) (== netstandard2.0)
      Microsoft.IdentityModel.Logging (>= 6.24)
      System.Security.Cryptography.Cng (>= 4.5) - restriction: || (&& (== net472) (< net45)) (&& (== net472) (>= net6.0)) (== net8.0) (== netstandard2.0)
    Microsoft.Net.Http.Headers (2.1) - restriction: || (== net472) (&& (== net8.0) (< netcoreapp3.0)) (== netstandard2.0)
      Microsoft.Extensions.Primitives (>= 2.1)
      System.Buffers (>= 4.5)
    Microsoft.NETCore.Platforms (7.0.4)
    Microsoft.NETCore.Targets (1.1.3) - restriction: || (&& (== net472) (< net45)) (== net8.0) (== netstandard2.0)
    Microsoft.NETFramework.ReferenceAssemblies (1.0.3)
      Microsoft.NETFramework.ReferenceAssemblies.net472 (>= 1.0.3) - restriction: || (== net472) (&& (== net8.0) (>= net472)) (&& (== netstandard2.0) (>= net472))
    Microsoft.NETFramework.ReferenceAssemblies.net472 (1.0.3) - restriction: || (== net472) (&& (== net8.0) (>= net472)) (&& (== netstandard2.0) (>= net472))
    Microsoft.OpenApi (1.6.14)
    Microsoft.SqlServer.Server (1.0) - restriction: || (&& (== net472) (>= net8.0)) (== net8.0) (&& (== netstandard2.0) (>= net8.0))
    Microsoft.Web.WebView2 (1.0.2792.45)
    Microsoft.Win32.Registry (5.0)
      System.Buffers (>= 4.5.1) - restriction: || (&& (== net472) (>= monoandroid) (< netstandard1.3)) (&& (== net472) (>= monotouch)) (&& (== net472) (< net46)) (&& (== net472) (>= xamarinios)) (&& (== net472) (>= xamarinmac)) (&& (== net472) (>= xamarintvos)) (&& (== net472) (>= xamarinwatchos)) (&& (== net8.0) (>= monoandroid) (< netstandard1.3)) (&& (== net8.0) (>= monotouch)) (&& (== net8.0) (< netcoreapp2.0)) (&& (== net8.0) (>= xamarinios)) (&& (== net8.0) (>= xamarinmac)) (&& (== net8.0) (>= xamarintvos)) (&& (== net8.0) (>= xamarinwatchos)) (== netstandard2.0)
      System.Memory (>= 4.5.4) - restriction: || (&& (== net472) (< net46)) (&& (== net472) (>= netcoreapp2.0)) (&& (== net472) (>= uap10.1)) (&& (== net8.0) (< netcoreapp2.0)) (&& (== net8.0) (< netcoreapp2.1)) (&& (== net8.0) (>= uap10.1)) (== netstandard2.0)
      System.Security.AccessControl (>= 5.0)
      System.Security.Principal.Windows (>= 5.0)
    Microsoft.Win32.SystemEvents (8.0) - restriction: || (&& (== net472) (>= net6.0)) (== net8.0) (&& (== netstandard2.0) (>= net6.0))
    Microsoft.Windows.CsWin32 (0.3.162)
      Microsoft.Windows.SDK.Win32Docs (>= 0.1.42-alpha)
      Microsoft.Windows.SDK.Win32Metadata (>= 61.0.15-preview)
      Microsoft.Windows.WDK.Win32Metadata (>= 0.12.8-experimental)
    Microsoft.Windows.SDK.Win32Docs (0.1.42-alpha)
    Microsoft.Windows.SDK.Win32Metadata (61.0.15-preview)
    Microsoft.Windows.WDK.Win32Metadata (0.12.8-experimental)
      Microsoft.Windows.SDK.Win32Metadata (>= 61.0.15-preview)
    Microsoft.Xaml.Behaviors.Wpf (1.1.135)
    MySqlConnector (2.3.5) - restriction: || (&& (== net472) (>= net8.0)) (== net8.0) (&& (== netstandard2.0) (>= net8.0))
      Microsoft.Extensions.Logging.Abstractions (>= 7.0.1)
    NETStandard.Library (2.0.3)
      Microsoft.NETCore.Platforms (>= 1.1)
    Newtonsoft.Json (13.0.3)
    Newtonsoft.Json.Bson (1.0.2) - restriction: || (&& (== net472) (>= net8.0)) (== net8.0) (&& (== netstandard2.0) (>= net8.0))
      Newtonsoft.Json (>= 12.0.1)
    NModbus (3.0.72) - restriction: || (&& (== net472) (>= net6.0)) (== net8.0) (&& (== netstandard2.0) (>= net6.0))
    Npgsql (8.0) - restriction: || (&& (== net472) (>= net8.0)) (== net8.0) (&& (== netstandard2.0) (>= net8.0))
      Microsoft.Extensions.Logging.Abstractions (>= 8.0)
    Npgsql.EntityFrameworkCore.PostgreSQL (8.0)
      Microsoft.EntityFrameworkCore (>= 8.0) - restriction: || (&& (== net472) (>= net8.0)) (== net8.0) (&& (== netstandard2.0) (>= net8.0))
      Microsoft.EntityFrameworkCore.Abstractions (>= 8.0) - restriction: || (&& (== net472) (>= net8.0)) (== net8.0) (&& (== netstandard2.0) (>= net8.0))
      Microsoft.EntityFrameworkCore.Relational (>= 8.0) - restriction: || (&& (== net472) (>= net8.0)) (== net8.0) (&& (== netstandard2.0) (>= net8.0))
      Npgsql (>= 8.0) - restriction: || (&& (== net472) (>= net8.0)) (== net8.0) (&& (== netstandard2.0) (>= net8.0))
    NPOI (2.5.1)
      Portable.BouncyCastle (>= 1.8.6)
      SharpZipLib (>= 1.2)
      System.Configuration.ConfigurationManager (>= 4.5) - restriction: || (&& (== net472) (< net40)) (== net8.0) (== netstandard2.0)
      System.Drawing.Common (>= 4.5) - restriction: || (&& (== net472) (< net40)) (== net8.0) (== netstandard2.0)
    Open-XML-SDK (2.9.1)
      NETStandard.Library (>= 1.6.1) - restriction: || (&& (== net472) (< net35)) (== net8.0) (== netstandard2.0)
      System.IO.Packaging (>= 4.5)
      System.Runtime.Serialization.Xml (>= 4.3) - restriction: || (&& (== net472) (< net35)) (== net8.0) (== netstandard2.0)
    Pomelo.EntityFrameworkCore.MySql (8.0)
      Microsoft.EntityFrameworkCore.Relational (>= 8.0 <= 8.0.999) - restriction: || (&& (== net472) (>= net8.0)) (== net8.0) (&& (== netstandard2.0) (>= net8.0))
      MySqlConnector (>= 2.3.5) - restriction: || (&& (== net472) (>= net8.0)) (== net8.0) (&& (== netstandard2.0) (>= net8.0))
    Portable.BouncyCastle (1.8.6)
    ReactiveMarbles.ObservableEvents.SourceGenerator (1.3.1)
    ReactiveUI (20.1.63)
      DynamicData (>= 9.0.4)
      Splat (>= 15.1.1)
      System.ComponentModel (>= 4.3) - restriction: || (&& (== net472) (< net462)) (&& (== net8.0) (< net6.0)) (== netstandard2.0)
      System.ComponentModel.Annotations (>= 5.0)
      System.Diagnostics.Contracts (>= 4.3) - restriction: || (&& (== net472) (< net462)) (&& (== net8.0) (< net6.0)) (== netstandard2.0)
      System.Dynamic.Runtime (>= 4.3) - restriction: || (&& (== net472) (< net462)) (&& (== net8.0) (< net6.0)) (== netstandard2.0)
      System.Runtime.Serialization.Primitives (>= 4.3) - restriction: || (&& (== net472) (< net462)) (&& (== net8.0) (< net6.0)) (== netstandard2.0)
      System.Text.Json (>= 8.0.4) - restriction: || (== net472) (&& (== net8.0) (>= net462)) (&& (== net8.0) (< net6.0)) (&& (== net8.0) (>= net6.0-windows10.0.17763.0)) (== netstandard2.0)
      System.ValueTuple (>= 4.5) - restriction: || (== net472) (&& (== net8.0) (>= net462)) (&& (== netstandard2.0) (>= net462))
    ReactiveUI.Fody (19.5.41)
      Fody (>= 6.8)
      ReactiveUI (>= 19.5.41)
    ReactiveUI.Validation (4.1.1)
      ReactiveUI (>= 20.1.63)
      System.Collections.Immutable (>= 8.0) - restriction: || (== net472) (&& (== net8.0) (>= net462)) (&& (== net8.0) (< net6.0)) (== netstandard2.0)
    ReactiveUI.WPF (20.1.63)
      DynamicData (>= 9.0.4) - restriction: || (== net472) (&& (== net8.0) (>= net462)) (&& (== net8.0) (>= net6.0-windows10.0.17763.0)) (&& (== net8.0) (>= net8.0-windows10.0.17763.0)) (&& (== netstandard2.0) (>= net462)) (&& (== netstandard2.0) (>= net6.0-windows10.0.17763.0)) (&& (== netstandard2.0) (>= net8.0-windows10.0.17763.0))
      ReactiveUI (>= 20.1.63) - restriction: || (== net472) (&& (== net8.0) (>= net462)) (&& (== net8.0) (>= net6.0-windows10.0.17763.0)) (&& (== net8.0) (>= net8.0-windows10.0.17763.0)) (&& (== netstandard2.0) (>= net462)) (&& (== netstandard2.0) (>= net6.0-windows10.0.17763.0)) (&& (== netstandard2.0) (>= net8.0-windows10.0.17763.0))
      Splat (>= 15.1.1) - restriction: || (== net472) (&& (== net8.0) (>= net462)) (&& (== net8.0) (>= net6.0-windows10.0.17763.0)) (&& (== net8.0) (>= net8.0-windows10.0.17763.0)) (&& (== netstandard2.0) (>= net462)) (&& (== netstandard2.0) (>= net6.0-windows10.0.17763.0)) (&& (== netstandard2.0) (>= net8.0-windows10.0.17763.0))
      System.ComponentModel.Annotations (>= 5.0) - restriction: || (== net472) (&& (== net8.0) (>= net462)) (&& (== net8.0) (>= net6.0-windows10.0.17763.0)) (&& (== net8.0) (>= net8.0-windows10.0.17763.0)) (&& (== netstandard2.0) (>= net462)) (&& (== netstandard2.0) (>= net6.0-windows10.0.17763.0)) (&& (== netstandard2.0) (>= net8.0-windows10.0.17763.0))
      System.Text.Json (>= 8.0.4) - restriction: || (== net472) (&& (== net8.0) (>= net462)) (&& (== net8.0) (>= net6.0-windows10.0.17763.0)) (&& (== netstandard2.0) (>= net462)) (&& (== netstandard2.0) (>= net6.0-windows10.0.17763.0))
      System.ValueTuple (>= 4.5) - restriction: || (== net472) (&& (== net8.0) (>= net462)) (&& (== netstandard2.0) (>= net462))
    Refit (7.2.1)
      System.Net.Http (>= 4.3.4) - restriction: || (== net472) (&& (== net8.0) (>= net462)) (&& (== netstandard2.0) (>= net462))
      System.Net.Http.Json (>= 8.0) - restriction: || (== net472) (&& (== net8.0) (>= net462)) (&& (== net8.0) (< net6.0)) (== netstandard2.0)
      System.Text.Json (>= 8.0.4) - restriction: || (== net472) (&& (== net8.0) (>= net462)) (&& (== net8.0) (< net6.0)) (== netstandard2.0)
    Refit.HttpClientFactory (7.2.1)
      Microsoft.Extensions.Http (>= 8.0)
      Refit (>= 7.2.1)
    Refit.Newtonsoft.Json (7.2.1)
      Newtonsoft.Json (>= 13.0.3)
      Refit (>= 7.2.1)
    runtime.linux-arm.runtime.native.System.IO.Ports (8.0) - restriction: || (&& (== net472) (< net462)) (&& (== net472) (>= net6.0)) (== net8.0) (== netstandard2.0)
    runtime.linux-arm64.runtime.native.System.IO.Ports (8.0) - restriction: || (&& (== net472) (< net462)) (&& (== net472) (>= net6.0)) (== net8.0) (== netstandard2.0)
    runtime.linux-x64.runtime.native.System.IO.Ports (8.0) - restriction: || (&& (== net472) (< net462)) (&& (== net472) (>= net6.0)) (== net8.0) (== netstandard2.0)
    runtime.native.System.IO.Ports (8.0) - restriction: || (&& (== net472) (< net462)) (&& (== net472) (>= net6.0)) (== net8.0) (== netstandard2.0)
      runtime.linux-arm.runtime.native.System.IO.Ports (>= 8.0)
      runtime.linux-arm64.runtime.native.System.IO.Ports (>= 8.0)
      runtime.linux-x64.runtime.native.System.IO.Ports (>= 8.0)
      runtime.osx-arm64.runtime.native.System.IO.Ports (>= 8.0)
      runtime.osx-x64.runtime.native.System.IO.Ports (>= 8.0)
    runtime.osx-arm64.runtime.native.System.IO.Ports (8.0) - restriction: || (&& (== net472) (< net462)) (&& (== net472) (>= net6.0)) (== net8.0) (== netstandard2.0)
    runtime.osx-x64.runtime.native.System.IO.Ports (8.0) - restriction: || (&& (== net472) (< net462)) (&& (== net472) (>= net6.0)) (== net8.0) (== netstandard2.0)
    Serilog (4.0.2)
      System.Diagnostics.DiagnosticSource (>= 8.0.1) - restriction: || (== net472) (&& (== net8.0) (>= net462) (< netstandard2.0)) (&& (== net8.0) (>= net471)) (&& (== net8.0) (< net6.0)) (== netstandard2.0)
      System.Threading.Channels (>= 8.0) - restriction: || (== net472) (&& (== net8.0) (>= net462) (< netstandard2.0)) (&& (== net8.0) (>= net471)) (&& (== net8.0) (< net6.0)) (== netstandard2.0)
    Serilog.AspNetCore (8.0.2)
      Microsoft.AspNetCore.Hosting.Abstractions (>= 2.2) - restriction: || (== net472) (&& (== net8.0) (>= net462)) (&& (== net8.0) (< net6.0)) (== netstandard2.0)
      Microsoft.AspNetCore.Http.Abstractions (>= 2.2) - restriction: || (== net472) (&& (== net8.0) (>= net462)) (&& (== net8.0) (< net6.0)) (== netstandard2.0)
      Microsoft.Extensions.Logging (>= 8.0)
      Serilog (>= 3.1.1)
      Serilog.Extensions.Hosting (>= 8.0)
      Serilog.Formatting.Compact (>= 2.0)
      Serilog.Settings.Configuration (>= 8.0.2)
      Serilog.Sinks.Console (>= 5.0)
      Serilog.Sinks.Debug (>= 2.0)
      Serilog.Sinks.File (>= 5.0)
    Serilog.Extensions.Hosting (8.0)
      Microsoft.Extensions.DependencyInjection.Abstractions (>= 8.0)
      Microsoft.Extensions.Hosting.Abstractions (>= 8.0)
      Microsoft.Extensions.Logging.Abstractions (>= 8.0)
      Serilog (>= 3.1.1)
      Serilog.Extensions.Logging (>= 8.0)
    Serilog.Extensions.Logging (8.0)
      Microsoft.Extensions.Logging (>= 8.0)
      Serilog (>= 3.1.1)
    Serilog.Formatting.Compact (2.0)
      Serilog (>= 3.1)
    Serilog.Settings.Configuration (8.0.2)
      Microsoft.Extensions.Configuration.Binder (>= 8.0)
      Microsoft.Extensions.DependencyModel (>= 8.0.1)
      Serilog (>= 3.1.1)
    Serilog.Sinks.Console (6.0)
      Serilog (>= 4.0)
    Serilog.Sinks.Debug (2.0)
      Serilog (>= 2.10)
    Serilog.Sinks.File (6.0)
      Serilog (>= 4.0)
    SharpZipLib (1.2)
    Splat (15.2.22)
    SQLitePCLRaw.bundle_e_sqlite3 (2.1.6) - restriction: || (&& (== net472) (>= net8.0)) (== net8.0) (&& (== netstandard2.0) (>= net8.0))
      SQLitePCLRaw.lib.e_sqlite3 (>= 2.1.6)
      SQLitePCLRaw.provider.e_sqlite3 (>= 2.1.6) - restriction: || (&& (== net472) (>= monoandroid9.0)) (&& (== net472) (< net461)) (&& (== net472) (>= net6.0-ios)) (== net8.0) (== netstandard2.0)
    SQLitePCLRaw.core (2.1.6) - restriction: || (&& (== net472) (>= net8.0)) (== net8.0) (&& (== netstandard2.0) (>= net8.0))
      System.Memory (>= 4.5.3)
    SQLitePCLRaw.lib.e_sqlite3 (2.1.6) - restriction: || (&& (== net472) (>= net8.0)) (== net8.0) (&& (== netstandard2.0) (>= net8.0))
    SQLitePCLRaw.provider.e_sqlite3 (2.1.6) - restriction: || (&& (== net472) (>= net8.0)) (== net8.0) (&& (== netstandard2.0) (>= net8.0))
      SQLitePCLRaw.core (>= 2.1.6)
    Swashbuckle.AspNetCore (6.8.1)
      Microsoft.Extensions.ApiDescription.Server (>= 6.0.5)
      Swashbuckle.AspNetCore.Swagger (>= 6.8.1)
      Swashbuckle.AspNetCore.SwaggerGen (>= 6.8.1)
      Swashbuckle.AspNetCore.SwaggerUI (>= 6.8.1)
    Swashbuckle.AspNetCore.Newtonsoft (6.8.1)
      Microsoft.AspNetCore.Mvc.Formatters.Json (>= 2.1) - restriction: || (== net472) (&& (== net8.0) (< netcoreapp3.0)) (== netstandard2.0)
      Microsoft.AspNetCore.Mvc.NewtonsoftJson (>= 8.0) - restriction: || (&& (== net472) (>= net8.0)) (== net8.0) (&& (== netstandard2.0) (>= net8.0))
      Swashbuckle.AspNetCore.SwaggerGen (>= 6.8.1)
    Swashbuckle.AspNetCore.Swagger (6.8.1)
      Microsoft.AspNetCore.Routing (>= 2.1) - restriction: || (== net472) (&& (== net8.0) (< netcoreapp3.0)) (== netstandard2.0)
      Microsoft.OpenApi (>= 1.6.14)
    Swashbuckle.AspNetCore.SwaggerGen (6.8.1)
      Microsoft.AspNetCore.Mvc.ApiExplorer (>= 2.1) - restriction: || (== net472) (&& (== net8.0) (< netcoreapp3.0)) (== netstandard2.0)
      Microsoft.AspNetCore.Mvc.DataAnnotations (>= 2.1) - restriction: || (== net472) (&& (== net8.0) (< netcoreapp3.0)) (== netstandard2.0)
      Swashbuckle.AspNetCore.Swagger (>= 6.8.1)
      System.Text.Json (>= 4.6) - restriction: || (== net472) (&& (== net8.0) (< netcoreapp3.0)) (== netstandard2.0)
    Swashbuckle.AspNetCore.SwaggerUI (6.8.1)
      Microsoft.AspNetCore.Routing (>= 2.1) - restriction: || (== net472) (&& (== net8.0) (< netcoreapp3.0)) (== netstandard2.0)
      Microsoft.AspNetCore.StaticFiles (>= 2.1) - restriction: || (== net472) (&& (== net8.0) (< netcoreapp3.0)) (== netstandard2.0)
      Microsoft.Extensions.FileProviders.Embedded (>= 2.1) - restriction: || (== net472) (&& (== net8.0) (< netcoreapp3.0)) (== netstandard2.0)
      System.Text.Json (>= 4.6) - restriction: || (== net472) (&& (== net8.0) (< netcoreapp3.0)) (== netstandard2.0)
    System.Buffers (4.5.1) - restriction: || (== net472) (&& (== net8.0) (>= monoandroid) (< netstandard1.3)) (&& (== net8.0) (>= monotouch)) (&& (== net8.0) (>= net462)) (&& (== net8.0) (< net6.0)) (&& (== net8.0) (< netcoreapp2.0)) (&& (== net8.0) (>= xamarinios)) (&& (== net8.0) (>= xamarinmac)) (&& (== net8.0) (>= xamarintvos)) (&& (== net8.0) (>= xamarinwatchos)) (== netstandard2.0)
    System.Collections (4.3) - restriction: || (&& (== net472) (< net45)) (&& (== net472) (< net46)) (== net8.0) (== netstandard2.0)
      Microsoft.NETCore.Platforms (>= 1.1) - restriction: || (&& (== net472) (< net45)) (== net8.0) (== netstandard2.0)
      Microsoft.NETCore.Targets (>= 1.1) - restriction: || (&& (== net472) (< net45)) (== net8.0) (== netstandard2.0)
      System.Runtime (>= 4.3) - restriction: || (&& (== net472) (< net45)) (== net8.0) (== netstandard2.0)
    System.Collections.Concurrent (4.3) - restriction: || (&& (== net472) (< net35)) (== net8.0) (== netstandard2.0)
      System.Collections (>= 4.3) - restriction: || (&& (== net472) (< net45)) (== net8.0) (== netstandard2.0)
      System.Diagnostics.Debug (>= 4.3) - restriction: || (&& (== net472) (< net45)) (== net8.0) (== netstandard2.0)
      System.Diagnostics.Tracing (>= 4.3) - restriction: || (&& (== net472) (< net45)) (== net8.0) (== netstandard2.0)
      System.Globalization (>= 4.3) - restriction: || (&& (== net472) (< net45)) (== net8.0) (== netstandard2.0)
      System.Reflection (>= 4.3) - restriction: || (&& (== net472) (< net45)) (== net8.0) (== netstandard2.0)
      System.Resources.ResourceManager (>= 4.3) - restriction: || (&& (== net472) (< net45)) (== net8.0) (== netstandard2.0)
      System.Runtime (>= 4.3) - restriction: || (&& (== net472) (< net45)) (== net8.0) (== netstandard2.0)
      System.Runtime.Extensions (>= 4.3) - restriction: || (&& (== net472) (< net45)) (== net8.0) (== netstandard2.0)
      System.Threading (>= 4.3) - restriction: || (&& (== net472) (< net45)) (== net8.0) (== netstandard2.0)
      System.Threading.Tasks (>= 4.3) - restriction: || (&& (== net472) (< net45)) (== net8.0) (== netstandard2.0)
    System.Collections.Immutable (8.0)
    System.ComponentModel (4.3)
      System.Runtime (>= 4.3) - restriction: || (&& (== net472) (< net45)) (== net8.0) (== netstandard2.0)
    System.ComponentModel.Annotations (5.0)
    System.Configuration.ConfigurationManager (6.0.1) - restriction: || (&& (== net472) (< net40)) (&& (== net472) (>= net8.0)) (== net8.0) (== netstandard2.0)
      System.Security.Cryptography.ProtectedData (>= 6.0) - restriction: || (&& (== net472) (< net461)) (&& (== net472) (>= net6.0)) (== net8.0) (== netstandard2.0)
      System.Security.Permissions (>= 6.0)
    System.Diagnostics.Contracts (4.3) - restriction: || (&& (== net472) (== net8.0)) (&& (== net472) (< net462)) (&& (== net8.0) (< net6.0)) (== netstandard2.0)
      System.Runtime (>= 4.3) - restriction: || (&& (== net472) (< net45)) (== net8.0) (== netstandard2.0)
    System.Diagnostics.Debug (4.3) - restriction: || (&& (== net472) (< net35)) (&& (== net472) (< net45)) (== net8.0) (== netstandard2.0)
      Microsoft.NETCore.Platforms (>= 1.1) - restriction: || (&& (== net472) (< net45)) (== net8.0) (== netstandard2.0)
      Microsoft.NETCore.Targets (>= 1.1) - restriction: || (&& (== net472) (< net45)) (== net8.0) (== netstandard2.0)
      System.Runtime (>= 4.3) - restriction: || (&& (== net472) (< net45)) (== net8.0) (== netstandard2.0)
    System.Diagnostics.DiagnosticSource (8.0.1)
      System.Memory (>= 4.5.5) - restriction: || (== net472) (&& (== net8.0) (>= net462)) (&& (== net8.0) (< net6.0)) (== netstandard2.0)
      System.Runtime.CompilerServices.Unsafe (>= 6.0) - restriction: || (== net472) (&& (== net8.0) (>= net462)) (&& (== net8.0) (< net6.0)) (&& (== net8.0) (< net7.0)) (== netstandard2.0)
    System.Diagnostics.EventLog (8.0) - restriction: || (&& (== net472) (< net462)) (&& (== net472) (>= net6.0)) (== net8.0) (== netstandard2.0)
      System.Security.Principal.Windows (>= 5.0) - restriction: || (== net472) (&& (== net8.0) (>= net462)) (&& (== net8.0) (< net6.0)) (== netstandard2.0)
    System.Diagnostics.Tools (4.3) - restriction: || (&& (== net472) (< net35)) (== net8.0) (== netstandard2.0)
      Microsoft.NETCore.Platforms (>= 1.1) - restriction: || (&& (== net472) (< net45)) (== net8.0) (== netstandard2.0)
      Microsoft.NETCore.Targets (>= 1.1) - restriction: || (&& (== net472) (< net45)) (== net8.0) (== netstandard2.0)
      System.Runtime (>= 4.3) - restriction: || (&& (== net472) (< net45)) (== net8.0) (== netstandard2.0)
    System.Diagnostics.Tracing (4.3) - restriction: || (&& (== net472) (< net35)) (== net8.0) (== netstandard2.0)
      Microsoft.NETCore.Platforms (>= 1.1) - restriction: || (&& (== net472) (< net45)) (== net8.0) (== netstandard2.0)
      Microsoft.NETCore.Targets (>= 1.1) - restriction: || (&& (== net472) (< net45)) (== net8.0) (== netstandard2.0)
      System.Runtime (>= 4.3) - restriction: || (&& (== net472) (< net45)) (== net8.0) (== netstandard2.0)
    System.Drawing.Common (8.0.10)
      Microsoft.Win32.SystemEvents (>= 8.0) - restriction: || (&& (== net472) (>= net6.0)) (== net8.0) (&& (== netstandard2.0) (>= net6.0))
    System.Dynamic.Runtime (4.3) - restriction: || (&& (== net472) (== net8.0)) (&& (== net472) (< net462)) (&& (== net8.0) (< net6.0)) (== netstandard2.0)
      System.Collections (>= 4.3) - restriction: || (&& (== net472) (< net45)) (== net8.0) (== netstandard2.0)
      System.Diagnostics.Debug (>= 4.3) - restriction: || (&& (== net472) (< net45)) (== net8.0) (== netstandard2.0)
      System.Linq (>= 4.3) - restriction: || (&& (== net472) (< net45)) (== net8.0) (== netstandard2.0)
      System.Linq.Expressions (>= 4.3) - restriction: || (&& (== net472) (< net45)) (== net8.0) (== netstandard2.0)
      System.ObjectModel (>= 4.3) - restriction: || (&& (== net472) (< net45)) (== net8.0) (== netstandard2.0)
      System.Reflection (>= 4.3) - restriction: || (&& (== net472) (< net45)) (== net8.0) (== netstandard2.0)
      System.Reflection.Emit (>= 4.3) - restriction: || (&& (== net472) (< net45)) (== net8.0) (== netstandard2.0)
      System.Reflection.Emit.ILGeneration (>= 4.3) - restriction: || (&& (== net472) (< net45)) (== net8.0) (== netstandard2.0)
      System.Reflection.Primitives (>= 4.3) - restriction: || (&& (== net472) (< net45)) (== net8.0) (== netstandard2.0)
      System.Reflection.TypeExtensions (>= 4.3) - restriction: || (&& (== net472) (< net45)) (== net8.0) (== netstandard2.0)
      System.Resources.ResourceManager (>= 4.3) - restriction: || (&& (== net472) (< net45)) (== net8.0) (== netstandard2.0)
      System.Runtime (>= 4.3) - restriction: || (&& (== net472) (< net45)) (== net8.0) (== netstandard2.0)
      System.Runtime.Extensions (>= 4.3) - restriction: || (&& (== net472) (< net45)) (== net8.0) (== netstandard2.0)
      System.Threading (>= 4.3) - restriction: || (&& (== net472) (< net45)) (== net8.0) (== netstandard2.0)
    System.Formats.Asn1 (9.0.5)
      System.Buffers (>= 4.5.1) - restriction: || (== net472) (&& (== net8.0) (>= net462)) (== netstandard2.0)
      System.Memory (>= 4.5.5) - restriction: || (== net472) (&& (== net8.0) (>= net462)) (== netstandard2.0)
      System.ValueTuple (>= 4.5) - restriction: || (== net472) (&& (== net8.0) (>= net462)) (&& (== netstandard2.0) (>= net462))
    System.Globalization (4.3) - restriction: || (&& (== net472) (< net35)) (&& (== net472) (< net45)) (== net8.0) (== netstandard2.0)
      Microsoft.NETCore.Platforms (>= 1.1) - restriction: || (&& (== net472) (< net45)) (== net8.0) (== netstandard2.0)
      Microsoft.NETCore.Targets (>= 1.1) - restriction: || (&& (== net472) (< net45)) (== net8.0) (== netstandard2.0)
      System.Runtime (>= 4.3) - restriction: || (&& (== net472) (< net45)) (== net8.0) (== netstandard2.0)
    System.IdentityModel.Tokens.Jwt (6.24) - restriction: || (&& (== net472) (>= net8.0)) (== net8.0) (&& (== netstandard2.0) (>= net8.0))
      Microsoft.IdentityModel.JsonWebTokens (>= 6.24)
      Microsoft.IdentityModel.Tokens (>= 6.24)
    System.IO (4.3)
      Microsoft.NETCore.Platforms (>= 1.1) - restriction: || (&& (== net472) (< net45)) (== net8.0) (== netstandard2.0)
      Microsoft.NETCore.Targets (>= 1.1) - restriction: || (&& (== net472) (< net45)) (== net8.0) (== netstandard2.0)
      System.Runtime (>= 4.3) - restriction: || (&& (== net472) (< net45)) (== net8.0) (== netstandard2.0)
      System.Text.Encoding (>= 4.3) - restriction: || (&& (== net472) (< net45)) (== net8.0) (== netstandard2.0)
      System.Threading.Tasks (>= 4.3) - restriction: || (&& (== net472) (< net45)) (== net8.0) (== netstandard2.0)
    System.IO.FileSystem (4.3) - restriction: || (&& (== net472) (< net35)) (== net8.0) (== netstandard2.0)
      Microsoft.NETCore.Platforms (>= 1.1) - restriction: || (&& (== net472) (< net46)) (== net8.0) (== netstandard2.0)
      Microsoft.NETCore.Targets (>= 1.1) - restriction: || (&& (== net472) (< net46)) (== net8.0) (== netstandard2.0)
      System.IO (>= 4.3) - restriction: || (&& (== net472) (< net46)) (== net8.0) (== netstandard2.0)
      System.IO.FileSystem.Primitives (>= 4.3)
      System.Runtime (>= 4.3) - restriction: || (&& (== net472) (< net46)) (== net8.0) (== netstandard2.0)
      System.Runtime.Handles (>= 4.3) - restriction: || (&& (== net472) (< net46)) (== net8.0) (== netstandard2.0)
      System.Text.Encoding (>= 4.3) - restriction: || (&& (== net472) (< net46)) (== net8.0) (== netstandard2.0)
      System.Threading.Tasks (>= 4.3) - restriction: || (&& (== net472) (< net46)) (== net8.0) (== netstandard2.0)
    System.IO.FileSystem.Primitives (4.3)
    System.IO.Packaging (4.5)
      System.IO.FileSystem.Primitives (>= 4.3) - restriction: || (== net472) (&& (== net8.0) (>= net46)) (&& (== net8.0) (< netstandard2.0)) (&& (== netstandard2.0) (>= net46))
    System.IO.Pipelines (9.0.5)
      System.Buffers (>= 4.5.1) - restriction: || (== net472) (&& (== net8.0) (>= net462)) (== netstandard2.0)
      System.Memory (>= 4.5.5) - restriction: || (== net472) (&& (== net8.0) (>= net462)) (== netstandard2.0)
      System.Threading.Tasks.Extensions (>= 4.5.4) - restriction: || (== net472) (&& (== net8.0) (>= net462)) (== netstandard2.0)
    System.IO.Ports (8.0)
      runtime.native.System.IO.Ports (>= 8.0) - restriction: || (&& (== net472) (< net462)) (&& (== net472) (>= net6.0)) (== net8.0) (== netstandard2.0)
    System.Linq (4.3) - restriction: || (&& (== net472) (< net35)) (&& (== net472) (< net45)) (== net8.0) (== netstandard2.0)
      System.Collections (>= 4.3) - restriction: || (&& (== net472) (< net45)) (== net8.0) (== netstandard2.0)
      System.Diagnostics.Debug (>= 4.3) - restriction: || (&& (== net472) (< net45)) (== net8.0) (== netstandard2.0)
      System.Resources.ResourceManager (>= 4.3) - restriction: || (&& (== net472) (< net45)) (== net8.0) (== netstandard2.0)
      System.Runtime (>= 4.3) - restriction: || (&& (== net472) (< net45)) (== net8.0) (== netstandard2.0)
      System.Runtime.Extensions (>= 4.3) - restriction: || (&& (== net472) (< net45)) (== net8.0) (== netstandard2.0)
    System.Linq.Expressions (4.3)
      System.Collections (>= 4.3) - restriction: || (&& (== net472) (< net45)) (== net8.0) (== netstandard2.0)
      System.Diagnostics.Debug (>= 4.3) - restriction: || (&& (== net472) (< net45)) (== net8.0) (== netstandard2.0)
      System.Globalization (>= 4.3) - restriction: || (&& (== net472) (< net45)) (== net8.0) (== netstandard2.0)
      System.IO (>= 4.3) - restriction: || (&& (== net472) (< net45)) (== net8.0) (== netstandard2.0)
      System.Linq (>= 4.3) - restriction: || (&& (== net472) (< net45)) (== net8.0) (== netstandard2.0)
      System.ObjectModel (>= 4.3) - restriction: || (&& (== net472) (< net45)) (== net8.0) (== netstandard2.0)
      System.Reflection (>= 4.3) - restriction: || (&& (== net472) (< net45)) (== net8.0) (== netstandard2.0)
      System.Reflection.Emit (>= 4.3) - restriction: || (&& (== net472) (< net45)) (== net8.0) (== netstandard2.0)
      System.Reflection.Emit.ILGeneration (>= 4.3) - restriction: || (&& (== net472) (< net45)) (== net8.0) (== netstandard2.0)
      System.Reflection.Emit.Lightweight (>= 4.3) - restriction: || (&& (== net472) (< net45)) (== net8.0) (== netstandard2.0)
      System.Reflection.Extensions (>= 4.3) - restriction: || (&& (== net472) (< net45)) (== net8.0) (== netstandard2.0)
      System.Reflection.Primitives (>= 4.3) - restriction: || (&& (== net472) (< net45)) (== net8.0) (== netstandard2.0)
      System.Reflection.TypeExtensions (>= 4.3) - restriction: || (&& (== net472) (< net45)) (== net8.0) (== netstandard2.0)
      System.Resources.ResourceManager (>= 4.3) - restriction: || (&& (== net472) (< net45)) (== net8.0) (== netstandard2.0)
      System.Runtime (>= 4.3) - restriction: || (&& (== net472) (< net45)) (== net8.0) (== netstandard2.0)
      System.Runtime.Extensions (>= 4.3) - restriction: || (&& (== net472) (< net45)) (== net8.0) (== netstandard2.0)
      System.Threading (>= 4.3) - restriction: || (&& (== net472) (< net45)) (== net8.0) (== netstandard2.0)
    System.Memory (4.5.5)
      System.Buffers (>= 4.5.1) - restriction: || (== net472) (&& (== net8.0) (>= monotouch)) (&& (== net8.0) (>= net461)) (&& (== net8.0) (< netcoreapp2.0)) (&& (== net8.0) (< netstandard1.1)) (&& (== net8.0) (< netstandard2.0)) (&& (== net8.0) (>= xamarinios)) (&& (== net8.0) (>= xamarinmac)) (&& (== net8.0) (>= xamarintvos)) (&& (== net8.0) (>= xamarinwatchos)) (== netstandard2.0)
      System.Numerics.Vectors (>= 4.4) - restriction: || (&& (== net472) (< net45)) (&& (== net8.0) (< netcoreapp2.0)) (== netstandard2.0)
      System.Runtime.CompilerServices.Unsafe (>= 4.5.3) - restriction: || (== net472) (&& (== net8.0) (>= monotouch)) (&& (== net8.0) (>= net461)) (&& (== net8.0) (< netcoreapp2.0)) (&& (== net8.0) (< netcoreapp2.1)) (&& (== net8.0) (< netstandard1.1)) (&& (== net8.0) (< netstandard2.0)) (&& (== net8.0) (>= uap10.1)) (&& (== net8.0) (>= xamarinios)) (&& (== net8.0) (>= xamarinmac)) (&& (== net8.0) (>= xamarintvos)) (&& (== net8.0) (>= xamarinwatchos)) (== netstandard2.0)
    System.Memory.Data (1.0.2) - restriction: || (&& (== net472) (>= net8.0)) (== net8.0) (&& (== netstandard2.0) (>= net8.0))
      System.Text.Encodings.Web (>= 4.7.2)
      System.Text.Json (>= 4.6)
    System.Net.Http (4.3.4) - restriction: || (== net472) (&& (== net8.0) (>= net462)) (&& (== netstandard2.0) (>= net462))
      System.Security.Cryptography.X509Certificates (>= 4.3)
    System.Net.Http.Json (8.0) - restriction: || (== net472) (&& (== net8.0) (>= net462)) (&& (== net8.0) (< net6.0)) (== netstandard2.0)
      System.Buffers (>= 4.5.1) - restriction: || (== net472) (&& (== net8.0) (>= net462)) (&& (== net8.0) (< net6.0)) (== netstandard2.0)
      System.Memory (>= 4.5.5) - restriction: || (== net472) (&& (== net8.0) (>= net462)) (&& (== net8.0) (< net6.0)) (== netstandard2.0)
      System.Text.Json (>= 8.0)
      System.Threading.Tasks.Extensions (>= 4.5.4) - restriction: || (== net472) (&& (== net8.0) (>= net462)) (&& (== net8.0) (< net6.0)) (== netstandard2.0)
    System.Net.Primitives (4.3) - restriction: || (&& (== net472) (< net46)) (== net8.0) (== netstandard2.0)
      Microsoft.NETCore.Platforms (>= 1.1) - restriction: || (&& (== net472) (< net45)) (&& (== net472) (< netstandard1.1)) (== net8.0) (== netstandard2.0)
      Microsoft.NETCore.Targets (>= 1.1) - restriction: || (&& (== net472) (< net45)) (&& (== net472) (< netstandard1.1)) (== net8.0) (== netstandard2.0)
      System.Runtime (>= 4.3) - restriction: || (&& (== net472) (< net45)) (&& (== net472) (< netstandard1.1)) (== net8.0) (== netstandard2.0)
      System.Runtime.Handles (>= 4.3) - restriction: || (&& (== net472) (< net45)) (== net8.0) (== netstandard2.0)
    System.Net.Sockets (4.3)
      Microsoft.NETCore.Platforms (>= 1.1) - restriction: || (&& (== net472) (< net46)) (== net8.0) (== netstandard2.0)
      Microsoft.NETCore.Targets (>= 1.1) - restriction: || (&& (== net472) (< net46)) (== net8.0) (== netstandard2.0)
      System.IO (>= 4.3) - restriction: || (&& (== net472) (< net46)) (== net8.0) (== netstandard2.0)
      System.Net.Primitives (>= 4.3) - restriction: || (&& (== net472) (< net46)) (== net8.0) (== netstandard2.0)
      System.Runtime (>= 4.3) - restriction: || (&& (== net472) (< net46)) (== net8.0) (== netstandard2.0)
      System.Threading.Tasks (>= 4.3) - restriction: || (&& (== net472) (< net46)) (== net8.0) (== netstandard2.0)
    System.Numerics.Vectors (4.5)
    System.ObjectModel (4.3) - restriction: || (&& (== net472) (< net45)) (== net8.0) (== netstandard2.0)
      System.Collections (>= 4.3) - restriction: || (&& (== net472) (< net45)) (== net8.0) (== netstandard2.0)
      System.Diagnostics.Debug (>= 4.3) - restriction: || (&& (== net472) (< net45)) (== net8.0) (== netstandard2.0)
      System.Resources.ResourceManager (>= 4.3) - restriction: || (&& (== net472) (< net45)) (== net8.0) (== netstandard2.0)
      System.Runtime (>= 4.3) - restriction: || (&& (== net472) (< net45)) (== net8.0) (== netstandard2.0)
      System.Threading (>= 4.3) - restriction: || (&& (== net472) (< net45)) (== net8.0) (== netstandard2.0)
    System.Private.DataContractSerialization (4.3) - restriction: || (&& (== net472) (< net35)) (== net8.0) (== netstandard2.0)
      System.Collections (>= 4.3) - restriction: || (&& (== net472) (< net46)) (== net8.0) (== netstandard2.0)
      System.Collections.Concurrent (>= 4.3) - restriction: || (&& (== net472) (< net46)) (== net8.0) (== netstandard2.0)
      System.Diagnostics.Debug (>= 4.3) - restriction: || (&& (== net472) (< net46)) (== net8.0) (== netstandard2.0)
      System.Globalization (>= 4.3) - restriction: || (&& (== net472) (< net46)) (== net8.0) (== netstandard2.0)
      System.IO (>= 4.3) - restriction: || (&& (== net472) (< net46)) (== net8.0) (== netstandard2.0)
      System.Linq (>= 4.3) - restriction: || (&& (== net472) (< net46)) (== net8.0) (== netstandard2.0)
      System.Reflection (>= 4.3) - restriction: || (&& (== net472) (< net46)) (== net8.0) (== netstandard2.0)
      System.Reflection.Emit.ILGeneration (>= 4.3) - restriction: || (&& (== net472) (< net46)) (== net8.0) (== netstandard2.0)
      System.Reflection.Emit.Lightweight (>= 4.3) - restriction: || (&& (== net472) (< net46)) (== net8.0) (== netstandard2.0)
      System.Reflection.Extensions (>= 4.3) - restriction: || (&& (== net472) (< net46)) (== net8.0) (== netstandard2.0)
      System.Reflection.Primitives (>= 4.3) - restriction: || (&& (== net472) (< net46)) (== net8.0) (== netstandard2.0)
      System.Reflection.TypeExtensions (>= 4.3)
      System.Resources.ResourceManager (>= 4.3) - restriction: || (&& (== net472) (< net46)) (== net8.0) (== netstandard2.0)
      System.Runtime (>= 4.3) - restriction: || (&& (== net472) (< net46)) (== net8.0) (== netstandard2.0)
      System.Runtime.Extensions (>= 4.3) - restriction: || (&& (== net472) (< net46)) (== net8.0) (== netstandard2.0)
      System.Runtime.Serialization.Primitives (>= 4.3)
      System.Text.Encoding (>= 4.3) - restriction: || (&& (== net472) (< net46)) (== net8.0) (== netstandard2.0)
      System.Text.Encoding.Extensions (>= 4.3) - restriction: || (&& (== net472) (< net46)) (== net8.0) (== netstandard2.0)
      System.Text.RegularExpressions (>= 4.3) - restriction: || (&& (== net472) (< net46)) (== net8.0) (== netstandard2.0)
      System.Threading (>= 4.3) - restriction: || (&& (== net472) (< net46)) (== net8.0) (== netstandard2.0)
      System.Threading.Tasks (>= 4.3) - restriction: || (&& (== net472) (< net46)) (== net8.0) (== netstandard2.0)
      System.Xml.ReaderWriter (>= 4.3) - restriction: || (&& (== net472) (< net46)) (== net8.0) (== netstandard2.0)
      System.Xml.XDocument (>= 4.3) - restriction: || (&& (== net472) (< net46)) (== net8.0) (== netstandard2.0)
      System.Xml.XmlDocument (>= 4.3)
      System.Xml.XmlSerializer (>= 4.3) - restriction: || (&& (== net472) (< net46)) (== net8.0) (== netstandard2.0)
    System.Reactive (6.0.1)
      System.Threading.Tasks.Extensions (>= 4.5.4) - restriction: || (== net472) (&& (== net8.0) (>= net472)) (&& (== net8.0) (< net6.0)) (&& (== net8.0) (>= uap10.1)) (== netstandard2.0)
    System.Reflection (4.3) - restriction: || (&& (== net472) (< net45)) (&& (== net472) (< net46)) (== net8.0) (== netstandard2.0)
      Microsoft.NETCore.Platforms (>= 1.1) - restriction: || (&& (== net472) (< net45)) (== net8.0) (== netstandard2.0)
      Microsoft.NETCore.Targets (>= 1.1) - restriction: || (&& (== net472) (< net45)) (== net8.0) (== netstandard2.0)
      System.IO (>= 4.3) - restriction: || (&& (== net472) (< net45)) (== net8.0) (== netstandard2.0)
      System.Reflection.Primitives (>= 4.3) - restriction: || (&& (== net472) (< net45)) (== net8.0) (== netstandard2.0)
      System.Runtime (>= 4.3) - restriction: || (&& (== net472) (< net45)) (== net8.0) (== netstandard2.0)
    System.Reflection.Emit (4.3) - restriction: || (&& (== net472) (< net35)) (&& (== net472) (< net45)) (== net8.0) (== netstandard2.0)
      System.IO (>= 4.3) - restriction: || (&& (== net472) (< net45)) (== net8.0) (== netstandard2.0)
      System.Reflection (>= 4.3) - restriction: || (&& (== net472) (< net45)) (== net8.0) (== netstandard2.0)
      System.Reflection.Emit.ILGeneration (>= 4.3) - restriction: || (&& (== net472) (< net45)) (== net8.0) (== netstandard2.0)
      System.Reflection.Primitives (>= 4.3) - restriction: || (&& (== net472) (< net45)) (== net8.0) (== netstandard2.0)
      System.Runtime (>= 4.3) - restriction: || (&& (== net472) (< net45)) (== net8.0) (== netstandard2.0)
    System.Reflection.Emit.ILGeneration (4.3) - restriction: || (&& (== net472) (< net35)) (&& (== net472) (< net45)) (== net8.0) (== netstandard2.0)
      System.Reflection (>= 4.3) - restriction: || (&& (== net472) (< net45)) (== net8.0) (== netstandard2.0)
      System.Reflection.Primitives (>= 4.3) - restriction: || (&& (== net472) (< net45)) (== net8.0) (== netstandard2.0)
      System.Runtime (>= 4.3) - restriction: || (&& (== net472) (< net45)) (== net8.0) (== netstandard2.0)
    System.Reflection.Emit.Lightweight (4.3) - restriction: || (&& (== net472) (< net35)) (&& (== net472) (< net45)) (== net8.0) (== netstandard2.0)
      System.Reflection (>= 4.3) - restriction: || (&& (== net472) (< net45)) (== net8.0) (== netstandard2.0)
      System.Reflection.Emit.ILGeneration (>= 4.3) - restriction: || (&& (== net472) (< net45)) (== net8.0) (== netstandard2.0)
      System.Reflection.Primitives (>= 4.3) - restriction: || (&& (== net472) (< net45)) (== net8.0) (== netstandard2.0)
      System.Runtime (>= 4.3) - restriction: || (&& (== net472) (< net45)) (== net8.0) (== netstandard2.0)
    System.Reflection.Extensions (4.3) - restriction: || (&& (== net472) (< net35)) (&& (== net472) (< net45)) (== net8.0) (== netstandard2.0)
      Microsoft.NETCore.Platforms (>= 1.1) - restriction: || (&& (== net472) (< net45)) (== net8.0) (== netstandard2.0)
      Microsoft.NETCore.Targets (>= 1.1) - restriction: || (&& (== net472) (< net45)) (== net8.0) (== netstandard2.0)
      System.Reflection (>= 4.3) - restriction: || (&& (== net472) (< net45)) (== net8.0) (== netstandard2.0)
      System.Runtime (>= 4.3) - restriction: || (&& (== net472) (< net45)) (== net8.0) (== netstandard2.0)
    System.Reflection.Metadata (8.0)
      System.Collections.Immutable (>= 8.0)
      System.Memory (>= 4.5.5) - restriction: || (== net472) (&& (== net8.0) (>= net462)) (&& (== net8.0) (< net6.0)) (== netstandard2.0)
    System.Reflection.Primitives (4.3) - restriction: || (&& (== net472) (< net45)) (== net8.0) (== netstandard2.0)
      Microsoft.NETCore.Platforms (>= 1.1) - restriction: || (&& (== net472) (< net45)) (== net8.0) (== netstandard2.0)
      Microsoft.NETCore.Targets (>= 1.1) - restriction: || (&& (== net472) (< net45)) (== net8.0) (== netstandard2.0)
      System.Runtime (>= 4.3) - restriction: || (&& (== net472) (< net45)) (== net8.0) (== netstandard2.0)
    System.Reflection.TypeExtensions (4.3) - restriction: || (&& (== net472) (< net35)) (&& (== net472) (< net45)) (== net8.0) (== netstandard2.0)
      System.Reflection (>= 4.3)
      System.Runtime (>= 4.3) - restriction: || (&& (== net472) (< net46)) (== net8.0) (== netstandard2.0)
    System.Resources.ResourceManager (4.3) - restriction: || (&& (== net472) (< net45)) (&& (== net472) (< net46)) (== net8.0) (== netstandard2.0)
      Microsoft.NETCore.Platforms (>= 1.1) - restriction: || (&& (== net472) (< net45)) (== net8.0) (== netstandard2.0)
      Microsoft.NETCore.Targets (>= 1.1) - restriction: || (&& (== net472) (< net45)) (== net8.0) (== netstandard2.0)
      System.Globalization (>= 4.3) - restriction: || (&& (== net472) (< net45)) (== net8.0) (== netstandard2.0)
      System.Reflection (>= 4.3) - restriction: || (&& (== net472) (< net45)) (== net8.0) (== netstandard2.0)
      System.Runtime (>= 4.3) - restriction: || (&& (== net472) (< net45)) (== net8.0) (== netstandard2.0)
    System.Runtime (4.3.1)
      Microsoft.NETCore.Platforms (>= 1.1.1) - restriction: || (&& (== net472) (< net45)) (== net8.0) (== netstandard2.0)
      Microsoft.NETCore.Targets (>= 1.1.3) - restriction: || (&& (== net472) (< net45)) (== net8.0) (== netstandard2.0)
    System.Runtime.Caching (6.0) - restriction: || (&& (== net472) (>= net8.0)) (== net8.0) (&& (== netstandard2.0) (>= net8.0))
      System.Configuration.ConfigurationManager (>= 6.0)
    System.Runtime.CompilerServices.Unsafe (6.1.2)
    System.Runtime.Extensions (4.3) - restriction: || (&& (== net472) (< net35)) (&& (== net472) (< net45)) (== net8.0) (== netstandard2.0)
      Microsoft.NETCore.Platforms (>= 1.1) - restriction: || (&& (== net472) (< net45)) (== net8.0) (== netstandard2.0)
      Microsoft.NETCore.Targets (>= 1.1) - restriction: || (&& (== net472) (< net45)) (== net8.0) (== netstandard2.0)
      System.Runtime (>= 4.3) - restriction: || (&& (== net472) (< net45)) (== net8.0) (== netstandard2.0)
    System.Runtime.Handles (4.3) - restriction: || (&& (== net472) (< net45)) (== net8.0) (== netstandard2.0)
      Microsoft.NETCore.Platforms (>= 1.1) - restriction: || (&& (== net472) (< net46)) (== net8.0) (== netstandard2.0)
      Microsoft.NETCore.Targets (>= 1.1) - restriction: || (&& (== net472) (< net46)) (== net8.0) (== netstandard2.0)
      System.Runtime (>= 4.3) - restriction: || (&& (== net472) (< net46)) (== net8.0) (== netstandard2.0)
    System.Runtime.InteropServices (4.3) - restriction: || (&& (== net472) (< net35)) (== net8.0) (== netstandard2.0)
      Microsoft.NETCore.Platforms (>= 1.1) - restriction: || (&& (== net472) (< net45)) (&& (== net472) (>= netcoreapp1.1)) (== net8.0) (== netstandard2.0)
      Microsoft.NETCore.Targets (>= 1.1) - restriction: || (&& (== net472) (< net45)) (&& (== net472) (>= netcoreapp1.1)) (== net8.0) (== netstandard2.0)
      System.Reflection (>= 4.3) - restriction: || (&& (== net472) (< net45)) (&& (== net472) (>= netcoreapp1.1)) (== net8.0) (== netstandard2.0)
      System.Reflection.Primitives (>= 4.3) - restriction: || (&& (== net472) (< net45)) (&& (== net472) (>= netcoreapp1.1)) (== net8.0) (== netstandard2.0)
      System.Runtime (>= 4.3)
      System.Runtime.Handles (>= 4.3) - restriction: || (&& (== net472) (< net45)) (&& (== net472) (>= netcoreapp1.1)) (== net8.0) (== netstandard2.0)
    System.Runtime.InteropServices.RuntimeInformation (4.3) - restriction: || (== net472) (&& (== net8.0) (>= net462)) (&& (== netstandard2.0) (>= net462))
    System.Runtime.Serialization.Formatters (4.3)
      System.Collections (>= 4.3) - restriction: || (&& (== net472) (< net46)) (== net8.0) (== netstandard2.0)
      System.Reflection (>= 4.3) - restriction: || (&& (== net472) (< net46)) (== net8.0) (== netstandard2.0)
      System.Resources.ResourceManager (>= 4.3) - restriction: || (&& (== net472) (< net46)) (== net8.0) (== netstandard2.0)
      System.Runtime (>= 4.3) - restriction: || (&& (== net472) (< net46)) (== net8.0) (== netstandard2.0)
      System.Runtime.Serialization.Primitives (>= 4.3)
    System.Runtime.Serialization.Primitives (4.3)
      System.Resources.ResourceManager (>= 4.3) - restriction: || (&& (== net472) (< net45)) (== net8.0) (== netstandard2.0)
      System.Runtime (>= 4.3) - restriction: || (&& (== net472) (< net45)) (== net8.0) (== netstandard2.0)
    System.Runtime.Serialization.Xml (4.3) - restriction: || (&& (== net472) (< net35)) (== net8.0) (== netstandard2.0)
      System.IO (>= 4.3) - restriction: || (&& (== net472) (< net45)) (== net8.0) (== netstandard2.0)
      System.Private.DataContractSerialization (>= 4.3) - restriction: || (&& (== net472) (< net45)) (== net8.0) (== netstandard2.0)
      System.Runtime (>= 4.3) - restriction: || (&& (== net472) (< net45)) (== net8.0) (== netstandard2.0)
      System.Runtime.Serialization.Primitives (>= 4.3)
      System.Text.Encoding (>= 4.3) - restriction: || (&& (== net472) (< net45)) (== net8.0) (== netstandard2.0)
      System.Xml.ReaderWriter (>= 4.3) - restriction: || (&& (== net472) (< net45)) (== net8.0) (== netstandard2.0)
    System.Security.AccessControl (6.0)
      System.Security.Principal.Windows (>= 5.0) - restriction: || (== net472) (&& (== net8.0) (>= net461)) (&& (== net8.0) (< net6.0)) (== netstandard2.0)
    System.Security.Cryptography.Algorithms (4.3) - restriction: || (== net472) (&& (== net8.0) (>= net462)) (&& (== netstandard2.0) (>= net462))
      System.IO (>= 4.3)
      System.Runtime (>= 4.3)
      System.Security.Cryptography.Encoding (>= 4.3)
      System.Security.Cryptography.Primitives (>= 4.3)
    System.Security.Cryptography.Cng (5.0) - restriction: || (&& (== net472) (< net462)) (&& (== net472) (>= net8.0)) (&& (== net472) (>= netstandard2.1)) (== net8.0) (== netstandard2.0)
      System.Formats.Asn1 (>= 5.0) - restriction: || (&& (== net472) (>= netcoreapp3.0)) (== net8.0) (&& (== netstandard2.0) (>= netcoreapp3.0))
    System.Security.Cryptography.Encoding (4.3) - restriction: || (== net472) (&& (== net8.0) (>= net462)) (&& (== netstandard2.0) (>= net462))
    System.Security.Cryptography.Pkcs (9.0.5) - restriction: || (&& (== net472) (< net462)) (&& (== net472) (>= net8.0)) (== net8.0) (== netstandard2.0)
      Microsoft.Bcl.Cryptography (>= 9.0.5)
      System.Buffers (>= 4.5.1) - restriction: || (&& (== net472) (< net462)) (&& (== net8.0) (< netstandard2.1)) (== netstandard2.0)
      System.Formats.Asn1 (>= 9.0.5) - restriction: || (&& (== net472) (< net462)) (&& (== net472) (>= netstandard2.1)) (== net8.0) (== netstandard2.0)
      System.Memory (>= 4.5.5) - restriction: || (&& (== net472) (< net462)) (&& (== net8.0) (< netstandard2.1)) (== netstandard2.0)
      System.Runtime.CompilerServices.Unsafe (>= 6.0) - restriction: || (&& (== net472) (< net462)) (&& (== net472) (>= netstandard2.1)) (&& (== net8.0) (< netstandard2.1)) (== netstandard2.0)
      System.Security.Cryptography.Cng (>= 5.0) - restriction: || (&& (== net472) (< net462)) (&& (== net472) (>= netstandard2.1)) (&& (== net8.0) (< netstandard2.1)) (== netstandard2.0)
    System.Security.Cryptography.Primitives (4.3) - restriction: || (== net472) (&& (== net8.0) (>= net462)) (&& (== net8.0) (>= net463)) (&& (== netstandard2.0) (>= net462)) (&& (== netstandard2.0) (>= net463))
    System.Security.Cryptography.ProtectedData (6.0) - restriction: || (&& (== net472) (>= net8.0)) (== net8.0) (&& (== netstandard2.0) (>= net8.0))
    System.Security.Cryptography.X509Certificates (4.3) - restriction: || (== net472) (&& (== net8.0) (>= net462)) (&& (== netstandard2.0) (>= net462))
      System.Security.Cryptography.Algorithms (>= 4.3)
      System.Security.Cryptography.Encoding (>= 4.3)
    System.Security.Cryptography.Xml (9.0.5)
      Microsoft.Bcl.Cryptography (>= 9.0.5)
      System.Memory (>= 4.5.5) - restriction: || (&& (== net472) (< net462)) (== netstandard2.0)
      System.Security.AccessControl (>= 6.0) - restriction: || (&& (== net472) (< net462)) (== netstandard2.0)
      System.Security.Cryptography.Pkcs (>= 9.0.5) - restriction: || (&& (== net472) (< net462)) (&& (== net472) (>= net8.0)) (== net8.0) (== netstandard2.0)
    System.Security.Permissions (6.0) - restriction: || (&& (== net472) (>= net8.0)) (== net8.0) (&& (== netstandard2.0) (>= net8.0))
      System.Security.AccessControl (>= 6.0)
      System.Windows.Extensions (>= 6.0) - restriction: || (&& (== net472) (>= netcoreapp3.1)) (== net8.0) (&& (== netstandard2.0) (>= netcoreapp3.1))
    System.Security.Principal.Windows (5.0)
    System.ServiceModel.Http (8.1.2)
      System.ServiceModel.Primitives (>= 8.1.2) - restriction: || (&& (== net472) (< net462)) (&& (== net472) (>= net8.0)) (== net8.0) (== netstandard2.0)
    System.ServiceModel.Primitives (8.1.2) - restriction: || (&& (== net472) (< net462)) (&& (== net472) (>= net8.0)) (== net8.0) (== netstandard2.0)
      Microsoft.Extensions.ObjectPool (>= 8.0.10) - restriction: || (&& (== net472) (>= net8.0)) (== net8.0) (&& (== netstandard2.0) (>= net8.0))
      System.Security.Cryptography.Xml (>= 8.0.2) - restriction: || (&& (== net472) (>= net8.0)) (== net8.0) (&& (== netstandard2.0) (>= net8.0))
      System.Security.Principal.Windows (>= 5.0) - restriction: || (&& (== net472) (< net462)) (== netstandard2.0)
    System.Text.Encoding (4.3) - restriction: || (&& (== net472) (< net45)) (&& (== net472) (>= net8.0)) (== net8.0) (== netstandard2.0)
      Microsoft.NETCore.Platforms (>= 1.1) - restriction: || (&& (== net472) (< net45)) (== net8.0) (== netstandard2.0)
      Microsoft.NETCore.Targets (>= 1.1) - restriction: || (&& (== net472) (< net45)) (== net8.0) (== netstandard2.0)
      System.Runtime (>= 4.3) - restriction: || (&& (== net472) (< net45)) (== net8.0) (== netstandard2.0)
    System.Text.Encoding.CodePages (9.0.5)
      System.Memory (>= 4.5.5) - restriction: || (== net472) (&& (== net8.0) (>= net462)) (== netstandard2.0)
      System.Runtime.CompilerServices.Unsafe (>= 6.0) - restriction: || (== net472) (&& (== net8.0) (>= net462)) (== netstandard2.0)
    System.Text.Encoding.Extensions (4.3) - restriction: || (&& (== net472) (< net35)) (== net8.0) (== netstandard2.0)
      Microsoft.NETCore.Platforms (>= 1.1) - restriction: || (&& (== net472) (< net45)) (== net8.0) (== netstandard2.0)
      Microsoft.NETCore.Targets (>= 1.1) - restriction: || (&& (== net472) (< net45)) (== net8.0) (== netstandard2.0)
      System.Runtime (>= 4.3) - restriction: || (&& (== net472) (< net45)) (== net8.0) (== netstandard2.0)
      System.Text.Encoding (>= 4.3) - restriction: || (&& (== net472) (< net45)) (== net8.0) (== netstandard2.0)
    System.Text.Encodings.Web (9.0.5)
      System.Buffers (>= 4.5.1) - restriction: || (== net472) (&& (== net8.0) (>= net462)) (== netstandard2.0)
      System.Memory (>= 4.5.5) - restriction: || (== net472) (&& (== net8.0) (>= net462)) (== netstandard2.0)
      System.Runtime.CompilerServices.Unsafe (>= 6.0) - restriction: || (== net472) (&& (== net8.0) (>= net462)) (== netstandard2.0)
    System.Text.Json (9.0.5)
      Microsoft.Bcl.AsyncInterfaces (>= 9.0.5) - restriction: || (== net472) (&& (== net8.0) (>= net462)) (== netstandard2.0)
      System.Buffers (>= 4.5.1) - restriction: || (== net472) (&& (== net8.0) (>= net462)) (== netstandard2.0)
      System.IO.Pipelines (>= 9.0.5)
      System.Memory (>= 4.5.5) - restriction: || (== net472) (&& (== net8.0) (>= net462)) (== netstandard2.0)
      System.Runtime.CompilerServices.Unsafe (>= 6.0) - restriction: || (== net472) (&& (== net8.0) (>= net462)) (== netstandard2.0)
      System.Text.Encodings.Web (>= 9.0.5)
      System.Threading.Tasks.Extensions (>= 4.5.4) - restriction: || (== net472) (&& (== net8.0) (>= net462)) (== netstandard2.0)
      System.ValueTuple (>= 4.5) - restriction: || (== net472) (&& (== net8.0) (>= net462)) (&& (== netstandard2.0) (>= net462))
    System.Text.RegularExpressions (4.3) - restriction: || (&& (== net472) (< net35)) (== net8.0) (== netstandard2.0)
      System.Collections (>= 4.3) - restriction: || (&& (== net472) (< net45)) (&& (== net8.0) (< netcoreapp1.1)) (== netstandard2.0)
      System.Globalization (>= 4.3) - restriction: || (&& (== net472) (< net45)) (&& (== net8.0) (< netcoreapp1.1)) (== netstandard2.0)
      System.Resources.ResourceManager (>= 4.3) - restriction: || (&& (== net472) (< net45)) (&& (== net8.0) (< netcoreapp1.1)) (== netstandard2.0)
      System.Runtime (>= 4.3) - restriction: || (&& (== net472) (< net45)) (&& (== net472) (>= netcoreapp1.1)) (== net8.0) (== netstandard2.0)
      System.Runtime.Extensions (>= 4.3) - restriction: || (&& (== net472) (< net45)) (&& (== net8.0) (< netcoreapp1.1)) (== netstandard2.0)
      System.Threading (>= 4.3) - restriction: || (&& (== net472) (< net45)) (&& (== net8.0) (< netcoreapp1.1)) (== netstandard2.0)
    System.Threading (4.3) - restriction: || (&& (== net472) (< net35)) (&& (== net472) (< net45)) (== net8.0) (== netstandard2.0)
      System.Runtime (>= 4.3) - restriction: || (&& (== net472) (< net45)) (== net8.0) (== netstandard2.0)
      System.Threading.Tasks (>= 4.3) - restriction: || (&& (== net472) (< net45)) (== net8.0) (== netstandard2.0)
    System.Threading.Channels (8.0) - restriction: || (== net472) (&& (== net8.0) (>= net462) (< netstandard2.0)) (&& (== net8.0) (>= net471)) (&& (== net8.0) (< net6.0)) (== netstandard2.0)
      System.Threading.Tasks.Extensions (>= 4.5.4) - restriction: || (== net472) (&& (== net8.0) (>= net462)) (&& (== net8.0) (< netstandard2.1)) (== netstandard2.0)
    System.Threading.Tasks (4.3) - restriction: || (&& (== net472) (< net45)) (&& (== net472) (< net46)) (== net8.0) (== netstandard2.0)
      Microsoft.NETCore.Platforms (>= 1.1) - restriction: || (&& (== net472) (< net45)) (== net8.0) (== netstandard2.0)
      Microsoft.NETCore.Targets (>= 1.1) - restriction: || (&& (== net472) (< net45)) (== net8.0) (== netstandard2.0)
      System.Runtime (>= 4.3) - restriction: || (&& (== net472) (< net45)) (== net8.0) (== netstandard2.0)
    System.Threading.Tasks.Extensions (4.6.3)
      System.Runtime.CompilerServices.Unsafe (>= 6.1.2) - restriction: || (== net472) (&& (== net8.0) (>= net462)) (&& (== net8.0) (< netcoreapp2.1) (< netstandard2.1)) (== netstandard2.0)
    System.ValueTuple (4.6.1)
    System.Windows.Extensions (6.0) - restriction: || (&& (== net472) (>= net8.0)) (== net8.0) (&& (== netstandard2.0) (>= net8.0))
      System.Drawing.Common (>= 6.0) - restriction: || (&& (== net472) (>= netcoreapp3.1)) (== net8.0) (&& (== netstandard2.0) (>= netcoreapp3.1))
    System.Xml.ReaderWriter (4.3) - restriction: || (&& (== net472) (< net35)) (== net8.0) (== netstandard2.0)
      System.Collections (>= 4.3) - restriction: || (&& (== net472) (< net45)) (== net8.0) (== netstandard2.0)
      System.Diagnostics.Debug (>= 4.3) - restriction: || (&& (== net472) (< net45)) (== net8.0) (== netstandard2.0)
      System.Globalization (>= 4.3) - restriction: || (&& (== net472) (< net45)) (== net8.0) (== netstandard2.0)
      System.IO (>= 4.3) - restriction: || (&& (== net472) (< net45)) (== net8.0) (== netstandard2.0)
      System.IO.FileSystem (>= 4.3) - restriction: || (&& (== net472) (< net45)) (== net8.0) (== netstandard2.0)
      System.IO.FileSystem.Primitives (>= 4.3) - restriction: || (&& (== net472) (< net45)) (== net8.0) (== netstandard2.0)
      System.Resources.ResourceManager (>= 4.3) - restriction: || (&& (== net472) (< net45)) (== net8.0) (== netstandard2.0)
      System.Runtime (>= 4.3) - restriction: || (&& (== net472) (< net45)) (== net8.0) (== netstandard2.0)
      System.Runtime.Extensions (>= 4.3) - restriction: || (&& (== net472) (< net45)) (== net8.0) (== netstandard2.0)
      System.Runtime.InteropServices (>= 4.3) - restriction: || (&& (== net472) (< net45)) (== net8.0) (== netstandard2.0)
      System.Text.Encoding (>= 4.3) - restriction: || (&& (== net472) (< net45)) (== net8.0) (== netstandard2.0)
      System.Text.Encoding.Extensions (>= 4.3) - restriction: || (&& (== net472) (< net45)) (== net8.0) (== netstandard2.0)
      System.Text.RegularExpressions (>= 4.3) - restriction: || (&& (== net472) (< net45)) (== net8.0) (== netstandard2.0)
      System.Threading.Tasks (>= 4.3) - restriction: || (&& (== net472) (< net45)) (== net8.0) (== netstandard2.0)
      System.Threading.Tasks.Extensions (>= 4.3) - restriction: || (&& (== net472) (< net45)) (== net8.0) (== netstandard2.0)
    System.Xml.XDocument (4.3) - restriction: || (&& (== net472) (< net35)) (== net8.0) (== netstandard2.0)
      System.Collections (>= 4.3) - restriction: || (&& (== net472) (< net45)) (== net8.0) (== netstandard2.0)
      System.Diagnostics.Debug (>= 4.3) - restriction: || (&& (== net472) (< net45)) (== net8.0) (== netstandard2.0)
      System.Diagnostics.Tools (>= 4.3) - restriction: || (&& (== net472) (< net45)) (== net8.0) (== netstandard2.0)
      System.Globalization (>= 4.3) - restriction: || (&& (== net472) (< net45)) (== net8.0) (== netstandard2.0)
      System.IO (>= 4.3) - restriction: || (&& (== net472) (< net45)) (== net8.0) (== netstandard2.0)
      System.Reflection (>= 4.3) - restriction: || (&& (== net472) (< net45)) (== net8.0) (== netstandard2.0)
      System.Resources.ResourceManager (>= 4.3) - restriction: || (&& (== net472) (< net45)) (== net8.0) (== netstandard2.0)
      System.Runtime (>= 4.3) - restriction: || (&& (== net472) (< net45)) (== net8.0) (== netstandard2.0)
      System.Runtime.Extensions (>= 4.3) - restriction: || (&& (== net472) (< net45)) (== net8.0) (== netstandard2.0)
      System.Text.Encoding (>= 4.3) - restriction: || (&& (== net472) (< net45)) (== net8.0) (== netstandard2.0)
      System.Threading (>= 4.3) - restriction: || (&& (== net472) (< net45)) (== net8.0) (== netstandard2.0)
      System.Xml.ReaderWriter (>= 4.3) - restriction: || (&& (== net472) (< net45)) (== net8.0) (== netstandard2.0)
    System.Xml.XmlDocument (4.3) - restriction: || (&& (== net472) (< net35)) (== net8.0) (== netstandard2.0)
      System.Collections (>= 4.3) - restriction: || (&& (== net472) (< net46)) (== net8.0) (== netstandard2.0)
      System.Diagnostics.Debug (>= 4.3) - restriction: || (&& (== net472) (< net46)) (== net8.0) (== netstandard2.0)
      System.Globalization (>= 4.3) - restriction: || (&& (== net472) (< net46)) (== net8.0) (== netstandard2.0)
      System.IO (>= 4.3) - restriction: || (&& (== net472) (< net46)) (== net8.0) (== netstandard2.0)
      System.Resources.ResourceManager (>= 4.3) - restriction: || (&& (== net472) (< net46)) (== net8.0) (== netstandard2.0)
      System.Runtime (>= 4.3) - restriction: || (&& (== net472) (< net46)) (== net8.0) (== netstandard2.0)
      System.Runtime.Extensions (>= 4.3) - restriction: || (&& (== net472) (< net46)) (== net8.0) (== netstandard2.0)
      System.Text.Encoding (>= 4.3) - restriction: || (&& (== net472) (< net46)) (== net8.0) (== netstandard2.0)
      System.Threading (>= 4.3) - restriction: || (&& (== net472) (< net46)) (== net8.0) (== netstandard2.0)
      System.Xml.ReaderWriter (>= 4.3) - restriction: || (&& (== net472) (< net46)) (== net8.0) (== netstandard2.0)
    System.Xml.XmlSerializer (4.3) - restriction: || (&& (== net472) (< net35)) (== net8.0) (== netstandard2.0)
      System.Collections (>= 4.3) - restriction: || (&& (== net472) (< net45)) (== net8.0) (== netstandard2.0)
      System.Globalization (>= 4.3) - restriction: || (&& (== net472) (< net45)) (== net8.0) (== netstandard2.0)
      System.IO (>= 4.3) - restriction: || (&& (== net472) (< net45)) (== net8.0) (== netstandard2.0)
      System.Linq (>= 4.3) - restriction: || (&& (== net472) (< net45)) (== net8.0) (== netstandard2.0)
      System.Reflection (>= 4.3) - restriction: || (&& (== net472) (< net45)) (== net8.0) (== netstandard2.0)
      System.Reflection.Emit (>= 4.3) - restriction: || (&& (== net472) (< net45)) (== net8.0) (== netstandard2.0)
      System.Reflection.Emit.ILGeneration (>= 4.3) - restriction: || (&& (== net472) (< net45)) (== net8.0) (== netstandard2.0)
      System.Reflection.Extensions (>= 4.3) - restriction: || (&& (== net472) (< net45)) (== net8.0) (== netstandard2.0)
      System.Reflection.Primitives (>= 4.3) - restriction: || (&& (== net472) (< net45)) (== net8.0) (== netstandard2.0)
      System.Reflection.TypeExtensions (>= 4.3) - restriction: || (&& (== net472) (< net45)) (== net8.0) (== netstandard2.0)
      System.Resources.ResourceManager (>= 4.3) - restriction: || (&& (== net472) (< net45)) (== net8.0) (== netstandard2.0)
      System.Runtime (>= 4.3) - restriction: || (&& (== net472) (< net45)) (== net8.0) (== netstandard2.0)
      System.Runtime.Extensions (>= 4.3) - restriction: || (&& (== net472) (< net45)) (== net8.0) (== netstandard2.0)
      System.Text.RegularExpressions (>= 4.3) - restriction: || (&& (== net472) (< net45)) (== net8.0) (== netstandard2.0)
      System.Threading (>= 4.3) - restriction: || (&& (== net472) (< net45)) (== net8.0) (== netstandard2.0)
      System.Xml.ReaderWriter (>= 4.3) - restriction: || (&& (== net472) (< net45)) (== net8.0) (== netstandard2.0)
      System.Xml.XmlDocument (>= 4.3) - restriction: || (&& (== net472) (< net45)) (== net8.0) (== netstandard2.0)

GROUP Test
STORAGE: NONE
RESTRICTION: == net8.0
NUGET
  remote: https://api.nuget.org/v3/index.json
    Castle.Core (5.1.1)
      System.Diagnostics.EventLog (>= 6.0)
    coverlet.collector (6.0.2)
    FSharp.Core (9.0.100)
    FsUnit.xUnit (6.0.1)
      FSharp.Core (>= 5.0.2)
      NHamcrest (>= 3.4)
      xunit (>= 2.6.6)
    Microsoft.CodeCoverage (17.12)
    Microsoft.NET.Test.Sdk (17.12)
      Microsoft.CodeCoverage (>= 17.12)
      Microsoft.TestPlatform.TestHost (>= 17.12)
    Microsoft.TestPlatform.ObjectModel (17.12)
      System.Reflection.Metadata (>= 1.6)
    Microsoft.TestPlatform.TestHost (17.12)
      Microsoft.TestPlatform.ObjectModel (>= 17.12)
      Newtonsoft.Json (>= 13.0.1)
    Moq (4.20.72)
      Castle.Core (>= 5.1.1)
    Newtonsoft.Json (13.0.3)
    NHamcrest (3.4)
    System.Collections.Immutable (9.0)
    System.Diagnostics.EventLog (9.0)
    System.Reflection.Metadata (9.0)
      System.Collections.Immutable (>= 9.0)
    xunit (2.9.2)
      xunit.analyzers (>= 1.16)
      xunit.assert (>= 2.9.2)
      xunit.core (2.9.2)
    xunit.abstractions (2.0.3)
    xunit.analyzers (1.17)
    xunit.assert (2.9.2)
    xunit.core (2.9.2)
      xunit.extensibility.core (2.9.2)
      xunit.extensibility.execution (2.9.2)
    xunit.extensibility.core (2.9.2)
      xunit.abstractions (>= 2.0.3)
    xunit.extensibility.execution (2.9.2)
      xunit.extensibility.core (2.9.2)
    xunit.runner.visualstudio (2.8.2)
