STORAGE: NONE
STRATEGY: MIN
RESTRICTION: || (== net472) (== net8.0) (== net8.0-windows10.0.17763.0) (== netstandard2.0)
NUGET
  remote: https://baget.stdunit.com/v3/index.json
    AsZero.Core (0.2.0)
      MediatR (>= 9.0)
      Microsoft.Extensions.Hosting (>= 3.1)
      Newtonsoft.Json (>= 12.0.3)
      NPOI (>= 2.5.1)
    Catl.HostComputer.Commons.Wpf (0.2.0)
    Catl.HostComputer.CommonServices (0.2.0)
      AsZero.Core (>= 0.2)
      MediatR.Extensions.Microsoft.DependencyInjection (>= 9.0)
      Microsoft.AspNetCore.DataProtection.Abstractions (>= 3.1)
      Open-XML-SDK (>= 2.9.1)
    FutureTech.Protocols (0.5.2)
    Itminus.FSharpExtensions (0.1.7)
      FSharp.Core (>= 4.7)
    Itminus.FunFlows (0.8.1)
      FSharp.Core (>= 4.7)
      Itminus.FSharpExtensions (>= 0.1.7)
      Itminus.FunFlows.Abstractions (>= 0.8.1)
      MediatR (>= 9.0)
      Microsoft.CodeAnalysis.CSharp.Scripting (>= 4.10)
      Microsoft.CSharp (>= 4.7)
      Microsoft.Extensions.Caching.Memory (>= 6.0)
      Microsoft.Extensions.DependencyInjection (>= 6.0)
      Microsoft.Extensions.Logging (>= 6.0)
      Newtonsoft.Json (>= 12.0.1)
      System.ComponentModel.Annotations (>= 5.0)
      System.Linq.Expressions (>= 4.3)
    Itminus.FunFlows.Abstractions (0.8.1)
      FSharp.Core (>= 4.7)
      Newtonsoft.Json (>= 12.0.1)
    Itminus.FunFlows.Storages.EFCoreStore (0.8.1)
      Itminus.FunFlows (>= 0.8.1) - restriction: || (&& (== net472) (>= net6.0)) (== net8.0) (== net8.0-windows10.0.17763.0) (&& (== netstandard2.0) (>= net6.0))
      Microsoft.EntityFrameworkCore (>= 6.0) - restriction: || (&& (== net472) (>= net6.0)) (== net8.0) (== net8.0-windows10.0.17763.0) (&& (== netstandard2.0) (>= net6.0))
      Microsoft.EntityFrameworkCore.Relational (>= 6.0) - restriction: || (&& (== net472) (>= net6.0)) (== net8.0) (== net8.0-windows10.0.17763.0) (&& (== netstandard2.0) (>= net6.0))
      StdUnit.Zero.DAL (>= 0.2.19) - restriction: || (&& (== net472) (>= net6.0)) (== net8.0) (== net8.0-windows10.0.17763.0) (&& (== netstandard2.0) (>= net6.0))
      System.Collections.Immutable (>= 8.0) - restriction: || (&& (== net472) (>= net6.0)) (== net8.0) (== net8.0-windows10.0.17763.0) (&& (== netstandard2.0) (>= net6.0))
    Itminus.IOBox.Hjzk (1.0.2)
      FSharp.Core (>= 6.0.6) - restriction: || (&& (== net472) (>= net6.0)) (== net8.0) (== net8.0-windows10.0.17763.0) (&& (== netstandard2.0) (>= net6.0))
      MediatR.Extensions.Microsoft.DependencyInjection (>= 9.0) - restriction: || (&& (== net472) (>= net6.0)) (== net8.0) (== net8.0-windows10.0.17763.0) (&& (== netstandard2.0) (>= net6.0))
      Microsoft.Extensions.DependencyInjection (>= 6.0.1) - restriction: || (&& (== net472) (>= net6.0)) (== net8.0) (== net8.0-windows10.0.17763.0) (&& (== netstandard2.0) (>= net6.0))
      Microsoft.Extensions.Logging (>= 6.0) - restriction: || (&& (== net472) (>= net6.0)) (== net8.0) (== net8.0-windows10.0.17763.0) (&& (== netstandard2.0) (>= net6.0))
      Microsoft.Extensions.Options (>= 6.0) - restriction: || (&& (== net472) (>= net6.0)) (== net8.0) (== net8.0-windows10.0.17763.0) (&& (== netstandard2.0) (>= net6.0))
      NModbus (>= 3.0.72) - restriction: || (&& (== net472) (>= net6.0)) (== net8.0) (== net8.0-windows10.0.17763.0) (&& (== netstandard2.0) (>= net6.0))
    Itminus.ZLanLibs (0.1.0)
      FSharp.Core (>= 6.0.6) - restriction: || (&& (== net472) (>= net6.0)) (== net8.0) (== net8.0-windows10.0.17763.0) (&& (== netstandard2.0) (>= net6.0))
      MediatR.Extensions.Microsoft.DependencyInjection (>= 9.0) - restriction: || (&& (== net472) (>= net6.0)) (== net8.0) (== net8.0-windows10.0.17763.0) (&& (== netstandard2.0) (>= net6.0))
      Microsoft.Extensions.DependencyInjection (>= 6.0.1) - restriction: || (&& (== net472) (>= net6.0)) (== net8.0) (== net8.0-windows10.0.17763.0) (&& (== netstandard2.0) (>= net6.0))
      Microsoft.Extensions.Logging (>= 6.0) - restriction: || (&& (== net472) (>= net6.0)) (== net8.0) (== net8.0-windows10.0.17763.0) (&& (== netstandard2.0) (>= net6.0))
      Microsoft.Extensions.Options (>= 6.0) - restriction: || (&& (== net472) (>= net6.0)) (== net8.0) (== net8.0-windows10.0.17763.0) (&& (== netstandard2.0) (>= net6.0))
      NModbus (>= 3.0.72) - restriction: || (&& (== net472) (>= net6.0)) (== net8.0) (== net8.0-windows10.0.17763.0) (&& (== netstandard2.0) (>= net6.0))
    StdUnit.One (0.2.20)
      MediatR (>= 9.0)
      Microsoft.AspNetCore.DataProtection.Extensions (>= 6.0)
      Microsoft.Extensions.Hosting (>= 6.0)
      Newtonsoft.Json (>= 13.0.3)
      StdUnit.One.Shared (>= 0.2.20)
      StdUnit.Zero (>= 0.2.19)
    StdUnit.One.DAL (0.2.20)
      Microsoft.EntityFrameworkCore.Relational (>= 6.0) - restriction: || (&& (== net472) (>= net6.0)) (== net8.0) (== net8.0-windows10.0.17763.0) (&& (== netstandard2.0) (>= net6.0))
      Newtonsoft.Json (>= 13.0.3) - restriction: || (&& (== net472) (>= net6.0)) (== net8.0) (== net8.0-windows10.0.17763.0) (&& (== netstandard2.0) (>= net6.0))
      StdUnit.One (>= 0.2.20) - restriction: || (&& (== net472) (>= net6.0)) (== net8.0) (== net8.0-windows10.0.17763.0) (&& (== netstandard2.0) (>= net6.0))
      StdUnit.One.Shared (>= 0.2.20) - restriction: || (&& (== net472) (>= net6.0)) (== net8.0) (== net8.0-windows10.0.17763.0) (&& (== netstandard2.0) (>= net6.0))
      StdUnit.Zero.DAL (>= 0.2.19) - restriction: || (&& (== net472) (>= net6.0)) (== net8.0) (== net8.0-windows10.0.17763.0) (&& (== netstandard2.0) (>= net6.0))
    StdUnit.One.Shared (0.2.20)
      MediatR (>= 9.0)
      Microsoft.Extensions.Logging (>= 6.0)
      StdUnit.Zero.Shared (>= 0.2.19)
      System.ComponentModel (>= 4.3)
      System.ComponentModel.Annotations (>= 5.0)
    StdUnit.One.WebApi (0.2.20)
      StdUnit.One (>= 0.2.20) - restriction: || (&& (== net472) (>= net6.0)) (== net8.0) (== net8.0-windows10.0.17763.0) (&& (== netstandard2.0) (>= net6.0))
      StdUnit.One.DAL (>= 0.2.20) - restriction: || (&& (== net472) (>= net6.0)) (== net8.0) (== net8.0-windows10.0.17763.0) (&& (== netstandard2.0) (>= net6.0))
      StdUnit.One.Shared (>= 0.2.20) - restriction: || (&& (== net472) (>= net6.0)) (== net8.0) (== net8.0-windows10.0.17763.0) (&& (== netstandard2.0) (>= net6.0))
    StdUnit.Sharp7 (0.6.4)
    StdUnit.Sharp7.Options (0.6.4)
      FSharp.Core (>= 4.7.2)
      FutureTech.Protocols (>= 0.5)
      Itminus.Middleware (>= 0.5)
      Microsoft.Extensions.Logging (>= 2.1)
      Microsoft.Extensions.Options.ConfigurationExtensions (>= 2.1)
      StdUnit.Sharp7 (>= 0.6.4)
    StdUnit.Zero (0.2.19)
      FSharp.Core (>= 4.7)
      Itminus.FSharpExtensions (>= 0.1.7)
      Microsoft.Extensions.DependencyInjection (>= 6.0)
      Microsoft.Extensions.DependencyInjection.Abstractions (>= 6.0)
      StdUnit.Zero.Shared (>= 0.2.19)
    StdUnit.Zero.DAL (0.2.19) - restriction: || (&& (== net472) (>= net6.0)) (== net8.0) (== net8.0-windows10.0.17763.0) (&& (== netstandard2.0) (>= net6.0))
      Itminus.FSharpExtensions (>= 0.1.7) - restriction: || (&& (== net472) (>= net6.0)) (== net8.0) (== net8.0-windows10.0.17763.0) (&& (== netstandard2.0) (>= net6.0))
      Microsoft.EntityFrameworkCore.Relational (>= 6.0) - restriction: || (&& (== net472) (>= net6.0)) (== net8.0) (== net8.0-windows10.0.17763.0) (&& (== netstandard2.0) (>= net6.0))
      StdUnit.Zero (>= 0.2.19) - restriction: || (&& (== net472) (>= net6.0)) (== net8.0) (== net8.0-windows10.0.17763.0) (&& (== netstandard2.0) (>= net6.0))
      StdUnit.Zero.Shared (>= 0.2.19) - restriction: || (&& (== net472) (>= net6.0)) (== net8.0) (== net8.0-windows10.0.17763.0) (&& (== netstandard2.0) (>= net6.0))
    StdUnit.Zero.Shared (0.2.19)
      FSharp.Core (>= 4.7)
      Itminus.FSharpExtensions (>= 0.1.7)
  remote: https://api.nuget.org/v3/index.json
    ControlzEx (4.3) - restriction: || (== net472) (== net8.0) (== net8.0-windows10.0.17763.0) (&& (== netstandard2.0) (>= net452)) (&& (== netstandard2.0) (>= netcoreapp3.0))
      Microsoft.Xaml.Behaviors.Wpf (>= 1.1.19) - restriction: || (== net472) (== net8.0) (== net8.0-windows10.0.17763.0) (&& (== netstandard2.0) (>= net45)) (&& (== netstandard2.0) (>= netcoreapp3.0))
      System.Text.Json (>= 4.7.2) - restriction: || (&& (== net472) (>= netcoreapp3.0)) (== net8.0) (== net8.0-windows10.0.17763.0) (&& (== netstandard2.0) (>= netcoreapp3.0))
    DynamicData (9.0.4)
      System.Reactive (>= 6.0.1)
    Fody (6.8)
    FSharp.Core (9.0.100)
    Itminus.Middleware (0.5)
      Microsoft.Extensions.DependencyInjection (>= 2.1)
    MahApps.Metro (2.0)
      ControlzEx (>= 4.3) - restriction: || (== net472) (== net8.0) (== net8.0-windows10.0.17763.0) (&& (== netstandard2.0) (>= net452)) (&& (== netstandard2.0) (>= netcoreapp3.0))
    MaterialDesignColors (2.1.4)
    MaterialDesignThemes (4.9)
      MaterialDesignColors (>= 2.1.4) - restriction: || (== net472) (== net8.0) (== net8.0-windows10.0.17763.0) (&& (== netstandard2.0) (>= net462)) (&& (== netstandard2.0) (>= netcoreapp3.1))
      Microsoft.Xaml.Behaviors.Wpf (>= 1.1.39) - restriction: || (== net472) (== net8.0) (== net8.0-windows10.0.17763.0) (&& (== netstandard2.0) (>= net462)) (&& (== netstandard2.0) (>= netcoreapp3.1))
    MaterialDesignThemes.MahApps (0.3)
      MahApps.Metro (>= 2.0) - restriction: || (== net472) (== net8.0) (== net8.0-windows10.0.17763.0) (&& (== netstandard2.0) (>= net462)) (&& (== netstandard2.0) (>= netcoreapp3.1))
      MaterialDesignColors (>= 2.1.4) - restriction: || (== net472) (== net8.0) (== net8.0-windows10.0.17763.0) (&& (== netstandard2.0) (>= net462)) (&& (== netstandard2.0) (>= netcoreapp3.1))
      MaterialDesignThemes (>= 4.9) - restriction: || (== net472) (== net8.0) (== net8.0-windows10.0.17763.0) (&& (== netstandard2.0) (>= net462)) (&& (== netstandard2.0) (>= netcoreapp3.1))
    MediatR (9.0)
    MediatR.Extensions.Microsoft.DependencyInjection (9.0)
      MediatR (>= 9.0)
      Microsoft.Extensions.DependencyInjection.Abstractions (>= 2.0)
    Microsoft.AspNetCore.Authentication.Abstractions (2.1) - restriction: || (== net472) (&& (== net8.0) (< netcoreapp3.0)) (&& (== net8.0-windows10.0.17763.0) (< netcoreapp3.0)) (== netstandard2.0)
      Microsoft.AspNetCore.Http.Abstractions (>= 2.1)
      Microsoft.Extensions.Logging.Abstractions (>= 2.1)
      Microsoft.Extensions.Options (>= 2.1)
    Microsoft.AspNetCore.Authentication.Core (2.1) - restriction: || (== net472) (&& (== net8.0) (< netcoreapp3.0)) (&& (== net8.0-windows10.0.17763.0) (< netcoreapp3.0)) (== netstandard2.0)
      Microsoft.AspNetCore.Authentication.Abstractions (>= 2.1)
      Microsoft.AspNetCore.Http (>= 2.1)
      Microsoft.AspNetCore.Http.Extensions (>= 2.1)
    Microsoft.AspNetCore.Authorization (2.1) - restriction: || (== net472) (&& (== net8.0) (< netcoreapp3.0)) (&& (== net8.0-windows10.0.17763.0) (< netcoreapp3.0)) (== netstandard2.0)
      Microsoft.Extensions.Logging.Abstractions (>= 2.1)
      Microsoft.Extensions.Options (>= 2.1)
    Microsoft.AspNetCore.Authorization.Policy (2.1) - restriction: || (== net472) (&& (== net8.0) (< netcoreapp3.0)) (&& (== net8.0-windows10.0.17763.0) (< netcoreapp3.0)) (== netstandard2.0)
      Microsoft.AspNetCore.Authentication.Abstractions (>= 2.1)
      Microsoft.AspNetCore.Authorization (>= 2.1)
    Microsoft.AspNetCore.Cryptography.Internal (8.0)
    Microsoft.AspNetCore.DataProtection (8.0)
      Microsoft.AspNetCore.Cryptography.Internal (>= 8.0)
      Microsoft.AspNetCore.DataProtection.Abstractions (>= 8.0)
      Microsoft.Extensions.DependencyInjection.Abstractions (>= 8.0)
      Microsoft.Extensions.Hosting.Abstractions (>= 8.0)
      Microsoft.Extensions.Logging.Abstractions (>= 8.0)
      Microsoft.Extensions.Options (>= 8.0)
      Microsoft.Win32.Registry (>= 5.0) - restriction: || (== net472) (&& (== net8.0) (>= net462)) (&& (== net8.0-windows10.0.17763.0) (>= net462)) (&& (== net8.0-windows10.0.17763.0) (< net8.0)) (== netstandard2.0)
      System.Runtime.InteropServices.RuntimeInformation (>= 4.3) - restriction: || (== net472) (&& (== net8.0) (>= net462)) (&& (== net8.0-windows10.0.17763.0) (>= net462)) (&& (== netstandard2.0) (>= net462))
      System.Security.Cryptography.Xml (>= 8.0)
      System.Security.Principal.Windows (>= 5.0) - restriction: || (&& (== net472) (== net8.0)) (&& (== net472) (== net8.0-windows10.0.17763.0)) (&& (== net472) (< net462)) (&& (== net8.0-windows10.0.17763.0) (< net8.0)) (== netstandard2.0)
    Microsoft.AspNetCore.DataProtection.Abstractions (8.0)
    Microsoft.AspNetCore.DataProtection.Extensions (6.0)
      Microsoft.AspNetCore.DataProtection (>= 6.0)
      Microsoft.Extensions.DependencyInjection (>= 6.0)
    Microsoft.AspNetCore.Hosting.Abstractions (2.2) - restriction: || (== net472) (&& (== net8.0) (>= net462)) (&& (== net8.0) (< net6.0)) (&& (== net8.0-windows10.0.17763.0) (>= net462)) (&& (== net8.0-windows10.0.17763.0) (< net6.0)) (== netstandard2.0)
      Microsoft.AspNetCore.Hosting.Server.Abstractions (>= 2.2)
      Microsoft.AspNetCore.Http.Abstractions (>= 2.2)
      Microsoft.Extensions.Hosting.Abstractions (>= 2.2)
    Microsoft.AspNetCore.Hosting.Server.Abstractions (2.2) - restriction: || (== net472) (&& (== net8.0) (>= net462)) (&& (== net8.0) (< net6.0)) (&& (== net8.0-windows10.0.17763.0) (>= net462)) (&& (== net8.0-windows10.0.17763.0) (< net6.0)) (== netstandard2.0)
      Microsoft.AspNetCore.Http.Features (>= 2.2)
      Microsoft.Extensions.Configuration.Abstractions (>= 2.2)
    Microsoft.AspNetCore.Http (2.1) - restriction: || (== net472) (&& (== net8.0) (< netcoreapp3.0)) (&& (== net8.0-windows10.0.17763.0) (< netcoreapp3.0)) (== netstandard2.0)
      Microsoft.AspNetCore.Http.Abstractions (>= 2.1)
      Microsoft.AspNetCore.WebUtilities (>= 2.1)
      Microsoft.Extensions.ObjectPool (>= 2.1)
      Microsoft.Extensions.Options (>= 2.1)
      Microsoft.Net.Http.Headers (>= 2.1)
    Microsoft.AspNetCore.Http.Abstractions (2.2) - restriction: || (== net472) (&& (== net8.0) (>= net462)) (&& (== net8.0) (< net6.0)) (&& (== net8.0-windows10.0.17763.0) (>= net462)) (&& (== net8.0-windows10.0.17763.0) (< net6.0)) (== netstandard2.0)
      Microsoft.AspNetCore.Http.Features (>= 2.2)
      System.Text.Encodings.Web (>= 4.5)
    Microsoft.AspNetCore.Http.Extensions (2.1) - restriction: || (== net472) (&& (== net8.0) (< netcoreapp3.0)) (&& (== net8.0-windows10.0.17763.0) (< netcoreapp3.0)) (== netstandard2.0)
      Microsoft.AspNetCore.Http.Abstractions (>= 2.1)
      Microsoft.Extensions.FileProviders.Abstractions (>= 2.1)
      Microsoft.Net.Http.Headers (>= 2.1)
      System.Buffers (>= 4.5)
    Microsoft.AspNetCore.Http.Features (2.2) - restriction: || (== net472) (&& (== net8.0) (>= net462)) (&& (== net8.0) (< net6.0)) (&& (== net8.0-windows10.0.17763.0) (>= net462)) (&& (== net8.0-windows10.0.17763.0) (< net6.0)) (== netstandard2.0)
      Microsoft.Extensions.Primitives (>= 2.2)
    Microsoft.AspNetCore.JsonPatch (8.0)
      Microsoft.CSharp (>= 4.7)
      Newtonsoft.Json (>= 13.0.3)
    Microsoft.AspNetCore.Mvc.Abstractions (2.1) - restriction: || (== net472) (&& (== net8.0) (< netcoreapp3.0)) (&& (== net8.0-windows10.0.17763.0) (< netcoreapp3.0)) (== netstandard2.0)
      Microsoft.AspNetCore.Routing.Abstractions (>= 2.1)
      Microsoft.Net.Http.Headers (>= 2.1)
    Microsoft.AspNetCore.Mvc.ApiExplorer (2.1) - restriction: || (== net472) (&& (== net8.0) (< netcoreapp3.0)) (&& (== net8.0-windows10.0.17763.0) (< netcoreapp3.0)) (== netstandard2.0)
      Microsoft.AspNetCore.Mvc.Core (>= 2.1)
    Microsoft.AspNetCore.Mvc.Core (2.1) - restriction: || (== net472) (&& (== net8.0) (< netcoreapp3.0)) (&& (== net8.0-windows10.0.17763.0) (< netcoreapp3.0)) (== netstandard2.0)
      Microsoft.AspNetCore.Authentication.Core (>= 2.1)
      Microsoft.AspNetCore.Authorization.Policy (>= 2.1)
      Microsoft.AspNetCore.Hosting.Abstractions (>= 2.1)
      Microsoft.AspNetCore.Http (>= 2.1)
      Microsoft.AspNetCore.Http.Extensions (>= 2.1)
      Microsoft.AspNetCore.Mvc.Abstractions (>= 2.1)
      Microsoft.AspNetCore.ResponseCaching.Abstractions (>= 2.1)
      Microsoft.AspNetCore.Routing (>= 2.1)
      Microsoft.Extensions.DependencyInjection (>= 2.1)
      Microsoft.Extensions.DependencyModel (>= 2.1)
      Microsoft.Extensions.FileProviders.Abstractions (>= 2.1)
      Microsoft.Extensions.Logging.Abstractions (>= 2.1)
      System.Diagnostics.DiagnosticSource (>= 4.5)
      System.Threading.Tasks.Extensions (>= 4.5)
    Microsoft.AspNetCore.Mvc.DataAnnotations (2.1) - restriction: || (== net472) (&& (== net8.0) (< netcoreapp3.0)) (&& (== net8.0-windows10.0.17763.0) (< netcoreapp3.0)) (== netstandard2.0)
      Microsoft.AspNetCore.Mvc.Core (>= 2.1)
      Microsoft.Extensions.Localization (>= 2.1)
      System.ComponentModel.Annotations (>= 4.5)
    Microsoft.AspNetCore.Mvc.Formatters.Json (2.1) - restriction: || (== net472) (&& (== net8.0) (< netcoreapp3.0)) (&& (== net8.0-windows10.0.17763.0) (< netcoreapp3.0)) (== netstandard2.0)
      Microsoft.AspNetCore.JsonPatch (>= 2.1)
      Microsoft.AspNetCore.Mvc.Core (>= 2.1)
    Microsoft.AspNetCore.Mvc.NewtonsoftJson (8.0) - restriction: || (&& (== net472) (>= net8.0)) (== net8.0) (== net8.0-windows10.0.17763.0) (&& (== netstandard2.0) (>= net8.0))
      Microsoft.AspNetCore.JsonPatch (>= 8.0) - restriction: || (&& (== net472) (>= net8.0)) (== net8.0) (== net8.0-windows10.0.17763.0) (&& (== netstandard2.0) (>= net8.0))
      Newtonsoft.Json (>= 13.0.3) - restriction: || (&& (== net472) (>= net8.0)) (== net8.0) (== net8.0-windows10.0.17763.0) (&& (== netstandard2.0) (>= net8.0))
      Newtonsoft.Json.Bson (>= 1.0.2) - restriction: || (&& (== net472) (>= net8.0)) (== net8.0) (== net8.0-windows10.0.17763.0) (&& (== netstandard2.0) (>= net8.0))
    Microsoft.AspNetCore.ResponseCaching.Abstractions (2.1) - restriction: || (== net472) (&& (== net8.0) (< netcoreapp3.0)) (&& (== net8.0-windows10.0.17763.0) (< netcoreapp3.0)) (== netstandard2.0)
      Microsoft.Extensions.Primitives (>= 2.1)
    Microsoft.AspNetCore.Routing (2.1) - restriction: || (== net472) (&& (== net8.0) (< netcoreapp3.0)) (&& (== net8.0-windows10.0.17763.0) (< netcoreapp3.0)) (== netstandard2.0)
      Microsoft.AspNetCore.Http.Extensions (>= 2.1)
      Microsoft.AspNetCore.Routing.Abstractions (>= 2.1)
      Microsoft.Extensions.Logging.Abstractions (>= 2.1)
      Microsoft.Extensions.ObjectPool (>= 2.1)
      Microsoft.Extensions.Options (>= 2.1)
    Microsoft.AspNetCore.Routing.Abstractions (2.1) - restriction: || (== net472) (&& (== net8.0) (< netcoreapp3.0)) (&& (== net8.0-windows10.0.17763.0) (< netcoreapp3.0)) (== netstandard2.0)
      Microsoft.AspNetCore.Http.Abstractions (>= 2.1)
    Microsoft.AspNetCore.StaticFiles (2.1) - restriction: || (== net472) (&& (== net8.0) (< netcoreapp3.0)) (&& (== net8.0-windows10.0.17763.0) (< netcoreapp3.0)) (== netstandard2.0)
      Microsoft.AspNetCore.Hosting.Abstractions (>= 2.1)
      Microsoft.AspNetCore.Http.Extensions (>= 2.1)
      Microsoft.Extensions.FileProviders.Abstractions (>= 2.1)
      Microsoft.Extensions.Logging.Abstractions (>= 2.1)
      Microsoft.Extensions.WebEncoders (>= 2.1)
    Microsoft.AspNetCore.WebUtilities (2.1) - restriction: || (== net472) (&& (== net8.0) (< netcoreapp3.0)) (&& (== net8.0-windows10.0.17763.0) (< netcoreapp3.0)) (== netstandard2.0)
      Microsoft.Net.Http.Headers (>= 2.1)
      System.Text.Encodings.Web (>= 4.5)
    Microsoft.Bcl.AsyncInterfaces (9.0)
      System.Threading.Tasks.Extensions (>= 4.5.4) - restriction: || (== net472) (&& (== net8.0) (>= net462)) (&& (== net8.0) (< netstandard2.1)) (&& (== net8.0-windows10.0.17763.0) (>= net462)) (&& (== net8.0-windows10.0.17763.0) (< netstandard2.1)) (== netstandard2.0)
    Microsoft.Bcl.Cryptography (9.0)
      System.Formats.Asn1 (>= 9.0)
      System.Memory (>= 4.5.5) - restriction: || (== net472) (&& (== net8.0) (>= net462)) (&& (== net8.0-windows10.0.17763.0) (>= net462)) (&& (== net8.0-windows10.0.17763.0) (< net8.0)) (== netstandard2.0)
      System.Runtime.CompilerServices.Unsafe (>= 6.0) - restriction: || (== net472) (&& (== net8.0) (>= net462)) (&& (== net8.0-windows10.0.17763.0) (>= net462)) (&& (== net8.0-windows10.0.17763.0) (< net8.0)) (== netstandard2.0)
    Microsoft.CodeAnalysis.Analyzers (3.3.4)
    Microsoft.CodeAnalysis.Common (4.10)
      Microsoft.CodeAnalysis.Analyzers (>= 3.3.4)
      System.Buffers (>= 4.5.1) - restriction: || (== net472) (&& (== net8.0) (< net7.0)) (&& (== net8.0-windows10.0.17763.0) (< net7.0)) (== netstandard2.0)
      System.Collections.Immutable (>= 8.0)
      System.Memory (>= 4.5.5) - restriction: || (== net472) (&& (== net8.0) (< net7.0)) (&& (== net8.0-windows10.0.17763.0) (< net7.0)) (== netstandard2.0)
      System.Numerics.Vectors (>= 4.5) - restriction: || (== net472) (&& (== net8.0) (< net7.0)) (&& (== net8.0-windows10.0.17763.0) (< net7.0)) (== netstandard2.0)
      System.Reflection.Metadata (>= 8.0)
      System.Runtime.CompilerServices.Unsafe (>= 6.0) - restriction: || (== net472) (&& (== net8.0) (< net7.0)) (&& (== net8.0-windows10.0.17763.0) (< net7.0)) (== netstandard2.0)
      System.Text.Encoding.CodePages (>= 7.0) - restriction: || (== net472) (&& (== net8.0) (< net7.0)) (&& (== net8.0-windows10.0.17763.0) (< net7.0)) (== netstandard2.0)
      System.Threading.Tasks.Extensions (>= 4.5.4) - restriction: || (== net472) (&& (== net8.0) (< net7.0)) (&& (== net8.0-windows10.0.17763.0) (< net7.0)) (== netstandard2.0)
    Microsoft.CodeAnalysis.CSharp (4.10)
      Microsoft.CodeAnalysis.Analyzers (>= 3.3.4)
      Microsoft.CodeAnalysis.Common (4.10)
      System.Buffers (>= 4.5.1) - restriction: || (== net472) (&& (== net8.0) (< net7.0)) (&& (== net8.0-windows10.0.17763.0) (< net7.0)) (== netstandard2.0)
      System.Collections.Immutable (>= 8.0)
      System.Memory (>= 4.5.5) - restriction: || (== net472) (&& (== net8.0) (< net7.0)) (&& (== net8.0-windows10.0.17763.0) (< net7.0)) (== netstandard2.0)
      System.Numerics.Vectors (>= 4.5) - restriction: || (== net472) (&& (== net8.0) (< net7.0)) (&& (== net8.0-windows10.0.17763.0) (< net7.0)) (== netstandard2.0)
      System.Reflection.Metadata (>= 8.0)
      System.Runtime.CompilerServices.Unsafe (>= 6.0) - restriction: || (== net472) (&& (== net8.0) (< net7.0)) (&& (== net8.0-windows10.0.17763.0) (< net7.0)) (== netstandard2.0)
      System.Text.Encoding.CodePages (>= 7.0) - restriction: || (== net472) (&& (== net8.0) (< net7.0)) (&& (== net8.0-windows10.0.17763.0) (< net7.0)) (== netstandard2.0)
      System.Threading.Tasks.Extensions (>= 4.5.4) - restriction: || (== net472) (&& (== net8.0) (< net7.0)) (&& (== net8.0-windows10.0.17763.0) (< net7.0)) (== netstandard2.0)
    Microsoft.CodeAnalysis.CSharp.Scripting (4.10)
      Microsoft.CodeAnalysis.Analyzers (>= 3.3.4)
      Microsoft.CodeAnalysis.Common (4.10)
      Microsoft.CodeAnalysis.CSharp (4.10)
      Microsoft.CodeAnalysis.Scripting.Common (4.10)
      Microsoft.CSharp (>= 4.7)
      System.Buffers (>= 4.5.1) - restriction: || (== net472) (&& (== net8.0) (< net7.0)) (&& (== net8.0-windows10.0.17763.0) (< net7.0)) (== netstandard2.0)
      System.Collections.Immutable (>= 8.0)
      System.Memory (>= 4.5.5) - restriction: || (== net472) (&& (== net8.0) (< net7.0)) (&& (== net8.0-windows10.0.17763.0) (< net7.0)) (== netstandard2.0)
      System.Numerics.Vectors (>= 4.5) - restriction: || (== net472) (&& (== net8.0) (< net7.0)) (&& (== net8.0-windows10.0.17763.0) (< net7.0)) (== netstandard2.0)
      System.Reflection.Metadata (>= 8.0)
      System.Runtime.CompilerServices.Unsafe (>= 6.0) - restriction: || (== net472) (&& (== net8.0) (< net7.0)) (&& (== net8.0-windows10.0.17763.0) (< net7.0)) (== netstandard2.0)
      System.Text.Encoding.CodePages (>= 7.0) - restriction: || (== net472) (&& (== net8.0) (< net7.0)) (&& (== net8.0-windows10.0.17763.0) (< net7.0)) (== netstandard2.0)
      System.Threading.Tasks.Extensions (>= 4.5.4) - restriction: || (== net472) (&& (== net8.0) (< net7.0)) (&& (== net8.0-windows10.0.17763.0) (< net7.0)) (== netstandard2.0)
    Microsoft.CodeAnalysis.Scripting.Common (4.10)
      Microsoft.CodeAnalysis.Analyzers (>= 3.3.4)
      Microsoft.CodeAnalysis.Common (4.10)
      System.Buffers (>= 4.5.1) - restriction: || (== net472) (&& (== net8.0) (< net7.0)) (&& (== net8.0-windows10.0.17763.0) (< net7.0)) (== netstandard2.0)
      System.Collections.Immutable (>= 8.0)
      System.Memory (>= 4.5.5) - restriction: || (== net472) (&& (== net8.0) (< net7.0)) (&& (== net8.0-windows10.0.17763.0) (< net7.0)) (== netstandard2.0)
      System.Numerics.Vectors (>= 4.5) - restriction: || (== net472) (&& (== net8.0) (< net7.0)) (&& (== net8.0-windows10.0.17763.0) (< net7.0)) (== netstandard2.0)
      System.Reflection.Metadata (>= 8.0)
      System.Runtime.CompilerServices.Unsafe (>= 6.0) - restriction: || (== net472) (&& (== net8.0) (< net7.0)) (&& (== net8.0-windows10.0.17763.0) (< net7.0)) (== netstandard2.0)
      System.Text.Encoding.CodePages (>= 7.0) - restriction: || (== net472) (&& (== net8.0) (< net7.0)) (&& (== net8.0-windows10.0.17763.0) (< net7.0)) (== netstandard2.0)
      System.Threading.Tasks.Extensions (>= 4.5.4) - restriction: || (== net472) (&& (== net8.0) (< net7.0)) (&& (== net8.0-windows10.0.17763.0) (< net7.0)) (== netstandard2.0)
    Microsoft.CSharp (4.7)
    Microsoft.EntityFrameworkCore (8.0.8) - restriction: || (&& (== net472) (>= net6.0)) (&& (== net472) (>= net8.0)) (== net8.0) (== net8.0-windows10.0.17763.0) (&& (== netstandard2.0) (>= net6.0)) (&& (== netstandard2.0) (>= net8.0))
      Microsoft.EntityFrameworkCore.Abstractions (>= 8.0.8) - restriction: || (&& (== net472) (>= net8.0)) (== net8.0) (== net8.0-windows10.0.17763.0) (&& (== netstandard2.0) (>= net8.0))
      Microsoft.EntityFrameworkCore.Analyzers (>= 8.0.8) - restriction: || (&& (== net472) (>= net8.0)) (== net8.0) (== net8.0-windows10.0.17763.0) (&& (== netstandard2.0) (>= net8.0))
      Microsoft.Extensions.Caching.Memory (>= 8.0) - restriction: || (&& (== net472) (>= net8.0)) (== net8.0) (== net8.0-windows10.0.17763.0) (&& (== netstandard2.0) (>= net8.0))
      Microsoft.Extensions.Logging (>= 8.0) - restriction: || (&& (== net472) (>= net8.0)) (== net8.0) (== net8.0-windows10.0.17763.0) (&& (== netstandard2.0) (>= net8.0))
    Microsoft.EntityFrameworkCore.Abstractions (8.0.10) - restriction: || (&& (== net472) (>= net8.0)) (== net8.0) (== net8.0-windows10.0.17763.0) (&& (== netstandard2.0) (>= net8.0))
    Microsoft.EntityFrameworkCore.Analyzers (8.0.10) - restriction: || (&& (== net472) (>= net8.0)) (== net8.0) (== net8.0-windows10.0.17763.0) (&& (== netstandard2.0) (>= net8.0))
    Microsoft.EntityFrameworkCore.Relational (8.0.8) - restriction: || (&& (== net472) (>= net6.0)) (== net8.0) (== net8.0-windows10.0.17763.0) (&& (== netstandard2.0) (>= net6.0))
      Microsoft.EntityFrameworkCore (>= 8.0.8) - restriction: || (&& (== net472) (>= net8.0)) (== net8.0) (== net8.0-windows10.0.17763.0) (&& (== netstandard2.0) (>= net8.0))
      Microsoft.Extensions.Configuration.Abstractions (>= 8.0) - restriction: || (&& (== net472) (>= net8.0)) (== net8.0) (== net8.0-windows10.0.17763.0) (&& (== netstandard2.0) (>= net8.0))
    Microsoft.Extensions.ApiDescription.Server (6.0.5)
    Microsoft.Extensions.Caching.Abstractions (8.0)
      Microsoft.Extensions.Primitives (>= 8.0)
    Microsoft.Extensions.Caching.Memory (8.0)
      Microsoft.Extensions.Caching.Abstractions (>= 8.0)
      Microsoft.Extensions.DependencyInjection.Abstractions (>= 8.0)
      Microsoft.Extensions.Logging.Abstractions (>= 8.0)
      Microsoft.Extensions.Options (>= 8.0)
      Microsoft.Extensions.Primitives (>= 8.0)
      System.ValueTuple (>= 4.5) - restriction: || (== net472) (&& (== net8.0) (>= net462)) (&& (== net8.0-windows10.0.17763.0) (>= net462)) (&& (== netstandard2.0) (>= net462))
    Microsoft.Extensions.Configuration (8.0)
      Microsoft.Extensions.Configuration.Abstractions (>= 8.0)
      Microsoft.Extensions.Primitives (>= 8.0)
    Microsoft.Extensions.Configuration.Abstractions (8.0)
      Microsoft.Extensions.Primitives (>= 8.0)
      System.ValueTuple (>= 4.5) - restriction: || (== net472) (&& (== net8.0) (>= net462)) (&& (== net8.0-windows10.0.17763.0) (>= net462)) (&& (== netstandard2.0) (>= net462))
    Microsoft.Extensions.Configuration.Binder (8.0)
      Microsoft.Extensions.Configuration.Abstractions (>= 8.0)
    Microsoft.Extensions.Configuration.CommandLine (8.0)
      Microsoft.Extensions.Configuration (>= 8.0)
      Microsoft.Extensions.Configuration.Abstractions (>= 8.0)
    Microsoft.Extensions.Configuration.EnvironmentVariables (8.0)
      Microsoft.Extensions.Configuration (>= 8.0)
      Microsoft.Extensions.Configuration.Abstractions (>= 8.0)
    Microsoft.Extensions.Configuration.FileExtensions (8.0)
      Microsoft.Extensions.Configuration (>= 8.0)
      Microsoft.Extensions.Configuration.Abstractions (>= 8.0)
      Microsoft.Extensions.FileProviders.Abstractions (>= 8.0)
      Microsoft.Extensions.FileProviders.Physical (>= 8.0)
      Microsoft.Extensions.Primitives (>= 8.0)
    Microsoft.Extensions.Configuration.Json (8.0)
      Microsoft.Extensions.Configuration (>= 8.0)
      Microsoft.Extensions.Configuration.Abstractions (>= 8.0)
      Microsoft.Extensions.Configuration.FileExtensions (>= 8.0)
      Microsoft.Extensions.FileProviders.Abstractions (>= 8.0)
      System.Text.Json (>= 8.0)
    Microsoft.Extensions.Configuration.UserSecrets (8.0)
      Microsoft.Extensions.Configuration.Abstractions (>= 8.0)
      Microsoft.Extensions.Configuration.Json (>= 8.0)
      Microsoft.Extensions.FileProviders.Abstractions (>= 8.0)
      Microsoft.Extensions.FileProviders.Physical (>= 8.0)
    Microsoft.Extensions.DependencyInjection (8.0.1)
      Microsoft.Bcl.AsyncInterfaces (>= 8.0) - restriction: || (== net472) (&& (== net8.0) (>= net462)) (&& (== net8.0) (< netstandard2.1)) (&& (== net8.0-windows10.0.17763.0) (>= net462)) (&& (== net8.0-windows10.0.17763.0) (< netstandard2.1)) (== netstandard2.0)
      Microsoft.Extensions.DependencyInjection.Abstractions (>= 8.0.2)
      System.Threading.Tasks.Extensions (>= 4.5.4) - restriction: || (== net472) (&& (== net8.0) (>= net462)) (&& (== net8.0) (< netstandard2.1)) (&& (== net8.0-windows10.0.17763.0) (>= net462)) (&& (== net8.0-windows10.0.17763.0) (< netstandard2.1)) (== netstandard2.0)
    Microsoft.Extensions.DependencyInjection.Abstractions (8.0.2)
      Microsoft.Bcl.AsyncInterfaces (>= 8.0) - restriction: || (== net472) (&& (== net8.0) (>= net462)) (&& (== net8.0) (< netstandard2.1)) (&& (== net8.0-windows10.0.17763.0) (>= net462)) (&& (== net8.0-windows10.0.17763.0) (< netstandard2.1)) (== netstandard2.0)
      System.Threading.Tasks.Extensions (>= 4.5.4) - restriction: || (== net472) (&& (== net8.0) (>= net462)) (&& (== net8.0) (< netstandard2.1)) (&& (== net8.0-windows10.0.17763.0) (>= net462)) (&& (== net8.0-windows10.0.17763.0) (< netstandard2.1)) (== netstandard2.0)
    Microsoft.Extensions.DependencyModel (8.0.2)
      System.Buffers (>= 4.5.1) - restriction: || (== net472) (&& (== net8.0) (>= net462)) (&& (== net8.0) (< net6.0)) (&& (== net8.0-windows10.0.17763.0) (>= net462)) (&& (== net8.0-windows10.0.17763.0) (< net6.0)) (== netstandard2.0)
      System.Memory (>= 4.5.5) - restriction: || (== net472) (&& (== net8.0) (>= net462)) (&& (== net8.0) (< net6.0)) (&& (== net8.0-windows10.0.17763.0) (>= net462)) (&& (== net8.0-windows10.0.17763.0) (< net6.0)) (== netstandard2.0)
      System.Text.Encodings.Web (>= 8.0) - restriction: || (== net472) (&& (== net8.0) (>= net462)) (&& (== net8.0) (< net6.0)) (&& (== net8.0) (< net7.0)) (&& (== net8.0-windows10.0.17763.0) (>= net462)) (&& (== net8.0-windows10.0.17763.0) (< net6.0)) (&& (== net8.0-windows10.0.17763.0) (< net7.0)) (&& (== net8.0-windows10.0.17763.0) (< net8.0)) (== netstandard2.0)
      System.Text.Json (>= 8.0.5) - restriction: || (== net472) (&& (== net8.0) (>= net462)) (&& (== net8.0) (< net6.0)) (&& (== net8.0) (< net7.0)) (&& (== net8.0-windows10.0.17763.0) (>= net462)) (&& (== net8.0-windows10.0.17763.0) (< net6.0)) (&& (== net8.0-windows10.0.17763.0) (< net7.0)) (&& (== net8.0-windows10.0.17763.0) (< net8.0)) (== netstandard2.0)
    Microsoft.Extensions.Diagnostics (8.0)
      Microsoft.Extensions.Configuration (>= 8.0)
      Microsoft.Extensions.Diagnostics.Abstractions (>= 8.0)
      Microsoft.Extensions.Options.ConfigurationExtensions (>= 8.0)
    Microsoft.Extensions.Diagnostics.Abstractions (8.0)
      Microsoft.Extensions.DependencyInjection.Abstractions (>= 8.0)
      Microsoft.Extensions.Options (>= 8.0)
      System.Buffers (>= 4.5.1) - restriction: || (== net472) (&& (== net8.0) (>= net462)) (&& (== net8.0) (< net6.0)) (&& (== net8.0-windows10.0.17763.0) (>= net462)) (&& (== net8.0-windows10.0.17763.0) (< net6.0)) (== netstandard2.0)
      System.Diagnostics.DiagnosticSource (>= 8.0)
      System.Memory (>= 4.5.5) - restriction: || (== net472) (&& (== net8.0) (>= net462)) (&& (== net8.0) (< net6.0)) (&& (== net8.0-windows10.0.17763.0) (>= net462)) (&& (== net8.0-windows10.0.17763.0) (< net6.0)) (== netstandard2.0)
    Microsoft.Extensions.FileProviders.Abstractions (8.0)
      Microsoft.Extensions.Primitives (>= 8.0)
    Microsoft.Extensions.FileProviders.Embedded (2.1) - restriction: || (== net472) (&& (== net8.0) (< netcoreapp3.0)) (&& (== net8.0-windows10.0.17763.0) (< netcoreapp3.0)) (== netstandard2.0)
      Microsoft.Extensions.FileProviders.Abstractions (>= 2.1)
    Microsoft.Extensions.FileProviders.Physical (8.0)
      Microsoft.Extensions.FileProviders.Abstractions (>= 8.0)
      Microsoft.Extensions.FileSystemGlobbing (>= 8.0)
      Microsoft.Extensions.Primitives (>= 8.0)
    Microsoft.Extensions.FileSystemGlobbing (8.0)
    Microsoft.Extensions.Hosting (8.0)
      Microsoft.Bcl.AsyncInterfaces (>= 8.0) - restriction: || (== net472) (&& (== net8.0) (>= net462)) (&& (== net8.0) (< netstandard2.1)) (&& (== net8.0-windows10.0.17763.0) (>= net462)) (&& (== net8.0-windows10.0.17763.0) (< netstandard2.1)) (== netstandard2.0)
      Microsoft.Extensions.Configuration (>= 8.0)
      Microsoft.Extensions.Configuration.Abstractions (>= 8.0)
      Microsoft.Extensions.Configuration.Binder (>= 8.0)
      Microsoft.Extensions.Configuration.CommandLine (>= 8.0)
      Microsoft.Extensions.Configuration.EnvironmentVariables (>= 8.0)
      Microsoft.Extensions.Configuration.FileExtensions (>= 8.0)
      Microsoft.Extensions.Configuration.Json (>= 8.0)
      Microsoft.Extensions.Configuration.UserSecrets (>= 8.0)
      Microsoft.Extensions.DependencyInjection (>= 8.0)
      Microsoft.Extensions.DependencyInjection.Abstractions (>= 8.0)
      Microsoft.Extensions.Diagnostics (>= 8.0)
      Microsoft.Extensions.FileProviders.Abstractions (>= 8.0)
      Microsoft.Extensions.FileProviders.Physical (>= 8.0)
      Microsoft.Extensions.Hosting.Abstractions (>= 8.0)
      Microsoft.Extensions.Logging (>= 8.0)
      Microsoft.Extensions.Logging.Abstractions (>= 8.0)
      Microsoft.Extensions.Logging.Configuration (>= 8.0)
      Microsoft.Extensions.Logging.Console (>= 8.0)
      Microsoft.Extensions.Logging.Debug (>= 8.0)
      Microsoft.Extensions.Logging.EventLog (>= 8.0)
      Microsoft.Extensions.Logging.EventSource (>= 8.0)
      Microsoft.Extensions.Options (>= 8.0)
      System.Threading.Tasks.Extensions (>= 4.5.4) - restriction: || (== net472) (&& (== net8.0) (>= net462)) (&& (== net8.0) (< netstandard2.1)) (&& (== net8.0-windows10.0.17763.0) (>= net462)) (&& (== net8.0-windows10.0.17763.0) (< netstandard2.1)) (== netstandard2.0)
    Microsoft.Extensions.Hosting.Abstractions (8.0)
      Microsoft.Bcl.AsyncInterfaces (>= 8.0) - restriction: || (== net472) (&& (== net8.0) (>= net462)) (&& (== net8.0) (< netstandard2.1)) (&& (== net8.0-windows10.0.17763.0) (>= net462)) (&& (== net8.0-windows10.0.17763.0) (< netstandard2.1)) (== netstandard2.0)
      Microsoft.Extensions.Configuration.Abstractions (>= 8.0)
      Microsoft.Extensions.DependencyInjection.Abstractions (>= 8.0)
      Microsoft.Extensions.Diagnostics.Abstractions (>= 8.0)
      Microsoft.Extensions.FileProviders.Abstractions (>= 8.0)
      Microsoft.Extensions.Logging.Abstractions (>= 8.0)
      System.Threading.Tasks.Extensions (>= 4.5.4) - restriction: || (== net472) (&& (== net8.0) (>= net462)) (&& (== net8.0) (< netstandard2.1)) (&& (== net8.0-windows10.0.17763.0) (>= net462)) (&& (== net8.0-windows10.0.17763.0) (< netstandard2.1)) (== netstandard2.0)
    Microsoft.Extensions.Http (8.0)
      Microsoft.Extensions.Configuration.Abstractions (>= 8.0)
      Microsoft.Extensions.DependencyInjection.Abstractions (>= 8.0)
      Microsoft.Extensions.Diagnostics (>= 8.0) - restriction: || (&& (== net472) (>= net8.0)) (== net8.0) (== net8.0-windows10.0.17763.0) (&& (== netstandard2.0) (>= net8.0))
      Microsoft.Extensions.Logging (>= 8.0)
      Microsoft.Extensions.Logging.Abstractions (>= 8.0)
      Microsoft.Extensions.Options (>= 8.0)
    Microsoft.Extensions.Localization (2.1) - restriction: || (== net472) (&& (== net8.0) (< netcoreapp3.0)) (&& (== net8.0-windows10.0.17763.0) (< netcoreapp3.0)) (== netstandard2.0)
      Microsoft.Extensions.DependencyInjection.Abstractions (>= 2.1)
      Microsoft.Extensions.Localization.Abstractions (>= 2.1)
      Microsoft.Extensions.Logging.Abstractions (>= 2.1)
      Microsoft.Extensions.Options (>= 2.1)
    Microsoft.Extensions.Localization.Abstractions (2.1) - restriction: || (== net472) (&& (== net8.0) (< netcoreapp3.0)) (&& (== net8.0-windows10.0.17763.0) (< netcoreapp3.0)) (== netstandard2.0)
    Microsoft.Extensions.Logging (8.0)
      Microsoft.Bcl.AsyncInterfaces (>= 8.0) - restriction: || (== net472) (&& (== net8.0) (>= net462)) (&& (== net8.0) (< netstandard2.1)) (&& (== net8.0-windows10.0.17763.0) (>= net462)) (&& (== net8.0-windows10.0.17763.0) (< netstandard2.1)) (== netstandard2.0)
      Microsoft.Extensions.DependencyInjection (>= 8.0)
      Microsoft.Extensions.Logging.Abstractions (>= 8.0)
      Microsoft.Extensions.Options (>= 8.0)
      System.Diagnostics.DiagnosticSource (>= 8.0) - restriction: || (== net472) (&& (== net8.0) (>= net462)) (&& (== net8.0) (< net6.0)) (&& (== net8.0) (< netstandard2.1)) (&& (== net8.0-windows10.0.17763.0) (>= net462)) (&& (== net8.0-windows10.0.17763.0) (< net6.0)) (&& (== net8.0-windows10.0.17763.0) (< netstandard2.1)) (== netstandard2.0)
      System.ValueTuple (>= 4.5) - restriction: || (== net472) (&& (== net8.0) (>= net462)) (&& (== net8.0-windows10.0.17763.0) (>= net462)) (&& (== netstandard2.0) (>= net462))
    Microsoft.Extensions.Logging.Abstractions (8.0)
      Microsoft.Extensions.DependencyInjection.Abstractions (>= 8.0)
      System.Buffers (>= 4.5.1) - restriction: || (== net472) (&& (== net8.0) (>= net462)) (&& (== net8.0) (< net6.0)) (&& (== net8.0-windows10.0.17763.0) (>= net462)) (&& (== net8.0-windows10.0.17763.0) (< net6.0)) (== netstandard2.0)
      System.Memory (>= 4.5.5) - restriction: || (== net472) (&& (== net8.0) (>= net462)) (&& (== net8.0) (< net6.0)) (&& (== net8.0-windows10.0.17763.0) (>= net462)) (&& (== net8.0-windows10.0.17763.0) (< net6.0)) (== netstandard2.0)
    Microsoft.Extensions.Logging.Configuration (8.0)
      Microsoft.Extensions.Configuration (>= 8.0)
      Microsoft.Extensions.Configuration.Abstractions (>= 8.0)
      Microsoft.Extensions.Configuration.Binder (>= 8.0)
      Microsoft.Extensions.DependencyInjection.Abstractions (>= 8.0)
      Microsoft.Extensions.Logging (>= 8.0)
      Microsoft.Extensions.Logging.Abstractions (>= 8.0)
      Microsoft.Extensions.Options (>= 8.0)
      Microsoft.Extensions.Options.ConfigurationExtensions (>= 8.0)
    Microsoft.Extensions.Logging.Console (8.0)
      Microsoft.Bcl.AsyncInterfaces (>= 8.0) - restriction: || (== net472) (&& (== net8.0) (>= net462)) (&& (== net8.0) (< net6.0)) (&& (== net8.0-windows10.0.17763.0) (>= net462)) (&& (== net8.0-windows10.0.17763.0) (< net6.0)) (== netstandard2.0)
      Microsoft.Extensions.DependencyInjection.Abstractions (>= 8.0)
      Microsoft.Extensions.Logging (>= 8.0)
      Microsoft.Extensions.Logging.Abstractions (>= 8.0)
      Microsoft.Extensions.Logging.Configuration (>= 8.0)
      Microsoft.Extensions.Options (>= 8.0)
      System.Buffers (>= 4.5.1) - restriction: || (== net472) (&& (== net8.0) (>= net462)) (&& (== net8.0) (< net6.0)) (&& (== net8.0-windows10.0.17763.0) (>= net462)) (&& (== net8.0-windows10.0.17763.0) (< net6.0)) (== netstandard2.0)
      System.Text.Json (>= 8.0)
    Microsoft.Extensions.Logging.Debug (8.0)
      Microsoft.Extensions.DependencyInjection.Abstractions (>= 8.0)
      Microsoft.Extensions.Logging (>= 8.0)
      Microsoft.Extensions.Logging.Abstractions (>= 8.0)
    Microsoft.Extensions.Logging.EventLog (8.0)
      Microsoft.Extensions.DependencyInjection.Abstractions (>= 8.0)
      Microsoft.Extensions.Logging (>= 8.0)
      Microsoft.Extensions.Logging.Abstractions (>= 8.0)
      Microsoft.Extensions.Options (>= 8.0)
      System.Diagnostics.EventLog (>= 8.0) - restriction: || (&& (== net472) (< net462)) (&& (== net472) (>= net6.0)) (== net8.0) (== net8.0-windows10.0.17763.0) (== netstandard2.0)
    Microsoft.Extensions.Logging.EventSource (8.0)
      Microsoft.Bcl.AsyncInterfaces (>= 8.0) - restriction: || (== net472) (&& (== net8.0) (>= net462)) (&& (== net8.0) (< net6.0)) (&& (== net8.0-windows10.0.17763.0) (>= net462)) (&& (== net8.0-windows10.0.17763.0) (< net6.0)) (== netstandard2.0)
      Microsoft.Extensions.DependencyInjection.Abstractions (>= 8.0)
      Microsoft.Extensions.Logging (>= 8.0)
      Microsoft.Extensions.Logging.Abstractions (>= 8.0)
      Microsoft.Extensions.Options (>= 8.0)
      Microsoft.Extensions.Primitives (>= 8.0)
      System.Memory (>= 4.5.5) - restriction: || (== net472) (&& (== net8.0) (>= net462)) (&& (== net8.0) (< net6.0)) (&& (== net8.0-windows10.0.17763.0) (>= net462)) (&& (== net8.0-windows10.0.17763.0) (< net6.0)) (== netstandard2.0)
      System.Runtime.CompilerServices.Unsafe (>= 6.0) - restriction: || (== net472) (&& (== net8.0) (>= net462)) (&& (== net8.0) (< net6.0)) (&& (== net8.0) (< net7.0)) (&& (== net8.0-windows10.0.17763.0) (>= net462)) (&& (== net8.0-windows10.0.17763.0) (< net6.0)) (&& (== net8.0-windows10.0.17763.0) (< net7.0)) (== netstandard2.0)
      System.Text.Json (>= 8.0)
    Microsoft.Extensions.ObjectPool (6.0.16)
    Microsoft.Extensions.Options (8.0)
      Microsoft.Extensions.DependencyInjection.Abstractions (>= 8.0)
      Microsoft.Extensions.Primitives (>= 8.0)
      System.ComponentModel.Annotations (>= 5.0) - restriction: || (&& (== net472) (== net8.0)) (&& (== net472) (== net8.0-windows10.0.17763.0)) (&& (== net472) (< net462)) (&& (== net472) (>= netstandard2.1)) (&& (== net8.0) (< net6.0)) (&& (== net8.0) (< netstandard2.1)) (&& (== net8.0-windows10.0.17763.0) (< net6.0)) (&& (== net8.0-windows10.0.17763.0) (< netstandard2.1)) (== netstandard2.0)
      System.ValueTuple (>= 4.5) - restriction: || (== net472) (&& (== net8.0) (>= net462)) (&& (== net8.0-windows10.0.17763.0) (>= net462)) (&& (== netstandard2.0) (>= net462))
    Microsoft.Extensions.Options.ConfigurationExtensions (8.0)
      Microsoft.Extensions.Configuration.Abstractions (>= 8.0)
      Microsoft.Extensions.Configuration.Binder (>= 8.0)
      Microsoft.Extensions.DependencyInjection.Abstractions (>= 8.0)
      Microsoft.Extensions.Options (>= 8.0)
      Microsoft.Extensions.Primitives (>= 8.0)
    Microsoft.Extensions.Primitives (8.0)
      System.Memory (>= 4.5.5) - restriction: || (== net472) (&& (== net8.0) (>= net462)) (&& (== net8.0) (< net6.0)) (&& (== net8.0-windows10.0.17763.0) (>= net462)) (&& (== net8.0-windows10.0.17763.0) (< net6.0)) (== netstandard2.0)
      System.Runtime.CompilerServices.Unsafe (>= 6.0) - restriction: || (== net472) (&& (== net8.0) (>= net462)) (&& (== net8.0) (< net6.0)) (&& (== net8.0) (< net7.0)) (&& (== net8.0-windows10.0.17763.0) (>= net462)) (&& (== net8.0-windows10.0.17763.0) (< net6.0)) (&& (== net8.0-windows10.0.17763.0) (< net7.0)) (== netstandard2.0)
    Microsoft.Extensions.WebEncoders (2.1) - restriction: || (== net472) (&& (== net8.0) (< netcoreapp3.0)) (&& (== net8.0-windows10.0.17763.0) (< netcoreapp3.0)) (== netstandard2.0)
      Microsoft.Extensions.DependencyInjection.Abstractions (>= 2.1)
      Microsoft.Extensions.Options (>= 2.1)
      System.Text.Encodings.Web (>= 4.5)
    Microsoft.Net.Http.Headers (2.1) - restriction: || (== net472) (&& (== net8.0) (< netcoreapp3.0)) (&& (== net8.0-windows10.0.17763.0) (< netcoreapp3.0)) (== netstandard2.0)
      Microsoft.Extensions.Primitives (>= 2.1)
      System.Buffers (>= 4.5)
    Microsoft.NETCore.Platforms (7.0.4)
    Microsoft.NETCore.Targets (1.1.3) - restriction: || (&& (== net472) (< net45)) (== net8.0) (== net8.0-windows10.0.17763.0) (== netstandard2.0)
    Microsoft.NETFramework.ReferenceAssemblies (1.0.3)
      Microsoft.NETFramework.ReferenceAssemblies.net472 (>= 1.0.3) - restriction: || (== net472) (&& (== net8.0) (>= net472)) (&& (== net8.0-windows10.0.17763.0) (>= net472)) (&& (== netstandard2.0) (>= net472))
    Microsoft.NETFramework.ReferenceAssemblies.net472 (1.0.3) - restriction: || (== net472) (&& (== net8.0) (>= net472)) (&& (== net8.0-windows10.0.17763.0) (>= net472)) (&& (== netstandard2.0) (>= net472))
    Microsoft.OpenApi (1.6.14)
    Microsoft.Web.WebView2 (1.0.2849.39)
    Microsoft.Win32.Registry (5.0)
      System.Buffers (>= 4.5.1) - restriction: || (&& (== net472) (== net8.0)) (&& (== net472) (== net8.0-windows10.0.17763.0)) (&& (== net472) (>= monoandroid) (< netstandard1.3)) (&& (== net472) (>= monotouch)) (&& (== net472) (< net46)) (&& (== net472) (>= xamarinios)) (&& (== net472) (>= xamarinmac)) (&& (== net472) (>= xamarintvos)) (&& (== net472) (>= xamarinwatchos)) (&& (== net8.0) (>= monoandroid) (< netstandard1.3)) (&& (== net8.0) (>= monotouch)) (&& (== net8.0) (< netcoreapp2.0)) (&& (== net8.0) (>= xamarinios)) (&& (== net8.0) (>= xamarinmac)) (&& (== net8.0) (>= xamarintvos)) (&& (== net8.0) (>= xamarinwatchos)) (&& (== net8.0-windows10.0.17763.0) (>= monoandroid) (< netstandard1.3)) (&& (== net8.0-windows10.0.17763.0) (>= monotouch)) (&& (== net8.0-windows10.0.17763.0) (< netcoreapp2.0)) (&& (== net8.0-windows10.0.17763.0) (>= xamarinios)) (&& (== net8.0-windows10.0.17763.0) (>= xamarinmac)) (&& (== net8.0-windows10.0.17763.0) (>= xamarintvos)) (&& (== net8.0-windows10.0.17763.0) (>= xamarinwatchos)) (== netstandard2.0)
      System.Memory (>= 4.5.4) - restriction: || (&& (== net472) (== net8.0)) (&& (== net472) (== net8.0-windows10.0.17763.0)) (&& (== net472) (< net46)) (&& (== net472) (>= netcoreapp2.0)) (&& (== net472) (>= uap10.1)) (&& (== net8.0) (< netcoreapp2.0)) (&& (== net8.0) (< netcoreapp2.1)) (&& (== net8.0) (>= uap10.1)) (&& (== net8.0-windows10.0.17763.0) (< netcoreapp2.0)) (&& (== net8.0-windows10.0.17763.0) (< netcoreapp2.1)) (&& (== net8.0-windows10.0.17763.0) (>= uap10.1)) (== netstandard2.0)
      System.Security.AccessControl (>= 5.0)
      System.Security.Principal.Windows (>= 5.0)
    Microsoft.Win32.SystemEvents (8.0) - restriction: || (&& (== net472) (>= net6.0)) (== net8.0) (== net8.0-windows10.0.17763.0) (&& (== netstandard2.0) (>= net6.0))
    Microsoft.Xaml.Behaviors.Wpf (1.1.135)
    NETStandard.Library (2.0.3)
      Microsoft.NETCore.Platforms (>= 1.1)
    Newtonsoft.Json (13.0.3)
    Newtonsoft.Json.Bson (1.0.2) - restriction: || (&& (== net472) (>= net8.0)) (== net8.0) (== net8.0-windows10.0.17763.0) (&& (== netstandard2.0) (>= net8.0))
      Newtonsoft.Json (>= 12.0.1)
    NModbus (3.0.72) - restriction: || (&& (== net472) (>= net6.0)) (== net8.0) (== net8.0-windows10.0.17763.0) (&& (== netstandard2.0) (>= net6.0))
    NPOI (2.5.1)
      Portable.BouncyCastle (>= 1.8.6)
      SharpZipLib (>= 1.2)
      System.Configuration.ConfigurationManager (>= 4.5) - restriction: || (&& (== net472) (< net40)) (== net8.0) (== net8.0-windows10.0.17763.0) (== netstandard2.0)
      System.Drawing.Common (>= 4.5) - restriction: || (&& (== net472) (< net40)) (== net8.0) (== net8.0-windows10.0.17763.0) (== netstandard2.0)
    Open-XML-SDK (2.9.1)
      NETStandard.Library (>= 1.6.1) - restriction: || (&& (== net472) (< net35)) (== net8.0) (== net8.0-windows10.0.17763.0) (== netstandard2.0)
      System.IO.Packaging (>= 4.5)
      System.Runtime.Serialization.Xml (>= 4.3) - restriction: || (&& (== net472) (< net35)) (== net8.0) (== net8.0-windows10.0.17763.0) (== netstandard2.0)
    Portable.BouncyCastle (1.8.6)
    ReactiveUI (20.1.63)
      DynamicData (>= 9.0.4)
      Splat (>= 15.1.1)
      System.ComponentModel (>= 4.3) - restriction: || (&& (== net472) (== net8.0)) (&& (== net472) (== net8.0-windows10.0.17763.0)) (&& (== net472) (< net462)) (&& (== net8.0) (< net6.0)) (&& (== net8.0-windows10.0.17763.0) (< net6.0)) (== netstandard2.0)
      System.ComponentModel.Annotations (>= 5.0)
      System.Diagnostics.Contracts (>= 4.3) - restriction: || (&& (== net472) (== net8.0)) (&& (== net472) (== net8.0-windows10.0.17763.0)) (&& (== net472) (< net462)) (&& (== net8.0) (< net6.0)) (&& (== net8.0-windows10.0.17763.0) (< net6.0)) (== netstandard2.0)
      System.Dynamic.Runtime (>= 4.3) - restriction: || (&& (== net472) (== net8.0)) (&& (== net472) (== net8.0-windows10.0.17763.0)) (&& (== net472) (< net462)) (&& (== net8.0) (< net6.0)) (&& (== net8.0-windows10.0.17763.0) (< net6.0)) (== netstandard2.0)
      System.Runtime.Serialization.Primitives (>= 4.3) - restriction: || (&& (== net472) (== net8.0)) (&& (== net472) (== net8.0-windows10.0.17763.0)) (&& (== net472) (< net462)) (&& (== net8.0) (< net6.0)) (&& (== net8.0-windows10.0.17763.0) (< net6.0)) (== netstandard2.0)
      System.Text.Json (>= 8.0.4) - restriction: || (== net472) (&& (== net8.0) (>= net462)) (&& (== net8.0) (< net6.0)) (&& (== net8.0) (>= net6.0-windows10.0.17763.0)) (&& (== net8.0-windows10.0.17763.0) (>= net462)) (&& (== net8.0-windows10.0.17763.0) (< net6.0)) (&& (== net8.0-windows10.0.17763.0) (>= net6.0-windows10.0.17763.0)) (&& (== net8.0-windows10.0.17763.0) (< net8.0)) (== netstandard2.0)
      System.ValueTuple (>= 4.5) - restriction: || (== net472) (&& (== net8.0) (>= net462)) (&& (== net8.0-windows10.0.17763.0) (>= net462)) (&& (== netstandard2.0) (>= net462))
    ReactiveUI.Fody (19.5.41)
      Fody (>= 6.8)
      ReactiveUI (>= 19.5.41)
    ReactiveUI.Validation (4.1.1)
      ReactiveUI (>= 20.1.63)
      System.Collections.Immutable (>= 8.0) - restriction: || (== net472) (&& (== net8.0) (>= net462)) (&& (== net8.0) (< net6.0)) (&& (== net8.0-windows10.0.17763.0) (>= net462)) (&& (== net8.0-windows10.0.17763.0) (< net6.0)) (== netstandard2.0)
    ReactiveUI.WPF (20.1.63)
      DynamicData (>= 9.0.4) - restriction: || (== net472) (&& (== net8.0) (>= net462)) (&& (== net8.0) (>= net6.0-windows10.0.17763.0)) (&& (== net8.0) (>= net8.0-windows10.0.17763.0)) (== net8.0-windows10.0.17763.0) (&& (== netstandard2.0) (>= net462)) (&& (== netstandard2.0) (>= net6.0-windows10.0.17763.0)) (&& (== netstandard2.0) (>= net8.0-windows10.0.17763.0))
      ReactiveUI (>= 20.1.63) - restriction: || (== net472) (&& (== net8.0) (>= net462)) (&& (== net8.0) (>= net6.0-windows10.0.17763.0)) (&& (== net8.0) (>= net8.0-windows10.0.17763.0)) (== net8.0-windows10.0.17763.0) (&& (== netstandard2.0) (>= net462)) (&& (== netstandard2.0) (>= net6.0-windows10.0.17763.0)) (&& (== netstandard2.0) (>= net8.0-windows10.0.17763.0))
      Splat (>= 15.1.1) - restriction: || (== net472) (&& (== net8.0) (>= net462)) (&& (== net8.0) (>= net6.0-windows10.0.17763.0)) (&& (== net8.0) (>= net8.0-windows10.0.17763.0)) (== net8.0-windows10.0.17763.0) (&& (== netstandard2.0) (>= net462)) (&& (== netstandard2.0) (>= net6.0-windows10.0.17763.0)) (&& (== netstandard2.0) (>= net8.0-windows10.0.17763.0))
      System.ComponentModel.Annotations (>= 5.0) - restriction: || (== net472) (&& (== net8.0) (>= net462)) (&& (== net8.0) (>= net6.0-windows10.0.17763.0)) (&& (== net8.0) (>= net8.0-windows10.0.17763.0)) (== net8.0-windows10.0.17763.0) (&& (== netstandard2.0) (>= net462)) (&& (== netstandard2.0) (>= net6.0-windows10.0.17763.0)) (&& (== netstandard2.0) (>= net8.0-windows10.0.17763.0))
      System.Text.Json (>= 8.0.4) - restriction: || (== net472) (&& (== net8.0) (>= net462)) (&& (== net8.0) (>= net6.0-windows10.0.17763.0)) (&& (== net8.0-windows10.0.17763.0) (>= net462)) (&& (== net8.0-windows10.0.17763.0) (>= net6.0-windows10.0.17763.0)) (&& (== netstandard2.0) (>= net462)) (&& (== netstandard2.0) (>= net6.0-windows10.0.17763.0))
      System.ValueTuple (>= 4.5) - restriction: || (== net472) (&& (== net8.0) (>= net462)) (&& (== net8.0-windows10.0.17763.0) (>= net462)) (&& (== netstandard2.0) (>= net462))
    Refit (7.2.1)
      System.Net.Http (>= 4.3.4) - restriction: || (== net472) (&& (== net8.0) (>= net462)) (&& (== net8.0-windows10.0.17763.0) (>= net462)) (&& (== netstandard2.0) (>= net462))
      System.Net.Http.Json (>= 8.0) - restriction: || (== net472) (&& (== net8.0) (>= net462)) (&& (== net8.0) (< net6.0)) (&& (== net8.0-windows10.0.17763.0) (>= net462)) (&& (== net8.0-windows10.0.17763.0) (< net6.0)) (== netstandard2.0)
      System.Text.Json (>= 8.0.4) - restriction: || (== net472) (&& (== net8.0) (>= net462)) (&& (== net8.0) (< net6.0)) (&& (== net8.0-windows10.0.17763.0) (>= net462)) (&& (== net8.0-windows10.0.17763.0) (< net6.0)) (== netstandard2.0)
    Refit.HttpClientFactory (7.2.1)
      Microsoft.Extensions.Http (>= 8.0)
      Refit (>= 7.2.1)
    Refit.Newtonsoft.Json (7.2.1)
      Newtonsoft.Json (>= 13.0.3)
      Refit (>= 7.2.1)
    runtime.debian.8-x64.runtime.native.System.Security.Cryptography.OpenSsl (4.3.2) - restriction: || (&& (== net472) (< net46)) (== net8.0) (== net8.0-windows10.0.17763.0) (== netstandard2.0)
    runtime.fedora.23-x64.runtime.native.System.Security.Cryptography.OpenSsl (4.3.2) - restriction: || (&& (== net472) (< net46)) (== net8.0) (== net8.0-windows10.0.17763.0) (== netstandard2.0)
    runtime.fedora.24-x64.runtime.native.System.Security.Cryptography.OpenSsl (4.3.2) - restriction: || (&& (== net472) (< net46)) (== net8.0) (== net8.0-windows10.0.17763.0) (== netstandard2.0)
    runtime.linux-arm.runtime.native.System.IO.Ports (8.0) - restriction: || (&& (== net472) (< net462)) (&& (== net472) (>= net6.0)) (== net8.0) (== net8.0-windows10.0.17763.0) (== netstandard2.0)
    runtime.linux-arm64.runtime.native.System.IO.Ports (8.0) - restriction: || (&& (== net472) (< net462)) (&& (== net472) (>= net6.0)) (== net8.0) (== net8.0-windows10.0.17763.0) (== netstandard2.0)
    runtime.linux-x64.runtime.native.System.IO.Ports (8.0) - restriction: || (&& (== net472) (< net462)) (&& (== net472) (>= net6.0)) (== net8.0) (== net8.0-windows10.0.17763.0) (== netstandard2.0)
    runtime.native.System.IO.Ports (8.0) - restriction: || (&& (== net472) (< net462)) (&& (== net472) (>= net6.0)) (== net8.0) (== net8.0-windows10.0.17763.0) (== netstandard2.0)
      runtime.linux-arm.runtime.native.System.IO.Ports (>= 8.0)
      runtime.linux-arm64.runtime.native.System.IO.Ports (>= 8.0)
      runtime.linux-x64.runtime.native.System.IO.Ports (>= 8.0)
      runtime.osx-arm64.runtime.native.System.IO.Ports (>= 8.0)
      runtime.osx-x64.runtime.native.System.IO.Ports (>= 8.0)
    runtime.native.System.Security.Cryptography.Apple (4.3.1) - restriction: || (&& (== net472) (< net46)) (== net8.0) (== net8.0-windows10.0.17763.0) (== netstandard2.0)
      runtime.osx.10.10-x64.runtime.native.System.Security.Cryptography.Apple (>= 4.3.1)
    runtime.native.System.Security.Cryptography.OpenSsl (4.3.2) - restriction: || (&& (== net472) (< net46)) (== net8.0) (== net8.0-windows10.0.17763.0) (== netstandard2.0)
      runtime.debian.8-x64.runtime.native.System.Security.Cryptography.OpenSsl (>= 4.3.2)
      runtime.fedora.23-x64.runtime.native.System.Security.Cryptography.OpenSsl (>= 4.3.2)
      runtime.fedora.24-x64.runtime.native.System.Security.Cryptography.OpenSsl (>= 4.3.2)
      runtime.opensuse.13.2-x64.runtime.native.System.Security.Cryptography.OpenSsl (>= 4.3.2)
      runtime.opensuse.42.1-x64.runtime.native.System.Security.Cryptography.OpenSsl (>= 4.3.2)
      runtime.osx.10.10-x64.runtime.native.System.Security.Cryptography.OpenSsl (>= 4.3.2)
      runtime.rhel.7-x64.runtime.native.System.Security.Cryptography.OpenSsl (>= 4.3.2)
      runtime.ubuntu.14.04-x64.runtime.native.System.Security.Cryptography.OpenSsl (>= 4.3.2)
      runtime.ubuntu.16.04-x64.runtime.native.System.Security.Cryptography.OpenSsl (>= 4.3.2)
      runtime.ubuntu.16.10-x64.runtime.native.System.Security.Cryptography.OpenSsl (>= 4.3.2)
    runtime.opensuse.13.2-x64.runtime.native.System.Security.Cryptography.OpenSsl (4.3.2) - restriction: || (&& (== net472) (< net46)) (== net8.0) (== net8.0-windows10.0.17763.0) (== netstandard2.0)
    runtime.opensuse.42.1-x64.runtime.native.System.Security.Cryptography.OpenSsl (4.3.2) - restriction: || (&& (== net472) (< net46)) (== net8.0) (== net8.0-windows10.0.17763.0) (== netstandard2.0)
    runtime.osx-arm64.runtime.native.System.IO.Ports (8.0) - restriction: || (&& (== net472) (< net462)) (&& (== net472) (>= net6.0)) (== net8.0) (== net8.0-windows10.0.17763.0) (== netstandard2.0)
    runtime.osx-x64.runtime.native.System.IO.Ports (8.0) - restriction: || (&& (== net472) (< net462)) (&& (== net472) (>= net6.0)) (== net8.0) (== net8.0-windows10.0.17763.0) (== netstandard2.0)
    runtime.osx.10.10-x64.runtime.native.System.Security.Cryptography.Apple (4.3.1) - restriction: || (&& (== net472) (< net46)) (== net8.0) (== net8.0-windows10.0.17763.0) (== netstandard2.0)
    runtime.osx.10.10-x64.runtime.native.System.Security.Cryptography.OpenSsl (4.3.2) - restriction: || (&& (== net472) (< net46)) (== net8.0) (== net8.0-windows10.0.17763.0) (== netstandard2.0)
    runtime.rhel.7-x64.runtime.native.System.Security.Cryptography.OpenSsl (4.3.2) - restriction: || (&& (== net472) (< net46)) (== net8.0) (== net8.0-windows10.0.17763.0) (== netstandard2.0)
    runtime.ubuntu.14.04-x64.runtime.native.System.Security.Cryptography.OpenSsl (4.3.2) - restriction: || (&& (== net472) (< net46)) (== net8.0) (== net8.0-windows10.0.17763.0) (== netstandard2.0)
    runtime.ubuntu.16.04-x64.runtime.native.System.Security.Cryptography.OpenSsl (4.3.2) - restriction: || (&& (== net472) (< net46)) (== net8.0) (== net8.0-windows10.0.17763.0) (== netstandard2.0)
    runtime.ubuntu.16.10-x64.runtime.native.System.Security.Cryptography.OpenSsl (4.3.2) - restriction: || (&& (== net472) (< net46)) (== net8.0) (== net8.0-windows10.0.17763.0) (== netstandard2.0)
    Serilog (4.1)
      System.Diagnostics.DiagnosticSource (>= 8.0.1) - restriction: || (== net472) (&& (== net8.0) (>= net462) (< netstandard2.0)) (&& (== net8.0) (>= net471)) (&& (== net8.0) (< net6.0)) (&& (== net8.0-windows10.0.17763.0) (>= net462) (< netstandard2.0)) (&& (== net8.0-windows10.0.17763.0) (>= net471)) (&& (== net8.0-windows10.0.17763.0) (< net6.0)) (== netstandard2.0)
      System.Threading.Channels (>= 8.0) - restriction: || (== net472) (&& (== net8.0) (>= net462) (< netstandard2.0)) (&& (== net8.0) (>= net471)) (&& (== net8.0) (< net6.0)) (&& (== net8.0-windows10.0.17763.0) (>= net462) (< netstandard2.0)) (&& (== net8.0-windows10.0.17763.0) (>= net471)) (&& (== net8.0-windows10.0.17763.0) (< net6.0)) (== netstandard2.0)
    Serilog.AspNetCore (8.0.3)
      Microsoft.AspNetCore.Hosting.Abstractions (>= 2.2) - restriction: || (== net472) (&& (== net8.0) (>= net462)) (&& (== net8.0) (< net6.0)) (&& (== net8.0-windows10.0.17763.0) (>= net462)) (&& (== net8.0-windows10.0.17763.0) (< net6.0)) (== netstandard2.0)
      Microsoft.AspNetCore.Http.Abstractions (>= 2.2) - restriction: || (== net472) (&& (== net8.0) (>= net462)) (&& (== net8.0) (< net6.0)) (&& (== net8.0-windows10.0.17763.0) (>= net462)) (&& (== net8.0-windows10.0.17763.0) (< net6.0)) (== netstandard2.0)
      Microsoft.Extensions.Logging (>= 8.0)
      Serilog (>= 3.1.1)
      Serilog.Extensions.Hosting (>= 8.0)
      Serilog.Formatting.Compact (>= 2.0)
      Serilog.Settings.Configuration (>= 8.0.4)
      Serilog.Sinks.Console (>= 5.0)
      Serilog.Sinks.Debug (>= 2.0)
      Serilog.Sinks.File (>= 5.0)
    Serilog.Extensions.Hosting (8.0)
      Microsoft.Extensions.DependencyInjection.Abstractions (>= 8.0)
      Microsoft.Extensions.Hosting.Abstractions (>= 8.0)
      Microsoft.Extensions.Logging.Abstractions (>= 8.0)
      Serilog (>= 3.1.1)
      Serilog.Extensions.Logging (>= 8.0)
    Serilog.Extensions.Logging (8.0)
      Microsoft.Extensions.Logging (>= 8.0)
      Serilog (>= 3.1.1)
    Serilog.Formatting.Compact (2.0)
      Serilog (>= 3.1)
    Serilog.Settings.Configuration (8.0.4)
      Microsoft.Extensions.Configuration.Binder (>= 8.0)
      Microsoft.Extensions.DependencyModel (>= 8.0.2)
      Serilog (>= 3.1.1)
    Serilog.Sinks.Console (6.0)
      Serilog (>= 4.0)
    Serilog.Sinks.Debug (2.0)
      Serilog (>= 2.10)
    Serilog.Sinks.File (6.0)
      Serilog (>= 4.0)
    SharpZipLib (1.2)
    Splat (15.2.22)
    Swashbuckle.AspNetCore (6.9)
      Microsoft.Extensions.ApiDescription.Server (>= 6.0.5)
      Swashbuckle.AspNetCore.Swagger (>= 6.9)
      Swashbuckle.AspNetCore.SwaggerGen (>= 6.9)
      Swashbuckle.AspNetCore.SwaggerUI (>= 6.9)
    Swashbuckle.AspNetCore.Newtonsoft (6.9)
      Microsoft.AspNetCore.Mvc.Formatters.Json (>= 2.1) - restriction: || (== net472) (&& (== net8.0) (< netcoreapp3.0)) (&& (== net8.0-windows10.0.17763.0) (< netcoreapp3.0)) (== netstandard2.0)
      Microsoft.AspNetCore.Mvc.NewtonsoftJson (>= 8.0) - restriction: || (&& (== net472) (>= net8.0)) (== net8.0) (== net8.0-windows10.0.17763.0) (&& (== netstandard2.0) (>= net8.0))
      Swashbuckle.AspNetCore.SwaggerGen (>= 6.9)
    Swashbuckle.AspNetCore.Swagger (6.9)
      Microsoft.AspNetCore.Routing (>= 2.1) - restriction: || (== net472) (&& (== net8.0) (< netcoreapp3.0)) (&& (== net8.0-windows10.0.17763.0) (< netcoreapp3.0)) (== netstandard2.0)
      Microsoft.OpenApi (>= 1.6.14)
    Swashbuckle.AspNetCore.SwaggerGen (6.9)
      Microsoft.AspNetCore.Mvc.ApiExplorer (>= 2.1) - restriction: || (== net472) (&& (== net8.0) (< netcoreapp3.0)) (&& (== net8.0-windows10.0.17763.0) (< netcoreapp3.0)) (== netstandard2.0)
      Microsoft.AspNetCore.Mvc.DataAnnotations (>= 2.1) - restriction: || (== net472) (&& (== net8.0) (< netcoreapp3.0)) (&& (== net8.0-windows10.0.17763.0) (< netcoreapp3.0)) (== netstandard2.0)
      Swashbuckle.AspNetCore.Swagger (>= 6.9)
      System.Text.Json (>= 4.6) - restriction: || (== net472) (&& (== net8.0) (< netcoreapp3.0)) (&& (== net8.0-windows10.0.17763.0) (< netcoreapp3.0)) (== netstandard2.0)
    Swashbuckle.AspNetCore.SwaggerUI (6.9)
      Microsoft.AspNetCore.Routing (>= 2.1) - restriction: || (== net472) (&& (== net8.0) (< netcoreapp3.0)) (&& (== net8.0-windows10.0.17763.0) (< netcoreapp3.0)) (== netstandard2.0)
      Microsoft.AspNetCore.StaticFiles (>= 2.1) - restriction: || (== net472) (&& (== net8.0) (< netcoreapp3.0)) (&& (== net8.0-windows10.0.17763.0) (< netcoreapp3.0)) (== netstandard2.0)
      Microsoft.Extensions.FileProviders.Embedded (>= 2.1) - restriction: || (== net472) (&& (== net8.0) (< netcoreapp3.0)) (&& (== net8.0-windows10.0.17763.0) (< netcoreapp3.0)) (== netstandard2.0)
      System.Text.Json (>= 4.6) - restriction: || (== net472) (&& (== net8.0) (< netcoreapp3.0)) (&& (== net8.0-windows10.0.17763.0) (< netcoreapp3.0)) (== netstandard2.0)
    System.Buffers (4.5.1) - restriction: || (== net472) (&& (== net8.0) (>= monoandroid) (< netstandard1.3)) (&& (== net8.0) (>= monotouch)) (&& (== net8.0) (>= net462)) (&& (== net8.0) (< net6.0)) (&& (== net8.0) (< netcoreapp2.0)) (&& (== net8.0) (< netstandard2.1)) (&& (== net8.0) (>= xamarinios)) (&& (== net8.0) (>= xamarinmac)) (&& (== net8.0) (>= xamarintvos)) (&& (== net8.0) (>= xamarinwatchos)) (&& (== net8.0-windows10.0.17763.0) (>= monoandroid) (< netstandard1.3)) (&& (== net8.0-windows10.0.17763.0) (>= monotouch)) (&& (== net8.0-windows10.0.17763.0) (>= net462)) (&& (== net8.0-windows10.0.17763.0) (< net6.0)) (&& (== net8.0-windows10.0.17763.0) (< net8.0)) (&& (== net8.0-windows10.0.17763.0) (< netcoreapp2.0)) (&& (== net8.0-windows10.0.17763.0) (< netstandard2.1)) (&& (== net8.0-windows10.0.17763.0) (>= xamarinios)) (&& (== net8.0-windows10.0.17763.0) (>= xamarinmac)) (&& (== net8.0-windows10.0.17763.0) (>= xamarintvos)) (&& (== net8.0-windows10.0.17763.0) (>= xamarinwatchos)) (== netstandard2.0)
    System.Collections (4.3) - restriction: || (&& (== net472) (< net45)) (&& (== net472) (< net46)) (== net8.0) (== net8.0-windows10.0.17763.0) (== netstandard2.0)
      Microsoft.NETCore.Platforms (>= 1.1) - restriction: || (&& (== net472) (< net45)) (== net8.0) (== net8.0-windows10.0.17763.0) (== netstandard2.0)
      Microsoft.NETCore.Targets (>= 1.1) - restriction: || (&& (== net472) (< net45)) (== net8.0) (== net8.0-windows10.0.17763.0) (== netstandard2.0)
      System.Runtime (>= 4.3) - restriction: || (&& (== net472) (< net45)) (== net8.0) (== net8.0-windows10.0.17763.0) (== netstandard2.0)
    System.Collections.Concurrent (4.3) - restriction: || (&& (== net472) (< net46)) (== net8.0) (== net8.0-windows10.0.17763.0) (== netstandard2.0)
      System.Collections (>= 4.3) - restriction: || (&& (== net472) (< net45)) (== net8.0) (== net8.0-windows10.0.17763.0) (== netstandard2.0)
      System.Diagnostics.Debug (>= 4.3) - restriction: || (&& (== net472) (< net45)) (== net8.0) (== net8.0-windows10.0.17763.0) (== netstandard2.0)
      System.Diagnostics.Tracing (>= 4.3) - restriction: || (&& (== net472) (< net45)) (== net8.0) (== net8.0-windows10.0.17763.0) (== netstandard2.0)
      System.Globalization (>= 4.3) - restriction: || (&& (== net472) (< net45)) (== net8.0) (== net8.0-windows10.0.17763.0) (== netstandard2.0)
      System.Reflection (>= 4.3) - restriction: || (&& (== net472) (< net45)) (== net8.0) (== net8.0-windows10.0.17763.0) (== netstandard2.0)
      System.Resources.ResourceManager (>= 4.3) - restriction: || (&& (== net472) (< net45)) (== net8.0) (== net8.0-windows10.0.17763.0) (== netstandard2.0)
      System.Runtime (>= 4.3) - restriction: || (&& (== net472) (< net45)) (== net8.0) (== net8.0-windows10.0.17763.0) (== netstandard2.0)
      System.Runtime.Extensions (>= 4.3) - restriction: || (&& (== net472) (< net45)) (== net8.0) (== net8.0-windows10.0.17763.0) (== netstandard2.0)
      System.Threading (>= 4.3) - restriction: || (&& (== net472) (< net45)) (== net8.0) (== net8.0-windows10.0.17763.0) (== netstandard2.0)
      System.Threading.Tasks (>= 4.3) - restriction: || (&& (== net472) (< net45)) (== net8.0) (== net8.0-windows10.0.17763.0) (== netstandard2.0)
    System.Collections.Immutable (8.0)
    System.ComponentModel (4.3)
      System.Runtime (>= 4.3) - restriction: || (&& (== net472) (< net45)) (== net8.0) (== net8.0-windows10.0.17763.0) (== netstandard2.0)
    System.ComponentModel.Annotations (5.0)
    System.Configuration.ConfigurationManager (4.5) - restriction: || (&& (== net472) (< net40)) (== net8.0) (== net8.0-windows10.0.17763.0) (== netstandard2.0)
      System.Security.Cryptography.ProtectedData (>= 4.5) - restriction: || (&& (== net472) (< net461)) (== net8.0) (== net8.0-windows10.0.17763.0) (== netstandard2.0)
      System.Security.Permissions (>= 4.5)
    System.Diagnostics.Contracts (4.3) - restriction: || (&& (== net472) (== net8.0)) (&& (== net472) (== net8.0-windows10.0.17763.0)) (&& (== net472) (< net462)) (&& (== net8.0) (< net6.0)) (&& (== net8.0-windows10.0.17763.0) (< net6.0)) (== netstandard2.0)
      System.Runtime (>= 4.3) - restriction: || (&& (== net472) (< net45)) (== net8.0) (== net8.0-windows10.0.17763.0) (== netstandard2.0)
    System.Diagnostics.Debug (4.3) - restriction: || (&& (== net472) (< net45)) (== net8.0) (== net8.0-windows10.0.17763.0) (== netstandard2.0)
      Microsoft.NETCore.Platforms (>= 1.1) - restriction: || (&& (== net472) (< net45)) (== net8.0) (== net8.0-windows10.0.17763.0) (== netstandard2.0)
      Microsoft.NETCore.Targets (>= 1.1) - restriction: || (&& (== net472) (< net45)) (== net8.0) (== net8.0-windows10.0.17763.0) (== netstandard2.0)
      System.Runtime (>= 4.3) - restriction: || (&& (== net472) (< net45)) (== net8.0) (== net8.0-windows10.0.17763.0) (== netstandard2.0)
    System.Diagnostics.DiagnosticSource (8.0.1)
      System.Memory (>= 4.5.5) - restriction: || (== net472) (&& (== net8.0) (>= net462)) (&& (== net8.0) (< net6.0)) (&& (== net8.0-windows10.0.17763.0) (>= net462)) (&& (== net8.0-windows10.0.17763.0) (< net6.0)) (== netstandard2.0)
      System.Runtime.CompilerServices.Unsafe (>= 6.0) - restriction: || (== net472) (&& (== net8.0) (>= net462)) (&& (== net8.0) (< net6.0)) (&& (== net8.0) (< net7.0)) (&& (== net8.0-windows10.0.17763.0) (>= net462)) (&& (== net8.0-windows10.0.17763.0) (< net6.0)) (&& (== net8.0-windows10.0.17763.0) (< net7.0)) (== netstandard2.0)
    System.Diagnostics.EventLog (8.0) - restriction: || (&& (== net472) (< net462)) (&& (== net472) (>= net6.0)) (== net8.0) (== net8.0-windows10.0.17763.0) (== netstandard2.0)
      System.Security.Principal.Windows (>= 5.0) - restriction: || (== net472) (&& (== net8.0) (>= net462)) (&& (== net8.0) (< net6.0)) (&& (== net8.0-windows10.0.17763.0) (>= net462)) (&& (== net8.0-windows10.0.17763.0) (< net6.0)) (== netstandard2.0)
    System.Diagnostics.Tools (4.3) - restriction: || (&& (== net472) (< net35)) (== net8.0) (== net8.0-windows10.0.17763.0) (== netstandard2.0)
      Microsoft.NETCore.Platforms (>= 1.1) - restriction: || (&& (== net472) (< net45)) (== net8.0) (== net8.0-windows10.0.17763.0) (== netstandard2.0)
      Microsoft.NETCore.Targets (>= 1.1) - restriction: || (&& (== net472) (< net45)) (== net8.0) (== net8.0-windows10.0.17763.0) (== netstandard2.0)
      System.Runtime (>= 4.3) - restriction: || (&& (== net472) (< net45)) (== net8.0) (== net8.0-windows10.0.17763.0) (== netstandard2.0)
    System.Diagnostics.Tracing (4.3) - restriction: || (&& (== net472) (< net45)) (== net8.0) (== net8.0-windows10.0.17763.0) (== netstandard2.0)
      Microsoft.NETCore.Platforms (>= 1.1) - restriction: || (&& (== net472) (< net45)) (== net8.0) (== net8.0-windows10.0.17763.0) (== netstandard2.0)
      Microsoft.NETCore.Targets (>= 1.1) - restriction: || (&& (== net472) (< net45)) (== net8.0) (== net8.0-windows10.0.17763.0) (== netstandard2.0)
      System.Runtime (>= 4.3) - restriction: || (&& (== net472) (< net45)) (== net8.0) (== net8.0-windows10.0.17763.0) (== netstandard2.0)
    System.Drawing.Common (8.0.10)
      Microsoft.Win32.SystemEvents (>= 8.0) - restriction: || (&& (== net472) (>= net6.0)) (== net8.0) (== net8.0-windows10.0.17763.0) (&& (== netstandard2.0) (>= net6.0))
    System.Dynamic.Runtime (4.3) - restriction: || (&& (== net472) (== net8.0)) (&& (== net472) (== net8.0-windows10.0.17763.0)) (&& (== net472) (< net462)) (&& (== net8.0) (< net6.0)) (&& (== net8.0-windows10.0.17763.0) (< net6.0)) (== netstandard2.0)
      System.Collections (>= 4.3) - restriction: || (&& (== net472) (< net45)) (== net8.0) (== net8.0-windows10.0.17763.0) (== netstandard2.0)
      System.Diagnostics.Debug (>= 4.3) - restriction: || (&& (== net472) (< net45)) (== net8.0) (== net8.0-windows10.0.17763.0) (== netstandard2.0)
      System.Linq (>= 4.3) - restriction: || (&& (== net472) (< net45)) (== net8.0) (== net8.0-windows10.0.17763.0) (== netstandard2.0)
      System.Linq.Expressions (>= 4.3) - restriction: || (&& (== net472) (< net45)) (== net8.0) (== net8.0-windows10.0.17763.0) (== netstandard2.0)
      System.ObjectModel (>= 4.3) - restriction: || (&& (== net472) (< net45)) (== net8.0) (== net8.0-windows10.0.17763.0) (== netstandard2.0)
      System.Reflection (>= 4.3) - restriction: || (&& (== net472) (< net45)) (== net8.0) (== net8.0-windows10.0.17763.0) (== netstandard2.0)
      System.Reflection.Emit (>= 4.3) - restriction: || (&& (== net472) (< net45)) (== net8.0) (== net8.0-windows10.0.17763.0) (== netstandard2.0)
      System.Reflection.Emit.ILGeneration (>= 4.3) - restriction: || (&& (== net472) (< net45)) (== net8.0) (== net8.0-windows10.0.17763.0) (== netstandard2.0)
      System.Reflection.Primitives (>= 4.3) - restriction: || (&& (== net472) (< net45)) (== net8.0) (== net8.0-windows10.0.17763.0) (== netstandard2.0)
      System.Reflection.TypeExtensions (>= 4.3) - restriction: || (&& (== net472) (< net45)) (== net8.0) (== net8.0-windows10.0.17763.0) (== netstandard2.0)
      System.Resources.ResourceManager (>= 4.3) - restriction: || (&& (== net472) (< net45)) (== net8.0) (== net8.0-windows10.0.17763.0) (== netstandard2.0)
      System.Runtime (>= 4.3) - restriction: || (&& (== net472) (< net45)) (== net8.0) (== net8.0-windows10.0.17763.0) (== netstandard2.0)
      System.Runtime.Extensions (>= 4.3) - restriction: || (&& (== net472) (< net45)) (== net8.0) (== net8.0-windows10.0.17763.0) (== netstandard2.0)
      System.Threading (>= 4.3) - restriction: || (&& (== net472) (< net45)) (== net8.0) (== net8.0-windows10.0.17763.0) (== netstandard2.0)
    System.Formats.Asn1 (9.0)
      System.Buffers (>= 4.5.1) - restriction: || (== net472) (&& (== net8.0) (>= net462)) (&& (== net8.0-windows10.0.17763.0) (>= net462)) (&& (== net8.0-windows10.0.17763.0) (< net8.0)) (== netstandard2.0)
      System.Memory (>= 4.5.5) - restriction: || (== net472) (&& (== net8.0) (>= net462)) (&& (== net8.0-windows10.0.17763.0) (>= net462)) (&& (== net8.0-windows10.0.17763.0) (< net8.0)) (== netstandard2.0)
      System.ValueTuple (>= 4.5) - restriction: || (== net472) (&& (== net8.0) (>= net462)) (&& (== net8.0-windows10.0.17763.0) (>= net462)) (&& (== netstandard2.0) (>= net462))
    System.Globalization (4.3) - restriction: || (&& (== net472) (< net35)) (&& (== net472) (< net45)) (== net8.0) (== net8.0-windows10.0.17763.0) (== netstandard2.0)
      Microsoft.NETCore.Platforms (>= 1.1) - restriction: || (&& (== net472) (< net45)) (== net8.0) (== net8.0-windows10.0.17763.0) (== netstandard2.0)
      Microsoft.NETCore.Targets (>= 1.1) - restriction: || (&& (== net472) (< net45)) (== net8.0) (== net8.0-windows10.0.17763.0) (== netstandard2.0)
      System.Runtime (>= 4.3) - restriction: || (&& (== net472) (< net45)) (== net8.0) (== net8.0-windows10.0.17763.0) (== netstandard2.0)
    System.IO (4.3)
      Microsoft.NETCore.Platforms (>= 1.1) - restriction: || (&& (== net472) (< net45)) (== net8.0) (== net8.0-windows10.0.17763.0) (== netstandard2.0)
      Microsoft.NETCore.Targets (>= 1.1) - restriction: || (&& (== net472) (< net45)) (== net8.0) (== net8.0-windows10.0.17763.0) (== netstandard2.0)
      System.Runtime (>= 4.3) - restriction: || (&& (== net472) (< net45)) (== net8.0) (== net8.0-windows10.0.17763.0) (== netstandard2.0)
      System.Text.Encoding (>= 4.3) - restriction: || (&& (== net472) (< net45)) (== net8.0) (== net8.0-windows10.0.17763.0) (== netstandard2.0)
      System.Threading.Tasks (>= 4.3) - restriction: || (&& (== net472) (< net45)) (== net8.0) (== net8.0-windows10.0.17763.0) (== netstandard2.0)
    System.IO.FileSystem (4.3) - restriction: || (&& (== net472) (< net35)) (== net8.0) (== net8.0-windows10.0.17763.0) (== netstandard2.0)
      Microsoft.NETCore.Platforms (>= 1.1) - restriction: || (&& (== net472) (< net46)) (== net8.0) (== net8.0-windows10.0.17763.0) (== netstandard2.0)
      Microsoft.NETCore.Targets (>= 1.1) - restriction: || (&& (== net472) (< net46)) (== net8.0) (== net8.0-windows10.0.17763.0) (== netstandard2.0)
      System.IO (>= 4.3) - restriction: || (&& (== net472) (< net46)) (== net8.0) (== net8.0-windows10.0.17763.0) (== netstandard2.0)
      System.IO.FileSystem.Primitives (>= 4.3)
      System.Runtime (>= 4.3) - restriction: || (&& (== net472) (< net46)) (== net8.0) (== net8.0-windows10.0.17763.0) (== netstandard2.0)
      System.Runtime.Handles (>= 4.3) - restriction: || (&& (== net472) (< net46)) (== net8.0) (== net8.0-windows10.0.17763.0) (== netstandard2.0)
      System.Text.Encoding (>= 4.3) - restriction: || (&& (== net472) (< net46)) (== net8.0) (== net8.0-windows10.0.17763.0) (== netstandard2.0)
      System.Threading.Tasks (>= 4.3) - restriction: || (&& (== net472) (< net46)) (== net8.0) (== net8.0-windows10.0.17763.0) (== netstandard2.0)
    System.IO.FileSystem.Primitives (4.3)
    System.IO.Packaging (4.5)
      System.IO.FileSystem.Primitives (>= 4.3) - restriction: || (== net472) (&& (== net8.0) (>= net46)) (&& (== net8.0) (< netstandard2.0)) (&& (== net8.0-windows10.0.17763.0) (>= net46)) (&& (== net8.0-windows10.0.17763.0) (< netstandard2.0)) (&& (== netstandard2.0) (>= net46))
    System.IO.Pipelines (9.0)
      System.Buffers (>= 4.5.1) - restriction: || (== net472) (&& (== net8.0) (>= net462)) (&& (== net8.0-windows10.0.17763.0) (>= net462)) (&& (== net8.0-windows10.0.17763.0) (< net8.0)) (== netstandard2.0)
      System.Memory (>= 4.5.5) - restriction: || (== net472) (&& (== net8.0) (>= net462)) (&& (== net8.0-windows10.0.17763.0) (>= net462)) (&& (== net8.0-windows10.0.17763.0) (< net8.0)) (== netstandard2.0)
      System.Threading.Tasks.Extensions (>= 4.5.4) - restriction: || (== net472) (&& (== net8.0) (>= net462)) (&& (== net8.0-windows10.0.17763.0) (>= net462)) (&& (== net8.0-windows10.0.17763.0) (< net8.0)) (== netstandard2.0)
    System.IO.Ports (8.0)
      runtime.native.System.IO.Ports (>= 8.0) - restriction: || (&& (== net472) (< net462)) (&& (== net472) (>= net6.0)) (== net8.0) (== net8.0-windows10.0.17763.0) (== netstandard2.0)
    System.Linq (4.3) - restriction: || (&& (== net472) (< net45)) (== net8.0) (== net8.0-windows10.0.17763.0) (== netstandard2.0)
      System.Collections (>= 4.3) - restriction: || (&& (== net472) (< net45)) (== net8.0) (== net8.0-windows10.0.17763.0) (== netstandard2.0)
      System.Diagnostics.Debug (>= 4.3) - restriction: || (&& (== net472) (< net45)) (== net8.0) (== net8.0-windows10.0.17763.0) (== netstandard2.0)
      System.Resources.ResourceManager (>= 4.3) - restriction: || (&& (== net472) (< net45)) (== net8.0) (== net8.0-windows10.0.17763.0) (== netstandard2.0)
      System.Runtime (>= 4.3) - restriction: || (&& (== net472) (< net45)) (== net8.0) (== net8.0-windows10.0.17763.0) (== netstandard2.0)
      System.Runtime.Extensions (>= 4.3) - restriction: || (&& (== net472) (< net45)) (== net8.0) (== net8.0-windows10.0.17763.0) (== netstandard2.0)
    System.Linq.Expressions (4.3)
      System.Collections (>= 4.3) - restriction: || (&& (== net472) (< net45)) (== net8.0) (== net8.0-windows10.0.17763.0) (== netstandard2.0)
      System.Diagnostics.Debug (>= 4.3) - restriction: || (&& (== net472) (< net45)) (== net8.0) (== net8.0-windows10.0.17763.0) (== netstandard2.0)
      System.Globalization (>= 4.3) - restriction: || (&& (== net472) (< net45)) (== net8.0) (== net8.0-windows10.0.17763.0) (== netstandard2.0)
      System.IO (>= 4.3) - restriction: || (&& (== net472) (< net45)) (== net8.0) (== net8.0-windows10.0.17763.0) (== netstandard2.0)
      System.Linq (>= 4.3) - restriction: || (&& (== net472) (< net45)) (== net8.0) (== net8.0-windows10.0.17763.0) (== netstandard2.0)
      System.ObjectModel (>= 4.3) - restriction: || (&& (== net472) (< net45)) (== net8.0) (== net8.0-windows10.0.17763.0) (== netstandard2.0)
      System.Reflection (>= 4.3) - restriction: || (&& (== net472) (< net45)) (== net8.0) (== net8.0-windows10.0.17763.0) (== netstandard2.0)
      System.Reflection.Emit (>= 4.3) - restriction: || (&& (== net472) (< net45)) (== net8.0) (== net8.0-windows10.0.17763.0) (== netstandard2.0)
      System.Reflection.Emit.ILGeneration (>= 4.3) - restriction: || (&& (== net472) (< net45)) (== net8.0) (== net8.0-windows10.0.17763.0) (== netstandard2.0)
      System.Reflection.Emit.Lightweight (>= 4.3) - restriction: || (&& (== net472) (< net45)) (== net8.0) (== net8.0-windows10.0.17763.0) (== netstandard2.0)
      System.Reflection.Extensions (>= 4.3) - restriction: || (&& (== net472) (< net45)) (== net8.0) (== net8.0-windows10.0.17763.0) (== netstandard2.0)
      System.Reflection.Primitives (>= 4.3) - restriction: || (&& (== net472) (< net45)) (== net8.0) (== net8.0-windows10.0.17763.0) (== netstandard2.0)
      System.Reflection.TypeExtensions (>= 4.3) - restriction: || (&& (== net472) (< net45)) (== net8.0) (== net8.0-windows10.0.17763.0) (== netstandard2.0)
      System.Resources.ResourceManager (>= 4.3) - restriction: || (&& (== net472) (< net45)) (== net8.0) (== net8.0-windows10.0.17763.0) (== netstandard2.0)
      System.Runtime (>= 4.3) - restriction: || (&& (== net472) (< net45)) (== net8.0) (== net8.0-windows10.0.17763.0) (== netstandard2.0)
      System.Runtime.Extensions (>= 4.3) - restriction: || (&& (== net472) (< net45)) (== net8.0) (== net8.0-windows10.0.17763.0) (== netstandard2.0)
      System.Threading (>= 4.3) - restriction: || (&& (== net472) (< net45)) (== net8.0) (== net8.0-windows10.0.17763.0) (== netstandard2.0)
    System.Memory (4.5.5) - restriction: || (== net472) (&& (== net8.0) (>= net462)) (&& (== net8.0) (< net6.0)) (&& (== net8.0) (< netcoreapp2.0)) (&& (== net8.0) (< netcoreapp2.1)) (&& (== net8.0) (>= uap10.1)) (&& (== net8.0-windows10.0.17763.0) (>= net462)) (&& (== net8.0-windows10.0.17763.0) (< net6.0)) (&& (== net8.0-windows10.0.17763.0) (< net8.0)) (&& (== net8.0-windows10.0.17763.0) (< netcoreapp2.0)) (&& (== net8.0-windows10.0.17763.0) (< netcoreapp2.1)) (&& (== net8.0-windows10.0.17763.0) (>= uap10.1)) (== netstandard2.0)
      System.Buffers (>= 4.5.1) - restriction: || (== net472) (&& (== net8.0) (>= monotouch)) (&& (== net8.0) (>= net461)) (&& (== net8.0) (< netcoreapp2.0)) (&& (== net8.0) (< netstandard1.1)) (&& (== net8.0) (< netstandard2.0)) (&& (== net8.0) (>= xamarinios)) (&& (== net8.0) (>= xamarinmac)) (&& (== net8.0) (>= xamarintvos)) (&& (== net8.0) (>= xamarinwatchos)) (&& (== net8.0-windows10.0.17763.0) (>= monotouch)) (&& (== net8.0-windows10.0.17763.0) (>= net461)) (&& (== net8.0-windows10.0.17763.0) (< netcoreapp2.0)) (&& (== net8.0-windows10.0.17763.0) (< netstandard1.1)) (&& (== net8.0-windows10.0.17763.0) (< netstandard2.0)) (&& (== net8.0-windows10.0.17763.0) (>= xamarinios)) (&& (== net8.0-windows10.0.17763.0) (>= xamarinmac)) (&& (== net8.0-windows10.0.17763.0) (>= xamarintvos)) (&& (== net8.0-windows10.0.17763.0) (>= xamarinwatchos)) (== netstandard2.0)
      System.Numerics.Vectors (>= 4.4) - restriction: || (&& (== net472) (== net8.0)) (&& (== net472) (== net8.0-windows10.0.17763.0)) (&& (== net472) (< net45)) (&& (== net8.0) (< netcoreapp2.0)) (&& (== net8.0-windows10.0.17763.0) (< netcoreapp2.0)) (== netstandard2.0)
      System.Numerics.Vectors (>= 4.5) - restriction: || (== net472) (&& (== net8.0) (>= net461)) (&& (== net8.0-windows10.0.17763.0) (>= net461)) (&& (== netstandard2.0) (>= net461))
      System.Runtime.CompilerServices.Unsafe (>= 4.5.3) - restriction: || (== net472) (&& (== net8.0) (>= monotouch)) (&& (== net8.0) (>= net461)) (&& (== net8.0) (< netcoreapp2.0)) (&& (== net8.0) (< netcoreapp2.1)) (&& (== net8.0) (< netstandard1.1)) (&& (== net8.0) (< netstandard2.0)) (&& (== net8.0) (>= uap10.1)) (&& (== net8.0) (>= xamarinios)) (&& (== net8.0) (>= xamarinmac)) (&& (== net8.0) (>= xamarintvos)) (&& (== net8.0) (>= xamarinwatchos)) (&& (== net8.0-windows10.0.17763.0) (>= monotouch)) (&& (== net8.0-windows10.0.17763.0) (>= net461)) (&& (== net8.0-windows10.0.17763.0) (< netcoreapp2.0)) (&& (== net8.0-windows10.0.17763.0) (< netcoreapp2.1)) (&& (== net8.0-windows10.0.17763.0) (< netstandard1.1)) (&& (== net8.0-windows10.0.17763.0) (< netstandard2.0)) (&& (== net8.0-windows10.0.17763.0) (>= uap10.1)) (&& (== net8.0-windows10.0.17763.0) (>= xamarinios)) (&& (== net8.0-windows10.0.17763.0) (>= xamarinmac)) (&& (== net8.0-windows10.0.17763.0) (>= xamarintvos)) (&& (== net8.0-windows10.0.17763.0) (>= xamarinwatchos)) (== netstandard2.0)
    System.Net.Http (4.3.4) - restriction: || (== net472) (&& (== net8.0) (>= net462)) (&& (== net8.0-windows10.0.17763.0) (>= net462)) (&& (== netstandard2.0) (>= net462))
      System.Security.Cryptography.X509Certificates (>= 4.3)
    System.Net.Http.Json (8.0) - restriction: || (== net472) (&& (== net8.0) (>= net462)) (&& (== net8.0) (< net6.0)) (&& (== net8.0-windows10.0.17763.0) (>= net462)) (&& (== net8.0-windows10.0.17763.0) (< net6.0)) (== netstandard2.0)
      System.Buffers (>= 4.5.1) - restriction: || (== net472) (&& (== net8.0) (>= net462)) (&& (== net8.0) (< net6.0)) (&& (== net8.0-windows10.0.17763.0) (>= net462)) (&& (== net8.0-windows10.0.17763.0) (< net6.0)) (== netstandard2.0)
      System.Memory (>= 4.5.5) - restriction: || (== net472) (&& (== net8.0) (>= net462)) (&& (== net8.0) (< net6.0)) (&& (== net8.0-windows10.0.17763.0) (>= net462)) (&& (== net8.0-windows10.0.17763.0) (< net6.0)) (== netstandard2.0)
      System.Text.Json (>= 8.0)
      System.Threading.Tasks.Extensions (>= 4.5.4) - restriction: || (== net472) (&& (== net8.0) (>= net462)) (&& (== net8.0) (< net6.0)) (&& (== net8.0-windows10.0.17763.0) (>= net462)) (&& (== net8.0-windows10.0.17763.0) (< net6.0)) (== netstandard2.0)
    System.Net.Primitives (4.3) - restriction: || (&& (== net472) (< net46)) (== net8.0) (== net8.0-windows10.0.17763.0) (== netstandard2.0)
      Microsoft.NETCore.Platforms (>= 1.1) - restriction: || (&& (== net472) (< net45)) (&& (== net472) (< netstandard1.1)) (== net8.0) (== net8.0-windows10.0.17763.0) (== netstandard2.0)
      Microsoft.NETCore.Targets (>= 1.1) - restriction: || (&& (== net472) (< net45)) (&& (== net472) (< netstandard1.1)) (== net8.0) (== net8.0-windows10.0.17763.0) (== netstandard2.0)
      System.Runtime (>= 4.3) - restriction: || (&& (== net472) (< net45)) (&& (== net472) (< netstandard1.1)) (== net8.0) (== net8.0-windows10.0.17763.0) (== netstandard2.0)
      System.Runtime.Handles (>= 4.3) - restriction: || (&& (== net472) (< net45)) (== net8.0) (== net8.0-windows10.0.17763.0) (== netstandard2.0)
    System.Net.Sockets (4.3)
      Microsoft.NETCore.Platforms (>= 1.1) - restriction: || (&& (== net472) (< net46)) (== net8.0) (== net8.0-windows10.0.17763.0) (== netstandard2.0)
      Microsoft.NETCore.Targets (>= 1.1) - restriction: || (&& (== net472) (< net46)) (== net8.0) (== net8.0-windows10.0.17763.0) (== netstandard2.0)
      System.IO (>= 4.3) - restriction: || (&& (== net472) (< net46)) (== net8.0) (== net8.0-windows10.0.17763.0) (== netstandard2.0)
      System.Net.Primitives (>= 4.3) - restriction: || (&& (== net472) (< net46)) (== net8.0) (== net8.0-windows10.0.17763.0) (== netstandard2.0)
      System.Runtime (>= 4.3) - restriction: || (&& (== net472) (< net46)) (== net8.0) (== net8.0-windows10.0.17763.0) (== netstandard2.0)
      System.Threading.Tasks (>= 4.3) - restriction: || (&& (== net472) (< net46)) (== net8.0) (== net8.0-windows10.0.17763.0) (== netstandard2.0)
    System.Numerics.Vectors (4.5)
    System.ObjectModel (4.3) - restriction: || (&& (== net472) (< net45)) (== net8.0) (== net8.0-windows10.0.17763.0) (== netstandard2.0)
      System.Collections (>= 4.3) - restriction: || (&& (== net472) (< net45)) (== net8.0) (== net8.0-windows10.0.17763.0) (== netstandard2.0)
      System.Diagnostics.Debug (>= 4.3) - restriction: || (&& (== net472) (< net45)) (== net8.0) (== net8.0-windows10.0.17763.0) (== netstandard2.0)
      System.Resources.ResourceManager (>= 4.3) - restriction: || (&& (== net472) (< net45)) (== net8.0) (== net8.0-windows10.0.17763.0) (== netstandard2.0)
      System.Runtime (>= 4.3) - restriction: || (&& (== net472) (< net45)) (== net8.0) (== net8.0-windows10.0.17763.0) (== netstandard2.0)
      System.Threading (>= 4.3) - restriction: || (&& (== net472) (< net45)) (== net8.0) (== net8.0-windows10.0.17763.0) (== netstandard2.0)
    System.Private.DataContractSerialization (4.3) - restriction: || (&& (== net472) (< net35)) (== net8.0) (== net8.0-windows10.0.17763.0) (== netstandard2.0)
      System.Collections (>= 4.3) - restriction: || (&& (== net472) (< net46)) (== net8.0) (== net8.0-windows10.0.17763.0) (== netstandard2.0)
      System.Collections.Concurrent (>= 4.3) - restriction: || (&& (== net472) (< net46)) (== net8.0) (== net8.0-windows10.0.17763.0) (== netstandard2.0)
      System.Diagnostics.Debug (>= 4.3) - restriction: || (&& (== net472) (< net46)) (== net8.0) (== net8.0-windows10.0.17763.0) (== netstandard2.0)
      System.Globalization (>= 4.3) - restriction: || (&& (== net472) (< net46)) (== net8.0) (== net8.0-windows10.0.17763.0) (== netstandard2.0)
      System.IO (>= 4.3) - restriction: || (&& (== net472) (< net46)) (== net8.0) (== net8.0-windows10.0.17763.0) (== netstandard2.0)
      System.Linq (>= 4.3) - restriction: || (&& (== net472) (< net46)) (== net8.0) (== net8.0-windows10.0.17763.0) (== netstandard2.0)
      System.Reflection (>= 4.3) - restriction: || (&& (== net472) (< net46)) (== net8.0) (== net8.0-windows10.0.17763.0) (== netstandard2.0)
      System.Reflection.Emit.ILGeneration (>= 4.3) - restriction: || (&& (== net472) (< net46)) (== net8.0) (== net8.0-windows10.0.17763.0) (== netstandard2.0)
      System.Reflection.Emit.Lightweight (>= 4.3) - restriction: || (&& (== net472) (< net46)) (== net8.0) (== net8.0-windows10.0.17763.0) (== netstandard2.0)
      System.Reflection.Extensions (>= 4.3) - restriction: || (&& (== net472) (< net46)) (== net8.0) (== net8.0-windows10.0.17763.0) (== netstandard2.0)
      System.Reflection.Primitives (>= 4.3) - restriction: || (&& (== net472) (< net46)) (== net8.0) (== net8.0-windows10.0.17763.0) (== netstandard2.0)
      System.Reflection.TypeExtensions (>= 4.3)
      System.Resources.ResourceManager (>= 4.3) - restriction: || (&& (== net472) (< net46)) (== net8.0) (== net8.0-windows10.0.17763.0) (== netstandard2.0)
      System.Runtime (>= 4.3) - restriction: || (&& (== net472) (< net46)) (== net8.0) (== net8.0-windows10.0.17763.0) (== netstandard2.0)
      System.Runtime.Extensions (>= 4.3) - restriction: || (&& (== net472) (< net46)) (== net8.0) (== net8.0-windows10.0.17763.0) (== netstandard2.0)
      System.Runtime.Serialization.Primitives (>= 4.3)
      System.Text.Encoding (>= 4.3) - restriction: || (&& (== net472) (< net46)) (== net8.0) (== net8.0-windows10.0.17763.0) (== netstandard2.0)
      System.Text.Encoding.Extensions (>= 4.3) - restriction: || (&& (== net472) (< net46)) (== net8.0) (== net8.0-windows10.0.17763.0) (== netstandard2.0)
      System.Text.RegularExpressions (>= 4.3) - restriction: || (&& (== net472) (< net46)) (== net8.0) (== net8.0-windows10.0.17763.0) (== netstandard2.0)
      System.Threading (>= 4.3) - restriction: || (&& (== net472) (< net46)) (== net8.0) (== net8.0-windows10.0.17763.0) (== netstandard2.0)
      System.Threading.Tasks (>= 4.3) - restriction: || (&& (== net472) (< net46)) (== net8.0) (== net8.0-windows10.0.17763.0) (== netstandard2.0)
      System.Xml.ReaderWriter (>= 4.3) - restriction: || (&& (== net472) (< net46)) (== net8.0) (== net8.0-windows10.0.17763.0) (== netstandard2.0)
      System.Xml.XDocument (>= 4.3) - restriction: || (&& (== net472) (< net46)) (== net8.0) (== net8.0-windows10.0.17763.0) (== netstandard2.0)
      System.Xml.XmlDocument (>= 4.3)
      System.Xml.XmlSerializer (>= 4.3) - restriction: || (&& (== net472) (< net46)) (== net8.0) (== net8.0-windows10.0.17763.0) (== netstandard2.0)
    System.Private.ServiceModel (4.10.2) - restriction: || (&& (== net472) (< net45)) (&& (== net472) (>= net6.0)) (== net8.0) (== net8.0-windows10.0.17763.0) (== netstandard2.0)
      Microsoft.Bcl.AsyncInterfaces (>= 5.0)
      Microsoft.Extensions.ObjectPool (>= 5.0.10)
      System.Numerics.Vectors (>= 4.5)
      System.Reflection.DispatchProxy (>= 4.7.1)
      System.Security.Cryptography.Xml (>= 6.0.1)
      System.Security.Principal.Windows (>= 5.0)
    System.Reactive (6.0.1)
      System.Threading.Tasks.Extensions (>= 4.5.4) - restriction: || (== net472) (&& (== net8.0) (>= net472)) (&& (== net8.0) (< net6.0)) (&& (== net8.0) (>= uap10.1)) (&& (== net8.0-windows10.0.17763.0) (>= net472)) (&& (== net8.0-windows10.0.17763.0) (< net6.0)) (&& (== net8.0-windows10.0.17763.0) (>= uap10.1)) (== netstandard2.0)
    System.Reflection (4.3) - restriction: || (&& (== net472) (< net45)) (&& (== net472) (< net46)) (== net8.0) (== net8.0-windows10.0.17763.0) (== netstandard2.0)
      Microsoft.NETCore.Platforms (>= 1.1) - restriction: || (&& (== net472) (< net45)) (== net8.0) (== net8.0-windows10.0.17763.0) (== netstandard2.0)
      Microsoft.NETCore.Targets (>= 1.1) - restriction: || (&& (== net472) (< net45)) (== net8.0) (== net8.0-windows10.0.17763.0) (== netstandard2.0)
      System.IO (>= 4.3) - restriction: || (&& (== net472) (< net45)) (== net8.0) (== net8.0-windows10.0.17763.0) (== netstandard2.0)
      System.Reflection.Primitives (>= 4.3) - restriction: || (&& (== net472) (< net45)) (== net8.0) (== net8.0-windows10.0.17763.0) (== netstandard2.0)
      System.Runtime (>= 4.3) - restriction: || (&& (== net472) (< net45)) (== net8.0) (== net8.0-windows10.0.17763.0) (== netstandard2.0)
    System.Reflection.DispatchProxy (4.7.1) - restriction: || (&& (== net472) (< net45)) (&& (== net472) (>= net6.0)) (== net8.0) (== net8.0-windows10.0.17763.0) (== netstandard2.0)
    System.Reflection.Emit (4.3) - restriction: || (&& (== net472) (< net45)) (== net8.0) (== net8.0-windows10.0.17763.0) (== netstandard2.0)
      System.IO (>= 4.3) - restriction: || (&& (== net472) (< net45)) (== net8.0) (== net8.0-windows10.0.17763.0) (== netstandard2.0)
      System.Reflection (>= 4.3) - restriction: || (&& (== net472) (< net45)) (== net8.0) (== net8.0-windows10.0.17763.0) (== netstandard2.0)
      System.Reflection.Emit.ILGeneration (>= 4.3) - restriction: || (&& (== net472) (< net45)) (== net8.0) (== net8.0-windows10.0.17763.0) (== netstandard2.0)
      System.Reflection.Primitives (>= 4.3) - restriction: || (&& (== net472) (< net45)) (== net8.0) (== net8.0-windows10.0.17763.0) (== netstandard2.0)
      System.Runtime (>= 4.3) - restriction: || (&& (== net472) (< net45)) (== net8.0) (== net8.0-windows10.0.17763.0) (== netstandard2.0)
    System.Reflection.Emit.ILGeneration (4.3) - restriction: || (&& (== net472) (< net45)) (== net8.0) (== net8.0-windows10.0.17763.0) (== netstandard2.0)
      System.Reflection (>= 4.3) - restriction: || (&& (== net472) (< net45)) (== net8.0) (== net8.0-windows10.0.17763.0) (== netstandard2.0)
      System.Reflection.Primitives (>= 4.3) - restriction: || (&& (== net472) (< net45)) (== net8.0) (== net8.0-windows10.0.17763.0) (== netstandard2.0)
      System.Runtime (>= 4.3) - restriction: || (&& (== net472) (< net45)) (== net8.0) (== net8.0-windows10.0.17763.0) (== netstandard2.0)
    System.Reflection.Emit.Lightweight (4.3) - restriction: || (&& (== net472) (< net45)) (== net8.0) (== net8.0-windows10.0.17763.0) (== netstandard2.0)
      System.Reflection (>= 4.3) - restriction: || (&& (== net472) (< net45)) (== net8.0) (== net8.0-windows10.0.17763.0) (== netstandard2.0)
      System.Reflection.Emit.ILGeneration (>= 4.3) - restriction: || (&& (== net472) (< net45)) (== net8.0) (== net8.0-windows10.0.17763.0) (== netstandard2.0)
      System.Reflection.Primitives (>= 4.3) - restriction: || (&& (== net472) (< net45)) (== net8.0) (== net8.0-windows10.0.17763.0) (== netstandard2.0)
      System.Runtime (>= 4.3) - restriction: || (&& (== net472) (< net45)) (== net8.0) (== net8.0-windows10.0.17763.0) (== netstandard2.0)
    System.Reflection.Extensions (4.3) - restriction: || (&& (== net472) (< net45)) (== net8.0) (== net8.0-windows10.0.17763.0) (== netstandard2.0)
      Microsoft.NETCore.Platforms (>= 1.1) - restriction: || (&& (== net472) (< net45)) (== net8.0) (== net8.0-windows10.0.17763.0) (== netstandard2.0)
      Microsoft.NETCore.Targets (>= 1.1) - restriction: || (&& (== net472) (< net45)) (== net8.0) (== net8.0-windows10.0.17763.0) (== netstandard2.0)
      System.Reflection (>= 4.3) - restriction: || (&& (== net472) (< net45)) (== net8.0) (== net8.0-windows10.0.17763.0) (== netstandard2.0)
      System.Runtime (>= 4.3) - restriction: || (&& (== net472) (< net45)) (== net8.0) (== net8.0-windows10.0.17763.0) (== netstandard2.0)
    System.Reflection.Metadata (8.0)
      System.Collections.Immutable (>= 8.0)
      System.Memory (>= 4.5.5) - restriction: || (== net472) (&& (== net8.0) (>= net462)) (&& (== net8.0) (< net6.0)) (&& (== net8.0-windows10.0.17763.0) (>= net462)) (&& (== net8.0-windows10.0.17763.0) (< net6.0)) (== netstandard2.0)
    System.Reflection.Primitives (4.3) - restriction: || (&& (== net472) (< net45)) (== net8.0) (== net8.0-windows10.0.17763.0) (== netstandard2.0)
      Microsoft.NETCore.Platforms (>= 1.1) - restriction: || (&& (== net472) (< net45)) (== net8.0) (== net8.0-windows10.0.17763.0) (== netstandard2.0)
      Microsoft.NETCore.Targets (>= 1.1) - restriction: || (&& (== net472) (< net45)) (== net8.0) (== net8.0-windows10.0.17763.0) (== netstandard2.0)
      System.Runtime (>= 4.3) - restriction: || (&& (== net472) (< net45)) (== net8.0) (== net8.0-windows10.0.17763.0) (== netstandard2.0)
    System.Reflection.TypeExtensions (4.3) - restriction: || (&& (== net472) (< net45)) (== net8.0) (== net8.0-windows10.0.17763.0) (== netstandard2.0)
      System.Reflection (>= 4.3)
      System.Runtime (>= 4.3) - restriction: || (&& (== net472) (< net46)) (== net8.0) (== net8.0-windows10.0.17763.0) (== netstandard2.0)
    System.Resources.ResourceManager (4.3) - restriction: || (&& (== net472) (< net45)) (&& (== net472) (< net46)) (== net8.0) (== net8.0-windows10.0.17763.0) (== netstandard2.0)
      Microsoft.NETCore.Platforms (>= 1.1) - restriction: || (&& (== net472) (< net45)) (== net8.0) (== net8.0-windows10.0.17763.0) (== netstandard2.0)
      Microsoft.NETCore.Targets (>= 1.1) - restriction: || (&& (== net472) (< net45)) (== net8.0) (== net8.0-windows10.0.17763.0) (== netstandard2.0)
      System.Globalization (>= 4.3) - restriction: || (&& (== net472) (< net45)) (== net8.0) (== net8.0-windows10.0.17763.0) (== netstandard2.0)
      System.Reflection (>= 4.3) - restriction: || (&& (== net472) (< net45)) (== net8.0) (== net8.0-windows10.0.17763.0) (== netstandard2.0)
      System.Runtime (>= 4.3) - restriction: || (&& (== net472) (< net45)) (== net8.0) (== net8.0-windows10.0.17763.0) (== netstandard2.0)
    System.Runtime (4.3.1)
      Microsoft.NETCore.Platforms (>= 1.1.1) - restriction: || (&& (== net472) (< net45)) (== net8.0) (== net8.0-windows10.0.17763.0) (== netstandard2.0)
      Microsoft.NETCore.Targets (>= 1.1.3) - restriction: || (&& (== net472) (< net45)) (== net8.0) (== net8.0-windows10.0.17763.0) (== netstandard2.0)
    System.Runtime.CompilerServices.Unsafe (6.1)
    System.Runtime.Extensions (4.3) - restriction: || (&& (== net472) (< net45)) (&& (== net472) (< net46)) (== net8.0) (== net8.0-windows10.0.17763.0) (== netstandard2.0)
      Microsoft.NETCore.Platforms (>= 1.1) - restriction: || (&& (== net472) (< net45)) (== net8.0) (== net8.0-windows10.0.17763.0) (== netstandard2.0)
      Microsoft.NETCore.Targets (>= 1.1) - restriction: || (&& (== net472) (< net45)) (== net8.0) (== net8.0-windows10.0.17763.0) (== netstandard2.0)
      System.Runtime (>= 4.3) - restriction: || (&& (== net472) (< net45)) (== net8.0) (== net8.0-windows10.0.17763.0) (== netstandard2.0)
    System.Runtime.Handles (4.3) - restriction: || (&& (== net472) (< net46)) (== net8.0) (== net8.0-windows10.0.17763.0) (== netstandard2.0)
      Microsoft.NETCore.Platforms (>= 1.1) - restriction: || (&& (== net472) (< net46)) (== net8.0) (== net8.0-windows10.0.17763.0) (== netstandard2.0)
      Microsoft.NETCore.Targets (>= 1.1) - restriction: || (&& (== net472) (< net46)) (== net8.0) (== net8.0-windows10.0.17763.0) (== netstandard2.0)
      System.Runtime (>= 4.3) - restriction: || (&& (== net472) (< net46)) (== net8.0) (== net8.0-windows10.0.17763.0) (== netstandard2.0)
    System.Runtime.InteropServices (4.3) - restriction: || (&& (== net472) (< net46)) (== net8.0) (== net8.0-windows10.0.17763.0) (== netstandard2.0)
      Microsoft.NETCore.Platforms (>= 1.1) - restriction: || (&& (== net472) (< net45)) (&& (== net472) (>= netcoreapp1.1)) (== net8.0) (== net8.0-windows10.0.17763.0) (== netstandard2.0)
      Microsoft.NETCore.Targets (>= 1.1) - restriction: || (&& (== net472) (< net45)) (&& (== net472) (>= netcoreapp1.1)) (== net8.0) (== net8.0-windows10.0.17763.0) (== netstandard2.0)
      System.Reflection (>= 4.3) - restriction: || (&& (== net472) (< net45)) (&& (== net472) (>= netcoreapp1.1)) (== net8.0) (== net8.0-windows10.0.17763.0) (== netstandard2.0)
      System.Reflection.Primitives (>= 4.3) - restriction: || (&& (== net472) (< net45)) (&& (== net472) (>= netcoreapp1.1)) (== net8.0) (== net8.0-windows10.0.17763.0) (== netstandard2.0)
      System.Runtime (>= 4.3)
      System.Runtime.Handles (>= 4.3) - restriction: || (&& (== net472) (< net45)) (&& (== net472) (>= netcoreapp1.1)) (== net8.0) (== net8.0-windows10.0.17763.0) (== netstandard2.0)
    System.Runtime.InteropServices.RuntimeInformation (4.3) - restriction: || (== net472) (&& (== net8.0) (>= net462)) (&& (== net8.0-windows10.0.17763.0) (>= net462)) (&& (== netstandard2.0) (>= net462))
    System.Runtime.Numerics (4.3) - restriction: || (&& (== net472) (< net46)) (== net8.0) (== net8.0-windows10.0.17763.0) (== netstandard2.0)
      System.Globalization (>= 4.3) - restriction: || (&& (== net472) (< net45)) (== net8.0) (== net8.0-windows10.0.17763.0) (== netstandard2.0)
      System.Resources.ResourceManager (>= 4.3) - restriction: || (&& (== net472) (< net45)) (== net8.0) (== net8.0-windows10.0.17763.0) (== netstandard2.0)
      System.Runtime (>= 4.3) - restriction: || (&& (== net472) (< net45)) (== net8.0) (== net8.0-windows10.0.17763.0) (== netstandard2.0)
      System.Runtime.Extensions (>= 4.3) - restriction: || (&& (== net472) (< net45)) (== net8.0) (== net8.0-windows10.0.17763.0) (== netstandard2.0)
    System.Runtime.Serialization.Formatters (4.3)
      System.Collections (>= 4.3) - restriction: || (&& (== net472) (< net46)) (== net8.0) (== net8.0-windows10.0.17763.0) (== netstandard2.0)
      System.Reflection (>= 4.3) - restriction: || (&& (== net472) (< net46)) (== net8.0) (== net8.0-windows10.0.17763.0) (== netstandard2.0)
      System.Resources.ResourceManager (>= 4.3) - restriction: || (&& (== net472) (< net46)) (== net8.0) (== net8.0-windows10.0.17763.0) (== netstandard2.0)
      System.Runtime (>= 4.3) - restriction: || (&& (== net472) (< net46)) (== net8.0) (== net8.0-windows10.0.17763.0) (== netstandard2.0)
      System.Runtime.Serialization.Primitives (>= 4.3)
    System.Runtime.Serialization.Primitives (4.3)
      System.Resources.ResourceManager (>= 4.3) - restriction: || (&& (== net472) (< net45)) (== net8.0) (== net8.0-windows10.0.17763.0) (== netstandard2.0)
      System.Runtime (>= 4.3) - restriction: || (&& (== net472) (< net45)) (== net8.0) (== net8.0-windows10.0.17763.0) (== netstandard2.0)
    System.Runtime.Serialization.Xml (4.3) - restriction: || (&& (== net472) (< net35)) (== net8.0) (== net8.0-windows10.0.17763.0) (== netstandard2.0)
      System.IO (>= 4.3) - restriction: || (&& (== net472) (< net45)) (== net8.0) (== net8.0-windows10.0.17763.0) (== netstandard2.0)
      System.Private.DataContractSerialization (>= 4.3) - restriction: || (&& (== net472) (< net45)) (== net8.0) (== net8.0-windows10.0.17763.0) (== netstandard2.0)
      System.Runtime (>= 4.3) - restriction: || (&& (== net472) (< net45)) (== net8.0) (== net8.0-windows10.0.17763.0) (== netstandard2.0)
      System.Runtime.Serialization.Primitives (>= 4.3)
      System.Text.Encoding (>= 4.3) - restriction: || (&& (== net472) (< net45)) (== net8.0) (== net8.0-windows10.0.17763.0) (== netstandard2.0)
      System.Xml.ReaderWriter (>= 4.3) - restriction: || (&& (== net472) (< net45)) (== net8.0) (== net8.0-windows10.0.17763.0) (== netstandard2.0)
    System.Security.AccessControl (6.0)
      System.Security.Principal.Windows (>= 5.0) - restriction: || (== net472) (&& (== net8.0) (>= net461)) (&& (== net8.0) (< net6.0)) (&& (== net8.0-windows10.0.17763.0) (>= net461)) (&& (== net8.0-windows10.0.17763.0) (< net6.0)) (== netstandard2.0)
    System.Security.Cryptography.Algorithms (4.3.1)
      Microsoft.NETCore.Platforms (>= 1.1) - restriction: || (&& (== net472) (< net46)) (== net8.0) (== net8.0-windows10.0.17763.0) (== netstandard2.0)
      runtime.native.System.Security.Cryptography.Apple (>= 4.3.1) - restriction: || (&& (== net472) (< net46)) (== net8.0) (== net8.0-windows10.0.17763.0) (== netstandard2.0)
      runtime.native.System.Security.Cryptography.OpenSsl (>= 4.3.2) - restriction: || (&& (== net472) (< net46)) (== net8.0) (== net8.0-windows10.0.17763.0) (== netstandard2.0)
      System.Collections (>= 4.3) - restriction: || (&& (== net472) (< net46)) (== net8.0) (== net8.0-windows10.0.17763.0) (== netstandard2.0)
      System.IO (>= 4.3)
      System.Resources.ResourceManager (>= 4.3) - restriction: || (&& (== net472) (< net46)) (== net8.0) (== net8.0-windows10.0.17763.0) (== netstandard2.0)
      System.Runtime (>= 4.3)
      System.Runtime.Extensions (>= 4.3) - restriction: || (&& (== net472) (< net46)) (== net8.0) (== net8.0-windows10.0.17763.0) (== netstandard2.0)
      System.Runtime.Handles (>= 4.3) - restriction: || (&& (== net472) (< net46)) (== net8.0) (== net8.0-windows10.0.17763.0) (== netstandard2.0)
      System.Runtime.InteropServices (>= 4.3) - restriction: || (&& (== net472) (< net46)) (== net8.0) (== net8.0-windows10.0.17763.0) (== netstandard2.0)
      System.Runtime.Numerics (>= 4.3) - restriction: || (&& (== net472) (< net46)) (== net8.0) (== net8.0-windows10.0.17763.0) (== netstandard2.0)
      System.Security.Cryptography.Encoding (>= 4.3)
      System.Security.Cryptography.Primitives (>= 4.3)
      System.Text.Encoding (>= 4.3) - restriction: || (&& (== net472) (< net46)) (== net8.0) (== net8.0-windows10.0.17763.0) (== netstandard2.0)
    System.Security.Cryptography.Cng (5.0) - restriction: || (&& (== net472) (== net8.0)) (&& (== net472) (== net8.0-windows10.0.17763.0)) (&& (== net472) (< net462)) (&& (== net472) (>= net8.0)) (&& (== net472) (>= netstandard2.1)) (&& (== net8.0) (< netstandard2.1)) (&& (== net8.0-windows10.0.17763.0) (< net8.0)) (&& (== net8.0-windows10.0.17763.0) (< netstandard2.1)) (== netstandard2.0)
    System.Security.Cryptography.Encoding (4.3)
      Microsoft.NETCore.Platforms (>= 1.1) - restriction: || (&& (== net472) (< net46)) (== net8.0) (== net8.0-windows10.0.17763.0) (== netstandard2.0)
      runtime.native.System.Security.Cryptography.OpenSsl (>= 4.3) - restriction: || (&& (== net472) (< net46)) (== net8.0) (== net8.0-windows10.0.17763.0) (== netstandard2.0)
      System.Collections (>= 4.3) - restriction: || (&& (== net472) (< net46)) (== net8.0) (== net8.0-windows10.0.17763.0) (== netstandard2.0)
      System.Collections.Concurrent (>= 4.3) - restriction: || (&& (== net472) (< net46)) (== net8.0) (== net8.0-windows10.0.17763.0) (== netstandard2.0)
      System.Linq (>= 4.3) - restriction: || (&& (== net472) (< net46)) (== net8.0) (== net8.0-windows10.0.17763.0) (== netstandard2.0)
      System.Resources.ResourceManager (>= 4.3) - restriction: || (&& (== net472) (< net46)) (== net8.0) (== net8.0-windows10.0.17763.0) (== netstandard2.0)
      System.Runtime (>= 4.3) - restriction: || (&& (== net472) (< net46)) (== net8.0) (== net8.0-windows10.0.17763.0) (== netstandard2.0)
      System.Runtime.Extensions (>= 4.3) - restriction: || (&& (== net472) (< net46)) (== net8.0) (== net8.0-windows10.0.17763.0) (== netstandard2.0)
      System.Runtime.Handles (>= 4.3) - restriction: || (&& (== net472) (< net46)) (== net8.0) (== net8.0-windows10.0.17763.0) (== netstandard2.0)
      System.Runtime.InteropServices (>= 4.3) - restriction: || (&& (== net472) (< net46)) (== net8.0) (== net8.0-windows10.0.17763.0) (== netstandard2.0)
      System.Security.Cryptography.Primitives (>= 4.3) - restriction: || (&& (== net472) (< net46)) (== net8.0) (== net8.0-windows10.0.17763.0) (== netstandard2.0)
      System.Text.Encoding (>= 4.3) - restriction: || (&& (== net472) (< net46)) (== net8.0) (== net8.0-windows10.0.17763.0) (== netstandard2.0)
    System.Security.Cryptography.Pkcs (9.0) - restriction: || (&& (== net472) (< net462)) (&& (== net472) (>= net8.0)) (== net8.0) (== net8.0-windows10.0.17763.0) (== netstandard2.0)
      Microsoft.Bcl.Cryptography (>= 9.0)
      System.Buffers (>= 4.5.1) - restriction: || (&& (== net472) (== net8.0)) (&& (== net472) (== net8.0-windows10.0.17763.0)) (&& (== net472) (< net462)) (&& (== net8.0) (< netstandard2.1)) (&& (== net8.0-windows10.0.17763.0) (< netstandard2.1)) (== netstandard2.0)
      System.Formats.Asn1 (>= 9.0) - restriction: || (&& (== net472) (< net462)) (&& (== net472) (>= netstandard2.1)) (== net8.0) (== net8.0-windows10.0.17763.0) (== netstandard2.0)
      System.Memory (>= 4.5.5) - restriction: || (&& (== net472) (== net8.0)) (&& (== net472) (== net8.0-windows10.0.17763.0)) (&& (== net472) (< net462)) (&& (== net8.0) (< netstandard2.1)) (&& (== net8.0-windows10.0.17763.0) (< netstandard2.1)) (== netstandard2.0)
      System.Runtime.CompilerServices.Unsafe (>= 6.0) - restriction: || (&& (== net472) (== net8.0)) (&& (== net472) (== net8.0-windows10.0.17763.0)) (&& (== net472) (< net462)) (&& (== net472) (>= netstandard2.1)) (&& (== net8.0) (< netstandard2.1)) (&& (== net8.0-windows10.0.17763.0) (< net8.0)) (&& (== net8.0-windows10.0.17763.0) (< netstandard2.1)) (== netstandard2.0)
      System.Security.Cryptography.Cng (>= 5.0) - restriction: || (&& (== net472) (== net8.0)) (&& (== net472) (== net8.0-windows10.0.17763.0)) (&& (== net472) (< net462)) (&& (== net472) (>= netstandard2.1)) (&& (== net8.0) (< netstandard2.1)) (&& (== net8.0-windows10.0.17763.0) (< net8.0)) (&& (== net8.0-windows10.0.17763.0) (< netstandard2.1)) (== netstandard2.0)
    System.Security.Cryptography.Primitives (4.3)
      System.Diagnostics.Debug (>= 4.3) - restriction: || (&& (== net472) (< net46)) (== net8.0) (== net8.0-windows10.0.17763.0) (== netstandard2.0)
      System.Globalization (>= 4.3) - restriction: || (&& (== net472) (< net46)) (== net8.0) (== net8.0-windows10.0.17763.0) (== netstandard2.0)
      System.IO (>= 4.3) - restriction: || (&& (== net472) (< net46)) (== net8.0) (== net8.0-windows10.0.17763.0) (== netstandard2.0)
      System.Resources.ResourceManager (>= 4.3) - restriction: || (&& (== net472) (< net46)) (== net8.0) (== net8.0-windows10.0.17763.0) (== netstandard2.0)
      System.Runtime (>= 4.3) - restriction: || (&& (== net472) (< net46)) (== net8.0) (== net8.0-windows10.0.17763.0) (== netstandard2.0)
      System.Threading (>= 4.3) - restriction: || (&& (== net472) (< net46)) (== net8.0) (== net8.0-windows10.0.17763.0) (== netstandard2.0)
      System.Threading.Tasks (>= 4.3) - restriction: || (&& (== net472) (< net46)) (== net8.0) (== net8.0-windows10.0.17763.0) (== netstandard2.0)
    System.Security.Cryptography.ProtectedData (4.5) - restriction: || (&& (== net472) (< net40)) (== net8.0) (== net8.0-windows10.0.17763.0) (== netstandard2.0)
      System.Memory (>= 4.5) - restriction: || (&& (== net472) (== net8.0)) (&& (== net472) (== net8.0-windows10.0.17763.0)) (&& (== net472) (< net46)) (&& (== net8.0) (< netcoreapp2.1)) (&& (== net8.0-windows10.0.17763.0) (< netcoreapp2.1)) (== netstandard2.0)
    System.Security.Cryptography.X509Certificates (4.3) - restriction: || (== net472) (&& (== net8.0) (>= net462)) (&& (== net8.0-windows10.0.17763.0) (>= net462)) (&& (== netstandard2.0) (>= net462))
      System.Security.Cryptography.Algorithms (>= 4.3)
      System.Security.Cryptography.Encoding (>= 4.3)
    System.Security.Cryptography.Xml (9.0)
      Microsoft.Bcl.Cryptography (>= 9.0)
      System.Memory (>= 4.5.5) - restriction: || (&& (== net472) (== net8.0)) (&& (== net472) (== net8.0-windows10.0.17763.0)) (&& (== net472) (< net462)) (&& (== net8.0-windows10.0.17763.0) (< net8.0)) (== netstandard2.0)
      System.Security.AccessControl (>= 6.0) - restriction: || (&& (== net472) (== net8.0)) (&& (== net472) (== net8.0-windows10.0.17763.0)) (&& (== net472) (< net462)) (&& (== net8.0-windows10.0.17763.0) (< net8.0)) (== netstandard2.0)
      System.Security.Cryptography.Pkcs (>= 9.0) - restriction: || (&& (== net472) (< net462)) (&& (== net472) (>= net8.0)) (== net8.0) (== net8.0-windows10.0.17763.0) (== netstandard2.0)
    System.Security.Permissions (4.5) - restriction: || (&& (== net472) (>= monoandroid)) (&& (== net472) (>= monotouch)) (&& (== net472) (< net40)) (&& (== net472) (>= xamarintvos)) (&& (== net472) (>= xamarinwatchos)) (== net8.0) (== net8.0-windows10.0.17763.0) (== netstandard2.0)
      System.Security.AccessControl (>= 4.5)
    System.Security.Principal.Windows (5.0)
    System.ServiceModel.Http (4.10.2)
      System.Private.ServiceModel (>= 4.10.2) - restriction: || (&& (== net472) (< net45)) (&& (== net472) (>= net6.0)) (== net8.0) (== net8.0-windows10.0.17763.0) (== netstandard2.0)
      System.ServiceModel.Primitives (>= 4.10.2)
    System.ServiceModel.Primitives (4.10.2)
      System.Private.ServiceModel (>= 4.10.2) - restriction: || (&& (== net472) (< net45)) (&& (== net472) (>= net6.0)) (== net8.0) (== net8.0-windows10.0.17763.0) (== netstandard2.0)
    System.Text.Encoding (4.3) - restriction: || (&& (== net472) (< net46)) (== net8.0) (== net8.0-windows10.0.17763.0) (== netstandard2.0)
      Microsoft.NETCore.Platforms (>= 1.1) - restriction: || (&& (== net472) (< net45)) (== net8.0) (== net8.0-windows10.0.17763.0) (== netstandard2.0)
      Microsoft.NETCore.Targets (>= 1.1) - restriction: || (&& (== net472) (< net45)) (== net8.0) (== net8.0-windows10.0.17763.0) (== netstandard2.0)
      System.Runtime (>= 4.3) - restriction: || (&& (== net472) (< net45)) (== net8.0) (== net8.0-windows10.0.17763.0) (== netstandard2.0)
    System.Text.Encoding.CodePages (8.0)
      System.Memory (>= 4.5.5) - restriction: || (== net472) (&& (== net8.0) (>= net462)) (&& (== net8.0) (< net6.0)) (&& (== net8.0-windows10.0.17763.0) (>= net462)) (&& (== net8.0-windows10.0.17763.0) (< net6.0)) (== netstandard2.0)
      System.Runtime.CompilerServices.Unsafe (>= 6.0) - restriction: || (== net472) (&& (== net8.0) (>= net462)) (&& (== net8.0) (< net6.0)) (&& (== net8.0) (< net7.0)) (&& (== net8.0-windows10.0.17763.0) (>= net462)) (&& (== net8.0-windows10.0.17763.0) (< net6.0)) (&& (== net8.0-windows10.0.17763.0) (< net7.0)) (== netstandard2.0)
    System.Text.Encoding.Extensions (4.3) - restriction: || (&& (== net472) (< net35)) (== net8.0) (== net8.0-windows10.0.17763.0) (== netstandard2.0)
      Microsoft.NETCore.Platforms (>= 1.1) - restriction: || (&& (== net472) (< net45)) (== net8.0) (== net8.0-windows10.0.17763.0) (== netstandard2.0)
      Microsoft.NETCore.Targets (>= 1.1) - restriction: || (&& (== net472) (< net45)) (== net8.0) (== net8.0-windows10.0.17763.0) (== netstandard2.0)
      System.Runtime (>= 4.3) - restriction: || (&& (== net472) (< net45)) (== net8.0) (== net8.0-windows10.0.17763.0) (== netstandard2.0)
      System.Text.Encoding (>= 4.3) - restriction: || (&& (== net472) (< net45)) (== net8.0) (== net8.0-windows10.0.17763.0) (== netstandard2.0)
    System.Text.Encodings.Web (9.0)
      System.Buffers (>= 4.5.1) - restriction: || (== net472) (&& (== net8.0) (>= net462)) (&& (== net8.0-windows10.0.17763.0) (>= net462)) (&& (== net8.0-windows10.0.17763.0) (< net8.0)) (== netstandard2.0)
      System.Memory (>= 4.5.5) - restriction: || (== net472) (&& (== net8.0) (>= net462)) (&& (== net8.0-windows10.0.17763.0) (>= net462)) (&& (== net8.0-windows10.0.17763.0) (< net8.0)) (== netstandard2.0)
      System.Runtime.CompilerServices.Unsafe (>= 6.0) - restriction: || (== net472) (&& (== net8.0) (>= net462)) (&& (== net8.0-windows10.0.17763.0) (>= net462)) (&& (== net8.0-windows10.0.17763.0) (< net8.0)) (== netstandard2.0)
    System.Text.Json (9.0)
      Microsoft.Bcl.AsyncInterfaces (>= 9.0) - restriction: || (== net472) (&& (== net8.0) (>= net462)) (&& (== net8.0-windows10.0.17763.0) (>= net462)) (&& (== net8.0-windows10.0.17763.0) (< net8.0)) (== netstandard2.0)
      System.Buffers (>= 4.5.1) - restriction: || (== net472) (&& (== net8.0) (>= net462)) (&& (== net8.0-windows10.0.17763.0) (>= net462)) (&& (== net8.0-windows10.0.17763.0) (< net8.0)) (== netstandard2.0)
      System.IO.Pipelines (>= 9.0)
      System.Memory (>= 4.5.5) - restriction: || (== net472) (&& (== net8.0) (>= net462)) (&& (== net8.0-windows10.0.17763.0) (>= net462)) (&& (== net8.0-windows10.0.17763.0) (< net8.0)) (== netstandard2.0)
      System.Runtime.CompilerServices.Unsafe (>= 6.0) - restriction: || (== net472) (&& (== net8.0) (>= net462)) (&& (== net8.0-windows10.0.17763.0) (>= net462)) (&& (== net8.0-windows10.0.17763.0) (< net8.0)) (== netstandard2.0)
      System.Text.Encodings.Web (>= 9.0)
      System.Threading.Tasks.Extensions (>= 4.5.4) - restriction: || (== net472) (&& (== net8.0) (>= net462)) (&& (== net8.0-windows10.0.17763.0) (>= net462)) (&& (== net8.0-windows10.0.17763.0) (< net8.0)) (== netstandard2.0)
      System.ValueTuple (>= 4.5) - restriction: || (== net472) (&& (== net8.0) (>= net462)) (&& (== net8.0-windows10.0.17763.0) (>= net462)) (&& (== netstandard2.0) (>= net462))
    System.Text.RegularExpressions (4.3) - restriction: || (&& (== net472) (< net35)) (== net8.0) (== net8.0-windows10.0.17763.0) (== netstandard2.0)
      System.Collections (>= 4.3) - restriction: || (&& (== net472) (== net8.0)) (&& (== net472) (== net8.0-windows10.0.17763.0)) (&& (== net472) (< net45)) (&& (== net8.0) (< netcoreapp1.1)) (&& (== net8.0-windows10.0.17763.0) (< netcoreapp1.1)) (== netstandard2.0)
      System.Globalization (>= 4.3) - restriction: || (&& (== net472) (== net8.0)) (&& (== net472) (== net8.0-windows10.0.17763.0)) (&& (== net472) (< net45)) (&& (== net8.0) (< netcoreapp1.1)) (&& (== net8.0-windows10.0.17763.0) (< netcoreapp1.1)) (== netstandard2.0)
      System.Resources.ResourceManager (>= 4.3) - restriction: || (&& (== net472) (== net8.0)) (&& (== net472) (== net8.0-windows10.0.17763.0)) (&& (== net472) (< net45)) (&& (== net8.0) (< netcoreapp1.1)) (&& (== net8.0-windows10.0.17763.0) (< netcoreapp1.1)) (== netstandard2.0)
      System.Runtime (>= 4.3) - restriction: || (&& (== net472) (< net45)) (&& (== net472) (>= netcoreapp1.1)) (== net8.0) (== net8.0-windows10.0.17763.0) (== netstandard2.0)
      System.Runtime.Extensions (>= 4.3) - restriction: || (&& (== net472) (== net8.0)) (&& (== net472) (== net8.0-windows10.0.17763.0)) (&& (== net472) (< net45)) (&& (== net8.0) (< netcoreapp1.1)) (&& (== net8.0-windows10.0.17763.0) (< netcoreapp1.1)) (== netstandard2.0)
      System.Threading (>= 4.3) - restriction: || (&& (== net472) (== net8.0)) (&& (== net472) (== net8.0-windows10.0.17763.0)) (&& (== net472) (< net45)) (&& (== net8.0) (< netcoreapp1.1)) (&& (== net8.0-windows10.0.17763.0) (< netcoreapp1.1)) (== netstandard2.0)
    System.Threading (4.3) - restriction: || (&& (== net472) (< net45)) (== net8.0) (== net8.0-windows10.0.17763.0) (== netstandard2.0)
      System.Runtime (>= 4.3) - restriction: || (&& (== net472) (< net45)) (== net8.0) (== net8.0-windows10.0.17763.0) (== netstandard2.0)
      System.Threading.Tasks (>= 4.3) - restriction: || (&& (== net472) (< net45)) (== net8.0) (== net8.0-windows10.0.17763.0) (== netstandard2.0)
    System.Threading.Channels (8.0) - restriction: || (== net472) (&& (== net8.0) (>= net462) (< netstandard2.0)) (&& (== net8.0) (>= net471)) (&& (== net8.0) (< net6.0)) (&& (== net8.0-windows10.0.17763.0) (>= net462) (< netstandard2.0)) (&& (== net8.0-windows10.0.17763.0) (>= net471)) (&& (== net8.0-windows10.0.17763.0) (< net6.0)) (== netstandard2.0)
      System.Threading.Tasks.Extensions (>= 4.5.4) - restriction: || (== net472) (&& (== net8.0) (>= net462)) (&& (== net8.0) (< netstandard2.1)) (&& (== net8.0-windows10.0.17763.0) (>= net462)) (&& (== net8.0-windows10.0.17763.0) (< netstandard2.1)) (== netstandard2.0)
    System.Threading.Tasks (4.3) - restriction: || (&& (== net472) (< net45)) (&& (== net472) (< net46)) (== net8.0) (== net8.0-windows10.0.17763.0) (== netstandard2.0)
      Microsoft.NETCore.Platforms (>= 1.1) - restriction: || (&& (== net472) (< net45)) (== net8.0) (== net8.0-windows10.0.17763.0) (== netstandard2.0)
      Microsoft.NETCore.Targets (>= 1.1) - restriction: || (&& (== net472) (< net45)) (== net8.0) (== net8.0-windows10.0.17763.0) (== netstandard2.0)
      System.Runtime (>= 4.3) - restriction: || (&& (== net472) (< net45)) (== net8.0) (== net8.0-windows10.0.17763.0) (== netstandard2.0)
    System.Threading.Tasks.Extensions (4.6)
      System.Runtime.CompilerServices.Unsafe (>= 6.1) - restriction: || (== net472) (&& (== net8.0) (>= net462)) (&& (== net8.0) (< netcoreapp2.1)) (&& (== net8.0-windows10.0.17763.0) (>= net462)) (&& (== net8.0-windows10.0.17763.0) (< netcoreapp2.1)) (== netstandard2.0)
    System.ValueTuple (4.5)
    System.Xml.ReaderWriter (4.3) - restriction: || (&& (== net472) (< net35)) (== net8.0) (== net8.0-windows10.0.17763.0) (== netstandard2.0)
      System.Collections (>= 4.3) - restriction: || (&& (== net472) (< net45)) (== net8.0) (== net8.0-windows10.0.17763.0) (== netstandard2.0)
      System.Diagnostics.Debug (>= 4.3) - restriction: || (&& (== net472) (< net45)) (== net8.0) (== net8.0-windows10.0.17763.0) (== netstandard2.0)
      System.Globalization (>= 4.3) - restriction: || (&& (== net472) (< net45)) (== net8.0) (== net8.0-windows10.0.17763.0) (== netstandard2.0)
      System.IO (>= 4.3) - restriction: || (&& (== net472) (< net45)) (== net8.0) (== net8.0-windows10.0.17763.0) (== netstandard2.0)
      System.IO.FileSystem (>= 4.3) - restriction: || (&& (== net472) (< net45)) (== net8.0) (== net8.0-windows10.0.17763.0) (== netstandard2.0)
      System.IO.FileSystem.Primitives (>= 4.3) - restriction: || (&& (== net472) (< net45)) (== net8.0) (== net8.0-windows10.0.17763.0) (== netstandard2.0)
      System.Resources.ResourceManager (>= 4.3) - restriction: || (&& (== net472) (< net45)) (== net8.0) (== net8.0-windows10.0.17763.0) (== netstandard2.0)
      System.Runtime (>= 4.3) - restriction: || (&& (== net472) (< net45)) (== net8.0) (== net8.0-windows10.0.17763.0) (== netstandard2.0)
      System.Runtime.Extensions (>= 4.3) - restriction: || (&& (== net472) (< net45)) (== net8.0) (== net8.0-windows10.0.17763.0) (== netstandard2.0)
      System.Runtime.InteropServices (>= 4.3) - restriction: || (&& (== net472) (< net45)) (== net8.0) (== net8.0-windows10.0.17763.0) (== netstandard2.0)
      System.Text.Encoding (>= 4.3) - restriction: || (&& (== net472) (< net45)) (== net8.0) (== net8.0-windows10.0.17763.0) (== netstandard2.0)
      System.Text.Encoding.Extensions (>= 4.3) - restriction: || (&& (== net472) (< net45)) (== net8.0) (== net8.0-windows10.0.17763.0) (== netstandard2.0)
      System.Text.RegularExpressions (>= 4.3) - restriction: || (&& (== net472) (< net45)) (== net8.0) (== net8.0-windows10.0.17763.0) (== netstandard2.0)
      System.Threading.Tasks (>= 4.3) - restriction: || (&& (== net472) (< net45)) (== net8.0) (== net8.0-windows10.0.17763.0) (== netstandard2.0)
      System.Threading.Tasks.Extensions (>= 4.3) - restriction: || (&& (== net472) (< net45)) (== net8.0) (== net8.0-windows10.0.17763.0) (== netstandard2.0)
    System.Xml.XDocument (4.3) - restriction: || (&& (== net472) (< net35)) (== net8.0) (== net8.0-windows10.0.17763.0) (== netstandard2.0)
      System.Collections (>= 4.3) - restriction: || (&& (== net472) (< net45)) (== net8.0) (== net8.0-windows10.0.17763.0) (== netstandard2.0)
      System.Diagnostics.Debug (>= 4.3) - restriction: || (&& (== net472) (< net45)) (== net8.0) (== net8.0-windows10.0.17763.0) (== netstandard2.0)
      System.Diagnostics.Tools (>= 4.3) - restriction: || (&& (== net472) (< net45)) (== net8.0) (== net8.0-windows10.0.17763.0) (== netstandard2.0)
      System.Globalization (>= 4.3) - restriction: || (&& (== net472) (< net45)) (== net8.0) (== net8.0-windows10.0.17763.0) (== netstandard2.0)
      System.IO (>= 4.3) - restriction: || (&& (== net472) (< net45)) (== net8.0) (== net8.0-windows10.0.17763.0) (== netstandard2.0)
      System.Reflection (>= 4.3) - restriction: || (&& (== net472) (< net45)) (== net8.0) (== net8.0-windows10.0.17763.0) (== netstandard2.0)
      System.Resources.ResourceManager (>= 4.3) - restriction: || (&& (== net472) (< net45)) (== net8.0) (== net8.0-windows10.0.17763.0) (== netstandard2.0)
      System.Runtime (>= 4.3) - restriction: || (&& (== net472) (< net45)) (== net8.0) (== net8.0-windows10.0.17763.0) (== netstandard2.0)
      System.Runtime.Extensions (>= 4.3) - restriction: || (&& (== net472) (< net45)) (== net8.0) (== net8.0-windows10.0.17763.0) (== netstandard2.0)
      System.Text.Encoding (>= 4.3) - restriction: || (&& (== net472) (< net45)) (== net8.0) (== net8.0-windows10.0.17763.0) (== netstandard2.0)
      System.Threading (>= 4.3) - restriction: || (&& (== net472) (< net45)) (== net8.0) (== net8.0-windows10.0.17763.0) (== netstandard2.0)
      System.Xml.ReaderWriter (>= 4.3) - restriction: || (&& (== net472) (< net45)) (== net8.0) (== net8.0-windows10.0.17763.0) (== netstandard2.0)
    System.Xml.XmlDocument (4.3) - restriction: || (&& (== net472) (< net35)) (== net8.0) (== net8.0-windows10.0.17763.0) (== netstandard2.0)
      System.Collections (>= 4.3) - restriction: || (&& (== net472) (< net46)) (== net8.0) (== net8.0-windows10.0.17763.0) (== netstandard2.0)
      System.Diagnostics.Debug (>= 4.3) - restriction: || (&& (== net472) (< net46)) (== net8.0) (== net8.0-windows10.0.17763.0) (== netstandard2.0)
      System.Globalization (>= 4.3) - restriction: || (&& (== net472) (< net46)) (== net8.0) (== net8.0-windows10.0.17763.0) (== netstandard2.0)
      System.IO (>= 4.3) - restriction: || (&& (== net472) (< net46)) (== net8.0) (== net8.0-windows10.0.17763.0) (== netstandard2.0)
      System.Resources.ResourceManager (>= 4.3) - restriction: || (&& (== net472) (< net46)) (== net8.0) (== net8.0-windows10.0.17763.0) (== netstandard2.0)
      System.Runtime (>= 4.3) - restriction: || (&& (== net472) (< net46)) (== net8.0) (== net8.0-windows10.0.17763.0) (== netstandard2.0)
      System.Runtime.Extensions (>= 4.3) - restriction: || (&& (== net472) (< net46)) (== net8.0) (== net8.0-windows10.0.17763.0) (== netstandard2.0)
      System.Text.Encoding (>= 4.3) - restriction: || (&& (== net472) (< net46)) (== net8.0) (== net8.0-windows10.0.17763.0) (== netstandard2.0)
      System.Threading (>= 4.3) - restriction: || (&& (== net472) (< net46)) (== net8.0) (== net8.0-windows10.0.17763.0) (== netstandard2.0)
      System.Xml.ReaderWriter (>= 4.3) - restriction: || (&& (== net472) (< net46)) (== net8.0) (== net8.0-windows10.0.17763.0) (== netstandard2.0)
    System.Xml.XmlSerializer (4.3) - restriction: || (&& (== net472) (< net35)) (== net8.0) (== net8.0-windows10.0.17763.0) (== netstandard2.0)
      System.Collections (>= 4.3) - restriction: || (&& (== net472) (< net45)) (== net8.0) (== net8.0-windows10.0.17763.0) (== netstandard2.0)
      System.Globalization (>= 4.3) - restriction: || (&& (== net472) (< net45)) (== net8.0) (== net8.0-windows10.0.17763.0) (== netstandard2.0)
      System.IO (>= 4.3) - restriction: || (&& (== net472) (< net45)) (== net8.0) (== net8.0-windows10.0.17763.0) (== netstandard2.0)
      System.Linq (>= 4.3) - restriction: || (&& (== net472) (< net45)) (== net8.0) (== net8.0-windows10.0.17763.0) (== netstandard2.0)
      System.Reflection (>= 4.3) - restriction: || (&& (== net472) (< net45)) (== net8.0) (== net8.0-windows10.0.17763.0) (== netstandard2.0)
      System.Reflection.Emit (>= 4.3) - restriction: || (&& (== net472) (< net45)) (== net8.0) (== net8.0-windows10.0.17763.0) (== netstandard2.0)
      System.Reflection.Emit.ILGeneration (>= 4.3) - restriction: || (&& (== net472) (< net45)) (== net8.0) (== net8.0-windows10.0.17763.0) (== netstandard2.0)
      System.Reflection.Extensions (>= 4.3) - restriction: || (&& (== net472) (< net45)) (== net8.0) (== net8.0-windows10.0.17763.0) (== netstandard2.0)
      System.Reflection.Primitives (>= 4.3) - restriction: || (&& (== net472) (< net45)) (== net8.0) (== net8.0-windows10.0.17763.0) (== netstandard2.0)
      System.Reflection.TypeExtensions (>= 4.3) - restriction: || (&& (== net472) (< net45)) (== net8.0) (== net8.0-windows10.0.17763.0) (== netstandard2.0)
      System.Resources.ResourceManager (>= 4.3) - restriction: || (&& (== net472) (< net45)) (== net8.0) (== net8.0-windows10.0.17763.0) (== netstandard2.0)
      System.Runtime (>= 4.3) - restriction: || (&& (== net472) (< net45)) (== net8.0) (== net8.0-windows10.0.17763.0) (== netstandard2.0)
      System.Runtime.Extensions (>= 4.3) - restriction: || (&& (== net472) (< net45)) (== net8.0) (== net8.0-windows10.0.17763.0) (== netstandard2.0)
      System.Text.RegularExpressions (>= 4.3) - restriction: || (&& (== net472) (< net45)) (== net8.0) (== net8.0-windows10.0.17763.0) (== netstandard2.0)
      System.Threading (>= 4.3) - restriction: || (&& (== net472) (< net45)) (== net8.0) (== net8.0-windows10.0.17763.0) (== netstandard2.0)
      System.Xml.ReaderWriter (>= 4.3) - restriction: || (&& (== net472) (< net45)) (== net8.0) (== net8.0-windows10.0.17763.0) (== netstandard2.0)
      System.Xml.XmlDocument (>= 4.3) - restriction: || (&& (== net472) (< net45)) (== net8.0) (== net8.0-windows10.0.17763.0) (== netstandard2.0)
